{
  "aor": 0.0007227593818984547,
  "aqi": 0.005051395474613687,
  "bids_meta": {
    "AcquisitionMatrixPE": 104,
    "AcquisitionNumber": 1,
    "AcquisitionTime": "15:56:24.830000",
    "BandwidthPerPixelPhaseEncode": 17.17,
    "BaseResolution": 104,
    "BodyPartExamined": "BRAIN",
    "CogAtlasID": "https://cognitiveatlas.org/task/id/trm_4c898da401420",
    "CoilString": "HC1-7;NC1_2",
    "ConsistencyInfo": "N4_VE11C_LATEST_20160120",
    "ConversionSoftware": "dcm2niix",
    "ConversionSoftwareVersion": "v1.0.20200427",
    "DerivedVendorReportedEchoSpacing": 0.000560011,
    "DeviceSerialNumber": "167006",
    "DwellTime": 2.1e-06,
    "EchoTime": 0.037,
    "EchoTrainLength": 104,
    "EffectiveEchoSpacing": 0.000560011,
    "FlipAngle": 52,
    "ImageComments": "Unaliased_MB4_PE3_LB",
    "ImageOrientationPatientDICOM": [
      0.998029,
      -0.0102391,
      -0.0619105,
      -0.00557403,
      0.968233,
      -0.249988
    ],
    "ImageType": [
      "ORIGINAL",
      "PRIMARY",
      "M",
      "MB",
      "ND",
      "MOSAIC"
    ],
    "ImagingFrequency": 123.258,
    "InPlanePhaseEncodingDirectionDICOM": "COL",
    "InstitutionAddress": "Chemin_Queen-Mary_4565_Montreal_District_CA_H3W_1W5",
    "InstitutionName": "IUGM",
    "InstitutionalDepartmentName": "Department",
    "MRAcquisitionType": "2D",
    "MagneticFieldStrength": 3,
    "Manufacturer": "Siemens",
    "ManufacturersModelName": "Prisma_fit",
    "Modality": "MR",
    "MultibandAccelerationFactor": 4,
    "PartialFourier": 1,
    "PatientPosition": "HFS",
    "PercentPhaseFOV": 100,
    "PercentSampling": 100,
    "PhaseEncodingDirection": "j",
    "PhaseEncodingSteps": 104,
    "PhaseResolution": 1,
    "PixelBandwidth": 2290,
    "ProcedureStepDescription": "video_friends",
    "ProtocolName": "func_task-friends-s02e22b",
    "PulseSequenceDetails": "%CustomerSeq%_cmrr_mbep2d_bold",
    "ReceiveCoilActiveElements": "HC1-7;NC1,2",
    "ReceiveCoilName": "HeadNeck_64",
    "ReconMatrixPE": 104,
    "RepetitionTime": 1.49,
    "SAR": 0.0298024,
    "ScanOptions": "FS",
    "ScanningSequence": "EP",
    "SequenceName": "epfid2d1_104",
    "SequenceVariant": "SK_SS",
    "SeriesDescription": "func_task-friends-s02e22b",
    "SeriesNumber": 11,
    "ShimSetting": [
      596,
      -7265,
      -8834,
      579,
      -53,
      -335,
      28,
      36
    ],
    "SliceThickness": 2,
    "SliceTiming": [
      0,
      0.785,
      0.0975,
      0.8825,
      0.195,
      0.98,
      0.295,
      1.0775,
      0.3925,
      1.175,
      0.49,
      1.275,
      0.5875,
      1.3725,
      0.685,
      0,
      0.785,
      0.0975,
      0.8825,
      0.195,
      0.98,
      0.295,
      1.0775,
      0.3925,
      1.175,
      0.49,
      1.275,
      0.5875,
      1.3725,
      0.685,
      0,
      0.785,
      0.0975,
      0.8825,
      0.195,
      0.98,
      0.295,
      1.0775,
      0.3925,
      1.175,
      0.49,
      1.275,
      0.5875,
      1.3725,
      0.685,
      0,
      0.785,
      0.0975,
      0.8825,
      0.195,
      0.98,
      0.295,
      1.0775,
      0.3925,
      1.175,
      0.49,
      1.275,
      0.5875,
      1.3725,
      0.685
    ],
    "SoftwareVersions": "syngo_MR_E11",
    "SpacingBetweenSlices": 2,
    "StationName": "MRC35049",
    "TaskName": "s02e22b",
    "TotalReadoutTime": 0.0576811,
    "TxRefAmp": 217.734,
    "WipMemBlock": "5fc6cc5d-ab77-41f5-b08b-f4f57b358b7e||Sequence: R016 ve11c/master r/e634e98; Dec 19 2017 11:00:25 by eja",
    "dataset": "<unset>",
    "modality": "bold",
    "session_id": "020",
    "subject_id": "04",
    "task_id": "s02e22b"
  },
  "dummy_trs": 0,
  "dvars_nstd": 37.73561294517698,
  "dvars_std": 1.0435473884070798,
  "dvars_vstd": 1.0112604404203536,
  "efc": 0.575948250202792,
  "fber": 210.46087646484375,
  "fd_mean": 0.07485939073229017,
  "fd_num": 0,
  "fd_perc": 0.0,
  "fwhm_avg": 2.7034100000000003,
  "fwhm_x": 2.578115,
  "fwhm_y": 2.760975,
  "fwhm_z": 2.77114,
  "gcor": 0.00499535,
  "gsr_x": -0.02349228225648403,
  "gsr_y": 0.06564948707818985,
  "provenance": {
    "md5sum": "90a8589b340049f9578871b2869026bb",
    "settings": {
      "fd_thres": 0.2,
      "testing": false
    },
    "software": "mriqc",
    "version": "22.0.1",
    "webapi_port": null,
    "webapi_url": "https://mriqc.nimh.nih.gov/api/v1"
  },
  "size_t": 453,
  "size_x": 104,
  "size_y": 104,
  "size_z": 60,
  "snr": 2.383652711588846,
  "spacing_tr": 1.4900000095367432,
  "spacing_x": 2.0,
  "spacing_y": 2.0,
  "spacing_z": 2.0,
  "summary_bg_k": 32.2613584959312,
  "summary_bg_mad": 59.257983648040934,
  "summary_bg_mean": 922.5487060546875,
  "summary_bg_median": 593.449951171875,
  "summary_bg_n": 411252.0,
  "summary_bg_p05": 541.6314758300781,
  "summary_bg_p95": 2728.935144042968,
  "summary_bg_stdv": 958.6264038085938,
  "summary_fg_k": 4.298471936434751,
  "summary_fg_mad": 3121.303338950621,
  "summary_fg_mean": 9315.8837890625,
  "summary_fg_median": 8758.0048828125,
  "summary_fg_n": 145451.0,
  "summary_fg_p05": 4677.386962890625,
  "summary_fg_p95": 15688.32373046875,
  "summary_fg_stdv": 3674.182373046875,
  "tsnr": 35.84101486206055
}