{
  "aor": 0.000385929018789144,
  "aqi": 0.007099259415448852,
  "bids_meta": {
    "AcquisitionMatrixPE": 104,
    "AcquisitionNumber": 1,
    "AcquisitionTime": "10:31:25.897500",
    "BandwidthPerPixelPhaseEncode": 17.17,
    "BaseResolution": 104,
    "BodyPartExamined": "BRAIN",
    "CogAtlasID": "https://cognitiveatlas.org/task/id/trm_4c898da401420",
    "CoilString": "HC1-7;NC1_2",
    "ConsistencyInfo": "N4_VE11C_LATEST_20160120",
    "ConversionSoftware": "dcm2niix",
    "ConversionSoftwareVersion": "v1.0.20200427",
    "DerivedVendorReportedEchoSpacing": 0.000560011,
    "DeviceSerialNumber": "167006",
    "DwellTime": 2.1e-06,
    "EchoTime": 0.037,
    "EchoTrainLength": 104,
    "EffectiveEchoSpacing": 0.000560011,
    "FlipAngle": 52,
    "ImageComments": "Unaliased_MB4_PE3_LB",
    "ImageOrientationPatientDICOM": [
      0.998992,
      0.0379062,
      0.0240568,
      -0.0296494,
      0.959399,
      -0.280491
    ],
    "ImageType": [
      "ORIGINAL",
      "PRIMARY",
      "M",
      "MB",
      "ND",
      "MOSAIC"
    ],
    "ImagingFrequency": 123.259,
    "InPlanePhaseEncodingDirectionDICOM": "COL",
    "InstitutionAddress": "Chemin_Queen-Mary_4565_Montreal_District_CA_H3W_1W5",
    "InstitutionName": "Institut_Universitaire_de_Geriatrie_de_Montreal",
    "InstitutionalDepartmentName": "Department",
    "MRAcquisitionType": "2D",
    "MagneticFieldStrength": 3,
    "Manufacturer": "Siemens",
    "ManufacturersModelName": "Prisma_fit",
    "Modality": "MR",
    "MultibandAccelerationFactor": 4,
    "PartialFourier": 1,
    "PatientPosition": "HFS",
    "PercentPhaseFOV": 100,
    "PercentSampling": 100,
    "PhaseEncodingDirection": "j",
    "PhaseEncodingSteps": 104,
    "PhaseResolution": 1,
    "PixelBandwidth": 2290,
    "ProcedureStepDescription": "video_friends",
    "ProtocolName": "func_task-friends-s02e10b",
    "PulseSequenceDetails": "%CustomerSeq%_cmrr_mbep2d_bold",
    "ReceiveCoilActiveElements": "HC1-7;NC1,2",
    "ReceiveCoilName": "HeadNeck_64",
    "ReconMatrixPE": 104,
    "RepetitionTime": 1.49,
    "SAR": 0.0383972,
    "ScanOptions": "FS",
    "ScanningSequence": "EP",
    "SequenceName": "epfid2d1_104",
    "SequenceVariant": "SK_SS",
    "SeriesDescription": "func_task-friends-s02e10b",
    "SeriesNumber": 18,
    "ShimSetting": [
      635,
      -7208,
      -8829,
      664,
      75,
      -55,
      73,
      -5
    ],
    "SliceThickness": 2,
    "SliceTiming": [
      0,
      0.785,
      0.1,
      0.8825,
      0.1975,
      0.98,
      0.295,
      1.0775,
      0.3925,
      1.1775,
      0.49,
      1.275,
      0.5875,
      1.3725,
      0.6875,
      0,
      0.785,
      0.1,
      0.8825,
      0.1975,
      0.98,
      0.295,
      1.0775,
      0.3925,
      1.1775,
      0.49,
      1.275,
      0.5875,
      1.3725,
      0.6875,
      0,
      0.785,
      0.1,
      0.8825,
      0.1975,
      0.98,
      0.295,
      1.0775,
      0.3925,
      1.1775,
      0.49,
      1.275,
      0.5875,
      1.3725,
      0.6875,
      0,
      0.785,
      0.1,
      0.8825,
      0.1975,
      0.98,
      0.295,
      1.0775,
      0.3925,
      1.1775,
      0.49,
      1.275,
      0.5875,
      1.3725,
      0.6875
    ],
    "SoftwareVersions": "syngo_MR_E11",
    "SpacingBetweenSlices": 2,
    "StationName": "MRC35049",
    "TaskName": "s02e10b",
    "TotalReadoutTime": 0.0576811,
    "TxRefAmp": 248.871,
    "WipMemBlock": "17716ed7-7221-40d4-a62b-03fc31053118||Sequence: R016 ve11c/master r/e634e98; Dec 19 2017 11:00:25 by eja",
    "dataset": "<unset>",
    "modality": "bold",
    "session_id": "013",
    "subject_id": "01",
    "task_id": "s02e10b"
  },
  "dummy_trs": 0,
  "dvars_nstd": 38.75094819154815,
  "dvars_std": 1.0355999734728036,
  "dvars_vstd": 0.9862398894979079,
  "efc": 0.6007722650711536,
  "fber": 188.7836151123047,
  "fd_mean": 0.10589737857405748,
  "fd_num": 22,
  "fd_perc": 4.592901878914405,
  "fwhm_avg": 2.590596666666667,
  "fwhm_x": 2.503725,
  "fwhm_y": 2.59802,
  "fwhm_z": 2.670045,
  "gcor": 0.00817695,
  "gsr_x": 0.0101812444627285,
  "gsr_y": 0.06107618287205696,
  "provenance": {
    "md5sum": "24deb03c36f18427981ec06017b345e6",
    "settings": {
      "fd_thres": 0.2,
      "testing": false
    },
    "software": "mriqc",
    "version": "22.0.1",
    "webapi_port": null,
    "webapi_url": "https://mriqc.nimh.nih.gov/api/v1"
  },
  "size_t": 479,
  "size_x": 104,
  "size_y": 104,
  "size_z": 60,
  "snr": 2.5534742922444456,
  "spacing_tr": 1.4900000095367432,
  "spacing_x": 2.0,
  "spacing_y": 2.0,
  "spacing_z": 2.0,
  "summary_bg_k": 22.161289981857404,
  "summary_bg_mad": 141.80523747234608,
  "summary_bg_mean": 1170.5194091796875,
  "summary_bg_median": 662.1787109375,
  "summary_bg_n": 400406.0,
  "summary_bg_p05": 534.2894897460938,
  "summary_bg_p95": 3920.9299926757812,
  "summary_bg_stdv": 1370.6182861328125,
  "summary_fg_k": 2.193958493703711,
  "summary_fg_mad": 3319.13771051903,
  "summary_fg_mean": 9901.8291015625,
  "summary_fg_median": 9350.935546875,
  "summary_fg_n": 147744.0,
  "summary_fg_p05": 5075.864013671875,
  "summary_fg_p95": 16569.567089843753,
  "summary_fg_stdv": 3662.03173828125,
  "tsnr": 34.86565399169922
}