{
  "aor": 0.0008194563106796117,
  "aqi": 0.007545266077669904,
  "bids_meta": {
    "AcquisitionMatrixPE": 104,
    "AcquisitionNumber": 1,
    "AcquisitionTime": "09:24:4.817500",
    "BandwidthPerPixelPhaseEncode": 17.17,
    "BaseResolution": 104,
    "BodyPartExamined": "BRAIN",
    "CogAtlasID": "https://cognitiveatlas.org/task/id/trm_4c898da401420",
    "CoilString": "HC1-7;NC1_2",
    "ConsistencyInfo": "N4_VE11C_LATEST_20160120",
    "ConversionSoftware": "dcm2niix",
    "ConversionSoftwareVersion": "v1.0.20200427",
    "DerivedVendorReportedEchoSpacing": 0.000560011,
    "DeviceSerialNumber": "167006",
    "DwellTime": 2.1e-06,
    "EchoTime": 0.037,
    "EchoTrainLength": 104,
    "EffectiveEchoSpacing": 0.000560011,
    "FlipAngle": 52,
    "ImageComments": "Unaliased_MB4_PE3_LB",
    "ImageOrientationPatientDICOM": [
      0.997582,
      -0.00635479,
      -0.0692075,
      -0.00940228,
      0.974315,
      -0.224992
    ],
    "ImageType": [
      "ORIGINAL",
      "PRIMARY",
      "M",
      "MB",
      "ND",
      "MOSAIC"
    ],
    "ImagingFrequency": 123.259,
    "InPlanePhaseEncodingDirectionDICOM": "COL",
    "InstitutionAddress": "Chemin_Queen-Mary_4565_Montreal_District_CA_H3W_1W5",
    "InstitutionName": "IUGM",
    "InstitutionalDepartmentName": "Department",
    "MRAcquisitionType": "2D",
    "MagneticFieldStrength": 3,
    "Manufacturer": "Siemens",
    "ManufacturersModelName": "Prisma_fit",
    "Modality": "MR",
    "MultibandAccelerationFactor": 4,
    "PartialFourier": 1,
    "PatientPosition": "HFS",
    "PercentPhaseFOV": 100,
    "PercentSampling": 100,
    "PhaseEncodingDirection": "j",
    "PhaseEncodingSteps": 104,
    "PhaseResolution": 1,
    "PixelBandwidth": 2290,
    "ProcedureStepDescription": "video_friends",
    "ProtocolName": "func_task-friends-s01e24a",
    "PulseSequenceDetails": "%CustomerSeq%_cmrr_mbep2d_bold",
    "ReceiveCoilActiveElements": "HC1-7;NC1,2",
    "ReceiveCoilName": "HeadNeck_64",
    "ReconMatrixPE": 104,
    "RepetitionTime": 1.49,
    "SAR": 0.0348095,
    "ScanOptions": "FS",
    "ScanningSequence": "EP",
    "SequenceName": "epfid2d1_104",
    "SequenceVariant": "SK_SS",
    "SeriesDescription": "func_task-friends-s01e24a",
    "SeriesNumber": 24,
    "ShimSetting": [
      594,
      -7260,
      -8822,
      589,
      -72,
      -283,
      25,
      38
    ],
    "SliceThickness": 2,
    "SliceTiming": [
      0,
      0.7825,
      0.0975,
      0.88,
      0.195,
      0.98,
      0.2925,
      1.0775,
      0.39,
      1.175,
      0.49,
      1.2725,
      0.5875,
      1.37,
      0.685,
      0,
      0.7825,
      0.0975,
      0.88,
      0.195,
      0.98,
      0.2925,
      1.0775,
      0.39,
      1.175,
      0.49,
      1.2725,
      0.5875,
      1.37,
      0.685,
      0,
      0.7825,
      0.0975,
      0.88,
      0.195,
      0.98,
      0.2925,
      1.0775,
      0.39,
      1.175,
      0.49,
      1.2725,
      0.5875,
      1.37,
      0.685,
      0,
      0.7825,
      0.0975,
      0.88,
      0.195,
      0.98,
      0.2925,
      1.0775,
      0.39,
      1.175,
      0.49,
      1.2725,
      0.5875,
      1.37,
      0.685
    ],
    "SoftwareVersions": "syngo_MR_E11",
    "SpacingBetweenSlices": 2,
    "StationName": "MRC35049",
    "TaskName": "s01e24a",
    "TotalReadoutTime": 0.0576811,
    "TxRefAmp": 218.426,
    "WipMemBlock": "8aed0dcf-2eea-4690-ace3-69ab5687be42||Sequence: R016 ve11c/master r/e634e98; Dec 19 2017 11:00:25 by eja",
    "dataset": "<unset>",
    "modality": "bold",
    "session_id": "011",
    "subject_id": "04",
    "task_id": "s01e24a"
  },
  "dummy_trs": 0,
  "dvars_nstd": 40.24377977262639,
  "dvars_std": 1.0454781974319058,
  "dvars_vstd": 0.998361066712063,
  "efc": 0.5738711545599517,
  "fber": 211.99496459960938,
  "fd_mean": 0.11204501133067146,
  "fd_num": 39,
  "fd_perc": 7.572815533980583,
  "fwhm_avg": 2.7114833333333332,
  "fwhm_x": 2.597355,
  "fwhm_y": 2.79501,
  "fwhm_z": 2.742085,
  "gcor": 0.0231636,
  "gsr_x": -0.023411715403199196,
  "gsr_y": 0.06499770283699036,
  "provenance": {
    "md5sum": "b76621e537f7fcaff3bd356180d180ad",
    "settings": {
      "fd_thres": 0.2,
      "testing": false
    },
    "software": "mriqc",
    "version": "22.0.1",
    "webapi_port": null,
    "webapi_url": "https://mriqc.nimh.nih.gov/api/v1"
  },
  "size_t": 515,
  "size_x": 104,
  "size_y": 104,
  "size_z": 60,
  "snr": 2.360901468172429,
  "spacing_tr": 1.4900000095367432,
  "spacing_x": 2.0,
  "spacing_y": 2.0,
  "spacing_z": 2.0,
  "summary_bg_k": 28.24738408264277,
  "summary_bg_mad": 64.29217106380653,
  "summary_bg_mean": 945.69970703125,
  "summary_bg_median": 599.4502563476562,
  "summary_bg_n": 414252.0,
  "summary_bg_p05": 541.369482421875,
  "summary_bg_p95": 2875.2631958007773,
  "summary_bg_stdv": 988.8375244140625,
  "summary_fg_k": 4.717941740121885,
  "summary_fg_mad": 3151.3506473887523,
  "summary_fg_mean": 9434.8251953125,
  "summary_fg_median": 8853.8984375,
  "summary_fg_n": 143357.0,
  "summary_fg_p05": 4774.77236328125,
  "summary_fg_p95": 15931.893164062496,
  "summary_fg_stdv": 3750.206298828125,
  "tsnr": 31.13888168334961
}