{
  "aor": 0.00036900634249471457,
  "aqi": 0.00433047287526427,
  "bids_meta": {
    "AcquisitionMatrixPE": 104,
    "AcquisitionNumber": 1,
    "AcquisitionTime": "08:36:40.467500",
    "BandwidthPerPixelPhaseEncode": 17.17,
    "BaseResolution": 104,
    "BodyPartExamined": "BRAIN",
    "CogAtlasID": "https://cognitiveatlas.org/task/id/trm_4c898da401420",
    "CoilString": "HC1-7;NC1_2",
    "ConsistencyInfo": "N4_VE11C_LATEST_20160120",
    "ConversionSoftware": "dcm2niix",
    "ConversionSoftwareVersion": "v1.0.20200427",
    "DerivedVendorReportedEchoSpacing": 0.000560011,
    "DeviceSerialNumber": "167006",
    "DwellTime": 2.1e-06,
    "EchoTime": 0.037,
    "EchoTrainLength": 104,
    "EffectiveEchoSpacing": 0.000560011,
    "FlipAngle": 52,
    "ImageComments": "Unaliased_MB4_PE3_LB",
    "ImageOrientationPatientDICOM": [
      0.997369,
      0.00957008,
      -0.0718511,
      -0.0252461,
      0.975044,
      -0.220573
    ],
    "ImageType": [
      "ORIGINAL",
      "PRIMARY",
      "M",
      "MB",
      "ND",
      "MOSAIC"
    ],
    "ImagingFrequency": 123.259,
    "InPlanePhaseEncodingDirectionDICOM": "COL",
    "InstitutionAddress": "Chemin_Queen-Mary_4565_Montreal_District_CA_H3W_1W5",
    "InstitutionName": "IUGM",
    "InstitutionalDepartmentName": "Department",
    "MRAcquisitionType": "2D",
    "MagneticFieldStrength": 3,
    "Manufacturer": "Siemens",
    "ManufacturersModelName": "Prisma_fit",
    "Modality": "MR",
    "MultibandAccelerationFactor": 4,
    "PartialFourier": 1,
    "PatientPosition": "HFS",
    "PercentPhaseFOV": 100,
    "PercentSampling": 100,
    "PhaseEncodingDirection": "j",
    "PhaseEncodingSteps": 104,
    "PhaseResolution": 1,
    "PixelBandwidth": 2290,
    "ProcedureStepDescription": "video_friends",
    "ProtocolName": "func_task-friends-s01e22b",
    "PulseSequenceDetails": "%CustomerSeq%_cmrr_mbep2d_bold",
    "ReceiveCoilActiveElements": "HC1-7;NC1,2",
    "ReceiveCoilName": "HeadNeck_64",
    "ReconMatrixPE": 104,
    "RepetitionTime": 1.49,
    "SAR": 0.0333891,
    "ScanOptions": "FS",
    "ScanningSequence": "EP",
    "SequenceName": "epfid2d1_104",
    "SequenceVariant": "SK_SS",
    "SeriesDescription": "func_task-friends-s01e22b",
    "SeriesNumber": 11,
    "ShimSetting": [
      594,
      -7253,
      -8838,
      568,
      -75,
      -304,
      23,
      73
    ],
    "SliceThickness": 2,
    "SliceTiming": [
      0,
      0.785,
      0.0975,
      0.8825,
      0.195,
      0.98,
      0.295,
      1.0775,
      0.3925,
      1.175,
      0.49,
      1.275,
      0.5875,
      1.3725,
      0.685,
      0,
      0.785,
      0.0975,
      0.8825,
      0.195,
      0.98,
      0.295,
      1.0775,
      0.3925,
      1.175,
      0.49,
      1.275,
      0.5875,
      1.3725,
      0.685,
      0,
      0.785,
      0.0975,
      0.8825,
      0.195,
      0.98,
      0.295,
      1.0775,
      0.3925,
      1.175,
      0.49,
      1.275,
      0.5875,
      1.3725,
      0.685,
      0,
      0.785,
      0.0975,
      0.8825,
      0.195,
      0.98,
      0.295,
      1.0775,
      0.3925,
      1.175,
      0.49,
      1.275,
      0.5875,
      1.3725,
      0.685
    ],
    "SoftwareVersions": "syngo_MR_E11",
    "SpacingBetweenSlices": 2,
    "StationName": "MRC35049",
    "TaskName": "s01e22b",
    "TotalReadoutTime": 0.0576811,
    "TxRefAmp": 216.101,
    "WipMemBlock": "60b0283b-4d6e-4972-90c9-a1d30ce0107b||Sequence: R016 ve11c/master r/e634e98; Dec 19 2017 11:00:25 by eja",
    "dataset": "<unset>",
    "modality": "bold",
    "session_id": "011",
    "subject_id": "04",
    "task_id": "s01e22b"
  },
  "dummy_trs": 1,
  "dvars_nstd": 38.77818354942798,
  "dvars_std": 1.0619645979872878,
  "dvars_vstd": 1.001432073241525,
  "efc": 0.5728283494669248,
  "fber": 218.29312133789062,
  "fd_mean": 0.07057280076477891,
  "fd_num": 1,
  "fd_perc": 0.21141649048625794,
  "fwhm_avg": 2.728013333333333,
  "fwhm_x": 2.618755,
  "fwhm_y": 2.790595,
  "fwhm_z": 2.77469,
  "gcor": 0.00667613,
  "gsr_x": -0.024386780336499214,
  "gsr_y": 0.06373374164104462,
  "provenance": {
    "md5sum": "a0ecbea9156306a91201daa5090697f3",
    "settings": {
      "fd_thres": 0.2,
      "testing": false
    },
    "software": "mriqc",
    "version": "22.0.1",
    "webapi_port": null,
    "webapi_url": "https://mriqc.nimh.nih.gov/api/v1"
  },
  "size_t": 473,
  "size_x": 104,
  "size_y": 104,
  "size_z": 60,
  "snr": 2.33940775481493,
  "spacing_tr": 1.4900000095367432,
  "spacing_x": 2.0,
  "spacing_y": 2.0,
  "spacing_z": 2.0,
  "summary_bg_k": 31.42282814060023,
  "summary_bg_mad": 59.30236941392088,
  "summary_bg_mean": 934.1730346679688,
  "summary_bg_median": 595.8113403320312,
  "summary_bg_n": 411725.0,
  "summary_bg_p05": 546.4623779296875,
  "summary_bg_p95": 2818.5794921875,
  "summary_bg_stdv": 975.5398559570312,
  "summary_fg_k": 4.51464292661042,
  "summary_fg_mad": 3233.8616596244033,
  "summary_fg_mean": 9540.26953125,
  "summary_fg_median": 8946.529296875,
  "summary_fg_n": 144701.0,
  "summary_fg_p05": 4798.310546875,
  "summary_fg_p95": 16164.13671875,
  "summary_fg_stdv": 3824.2578125,
  "tsnr": 37.68903732299805
}