{
  "aor": 0.0013937238493723846,
  "aqi": 0.01281026658995816,
  "bids_meta": {
    "AcquisitionMatrixPE": 104,
    "AcquisitionNumber": 1,
    "AcquisitionTime": "09:38:52.052500",
    "BandwidthPerPixelPhaseEncode": 17.17,
    "BaseResolution": 104,
    "BodyPartExamined": "BRAIN",
    "CogAtlasID": "https://cognitiveatlas.org/task/id/trm_4c898da401420",
    "CoilString": "HC1-7;NC1_2",
    "ConsistencyInfo": "N4_VE11C_LATEST_20160120",
    "ConversionSoftware": "dcm2niix",
    "ConversionSoftwareVersion": "v1.0.20200427",
    "DerivedVendorReportedEchoSpacing": 0.000560011,
    "DeviceSerialNumber": "167006",
    "DwellTime": 2.1e-06,
    "EchoTime": 0.037,
    "EchoTrainLength": 104,
    "EffectiveEchoSpacing": 0.000560011,
    "FlipAngle": 52,
    "ImageComments": "Unaliased_MB4_PE3_LB",
    "ImageOrientationPatientDICOM": [
      0.999165,
      0.0342306,
      0.0222993,
      -0.0279093,
      0.970543,
      -0.239306
    ],
    "ImageType": [
      "ORIGINAL",
      "PRIMARY",
      "M",
      "MB",
      "ND",
      "MOSAIC"
    ],
    "ImagingFrequency": 123.259,
    "InPlanePhaseEncodingDirectionDICOM": "COL",
    "InstitutionAddress": "Chemin_Queen-Mary_4565_Montreal_District_CA_H3W_1W5",
    "InstitutionName": "IUGM",
    "InstitutionalDepartmentName": "Department",
    "MRAcquisitionType": "2D",
    "MagneticFieldStrength": 3,
    "Manufacturer": "Siemens",
    "ManufacturersModelName": "Prisma_fit",
    "Modality": "MR",
    "MultibandAccelerationFactor": 4,
    "PartialFourier": 1,
    "PatientPosition": "HFS",
    "PercentPhaseFOV": 100,
    "PercentSampling": 100,
    "PhaseEncodingDirection": "j",
    "PhaseEncodingSteps": 104,
    "PhaseResolution": 1,
    "PixelBandwidth": 2290,
    "ProcedureStepDescription": "video_friends",
    "ProtocolName": "func_task-friends-s02e16a",
    "PulseSequenceDetails": "%CustomerSeq%_cmrr_mbep2d_bold",
    "ReceiveCoilActiveElements": "HC1-7;NC1,2",
    "ReceiveCoilName": "HeadNeck_64",
    "ReconMatrixPE": 104,
    "RepetitionTime": 1.49,
    "SAR": 0.038584,
    "ScanOptions": "FS",
    "ScanningSequence": "EP",
    "SequenceName": "epfid2d1_104",
    "SequenceVariant": "SK_SS",
    "SeriesDescription": "func_task-friends-s02e16a",
    "SeriesNumber": 8,
    "ShimSetting": [
      635,
      -7218,
      -8804,
      698,
      80,
      -79,
      121,
      -15
    ],
    "SliceThickness": 2,
    "SliceTiming": [
      0,
      0.7825,
      0.0975,
      0.88,
      0.195,
      0.98,
      0.2925,
      1.0775,
      0.39,
      1.175,
      0.49,
      1.2725,
      0.5875,
      1.37,
      0.685,
      0,
      0.7825,
      0.0975,
      0.88,
      0.195,
      0.98,
      0.2925,
      1.0775,
      0.39,
      1.175,
      0.49,
      1.2725,
      0.5875,
      1.37,
      0.685,
      0,
      0.7825,
      0.0975,
      0.88,
      0.195,
      0.98,
      0.2925,
      1.0775,
      0.39,
      1.175,
      0.49,
      1.2725,
      0.5875,
      1.37,
      0.685,
      0,
      0.7825,
      0.0975,
      0.88,
      0.195,
      0.98,
      0.2925,
      1.0775,
      0.39,
      1.175,
      0.49,
      1.2725,
      0.5875,
      1.37,
      0.685
    ],
    "SoftwareVersions": "syngo_MR_E11",
    "SpacingBetweenSlices": 2,
    "StationName": "MRC35049",
    "TaskName": "s02e16a",
    "TotalReadoutTime": 0.0576811,
    "TxRefAmp": 247.95,
    "WipMemBlock": "ebd03534-7b2d-4b1d-b2cf-5225b1cb8a59||Sequence: R016 ve11c/master r/e634e98; Dec 19 2017 11:00:25 by eja",
    "dataset": "<unset>",
    "modality": "bold",
    "session_id": "016",
    "subject_id": "01",
    "task_id": "s02e16a"
  },
  "dummy_trs": 0,
  "dvars_nstd": 40.53291918203355,
  "dvars_std": 1.050249102683439,
  "dvars_vstd": 0.9836752289517824,
  "efc": 0.5954456936491824,
  "fber": 201.51437377929688,
  "fd_mean": 0.11767195340795174,
  "fd_num": 33,
  "fd_perc": 6.903765690376569,
  "fwhm_avg": 2.6311483333333334,
  "fwhm_x": 2.528575,
  "fwhm_y": 2.655195,
  "fwhm_z": 2.709675,
  "gcor": 0.0108312,
  "gsr_x": 0.009103735908865929,
  "gsr_y": 0.057072050869464874,
  "provenance": {
    "md5sum": "47f173d62aef22a6e80be05c4fc7a204",
    "settings": {
      "fd_thres": 0.2,
      "testing": false
    },
    "software": "mriqc",
    "version": "22.0.1",
    "webapi_port": null,
    "webapi_url": "https://mriqc.nimh.nih.gov/api/v1"
  },
  "size_t": 478,
  "size_x": 104,
  "size_y": 104,
  "size_z": 60,
  "snr": 2.565699691137231,
  "spacing_tr": 1.4900000095367432,
  "spacing_x": 2.0,
  "spacing_y": 2.0,
  "spacing_z": 2.0,
  "summary_bg_k": 22.323427983945827,
  "summary_bg_mad": 141.58000572662706,
  "summary_bg_mean": 1131.35400390625,
  "summary_bg_median": 652.373291015625,
  "summary_bg_n": 400303.0,
  "summary_bg_p05": 521.3932861328125,
  "summary_bg_p95": 3731.640869140622,
  "summary_bg_stdv": 1305.2353515625,
  "summary_fg_k": 1.9644709667419669,
  "summary_fg_mad": 3375.48419605432,
  "summary_fg_mean": 10079.103515625,
  "summary_fg_median": 9536.337890625,
  "summary_fg_n": 147153.0,
  "summary_fg_p05": 5151.7662109375,
  "summary_fg_p95": 16854.5890625,
  "summary_fg_stdv": 3716.843994140625,
  "tsnr": 28.642362594604492
}