{
  "aor": 0.002387426778242678,
  "aqi": 0.011565893054393307,
  "bids_meta": {
    "AcquisitionMatrixPE": 104,
    "AcquisitionNumber": 1,
    "AcquisitionTime": "09:51:13.272500",
    "BandwidthPerPixelPhaseEncode": 17.17,
    "BaseResolution": 104,
    "BodyPartExamined": "BRAIN",
    "CogAtlasID": "https://cognitiveatlas.org/task/id/trm_4c898da401420",
    "CoilString": "HC1-7;NC1_2",
    "ConsistencyInfo": "N4_VE11C_LATEST_20160120",
    "ConversionSoftware": "dcm2niix",
    "ConversionSoftwareVersion": "v1.0.20200427",
    "DerivedVendorReportedEchoSpacing": 0.000560011,
    "DeviceSerialNumber": "167006",
    "DwellTime": 2.1e-06,
    "EchoTime": 0.037,
    "EchoTrainLength": 104,
    "EffectiveEchoSpacing": 0.000560011,
    "FlipAngle": 52,
    "ImageComments": "Unaliased_MB4_PE3_LB",
    "ImageOrientationPatientDICOM": [
      0.999165,
      0.0342306,
      0.0222993,
      -0.0279093,
      0.970543,
      -0.239306
    ],
    "ImageType": [
      "ORIGINAL",
      "PRIMARY",
      "M",
      "MB",
      "ND",
      "MOSAIC"
    ],
    "ImagingFrequency": 123.259,
    "InPlanePhaseEncodingDirectionDICOM": "COL",
    "InstitutionAddress": "Chemin_Queen-Mary_4565_Montreal_District_CA_H3W_1W5",
    "InstitutionName": "IUGM",
    "InstitutionalDepartmentName": "Department",
    "MRAcquisitionType": "2D",
    "MagneticFieldStrength": 3,
    "Manufacturer": "Siemens",
    "ManufacturersModelName": "Prisma_fit",
    "Modality": "MR",
    "MultibandAccelerationFactor": 4,
    "PartialFourier": 1,
    "PatientPosition": "HFS",
    "PercentPhaseFOV": 100,
    "PercentSampling": 100,
    "PhaseEncodingDirection": "j",
    "PhaseEncodingSteps": 104,
    "PhaseResolution": 1,
    "PixelBandwidth": 2290,
    "ProcedureStepDescription": "video_friends",
    "ProtocolName": "func_task-friends-s02e16b",
    "PulseSequenceDetails": "%CustomerSeq%_cmrr_mbep2d_bold",
    "ReceiveCoilActiveElements": "HC1-7;NC1,2",
    "ReceiveCoilName": "HeadNeck_64",
    "ReconMatrixPE": 104,
    "RepetitionTime": 1.49,
    "SAR": 0.038584,
    "ScanOptions": "FS",
    "ScanningSequence": "EP",
    "SequenceName": "epfid2d1_104",
    "SequenceVariant": "SK_SS",
    "SeriesDescription": "func_task-friends-s02e16b",
    "SeriesNumber": 10,
    "ShimSetting": [
      635,
      -7218,
      -8804,
      698,
      80,
      -79,
      121,
      -15
    ],
    "SliceThickness": 2,
    "SliceTiming": [
      0,
      0.785,
      0.0975,
      0.8825,
      0.195,
      0.98,
      0.295,
      1.0775,
      0.3925,
      1.175,
      0.49,
      1.275,
      0.5875,
      1.3725,
      0.685,
      0,
      0.785,
      0.0975,
      0.8825,
      0.195,
      0.98,
      0.295,
      1.0775,
      0.3925,
      1.175,
      0.49,
      1.275,
      0.5875,
      1.3725,
      0.685,
      0,
      0.785,
      0.0975,
      0.8825,
      0.195,
      0.98,
      0.295,
      1.0775,
      0.3925,
      1.175,
      0.49,
      1.275,
      0.5875,
      1.3725,
      0.685,
      0,
      0.785,
      0.0975,
      0.8825,
      0.195,
      0.98,
      0.295,
      1.0775,
      0.3925,
      1.175,
      0.49,
      1.275,
      0.5875,
      1.3725,
      0.685
    ],
    "SoftwareVersions": "syngo_MR_E11",
    "SpacingBetweenSlices": 2,
    "StationName": "MRC35049",
    "TaskName": "s02e16b",
    "TotalReadoutTime": 0.0576811,
    "TxRefAmp": 247.95,
    "WipMemBlock": "4c9563cd-88c9-400b-a24f-866e5bd7a553||Sequence: R016 ve11c/master r/e634e98; Dec 19 2017 11:00:25 by eja",
    "dataset": "<unset>",
    "modality": "bold",
    "session_id": "016",
    "subject_id": "01",
    "task_id": "s02e16b"
  },
  "dummy_trs": 0,
  "dvars_nstd": 41.75403992436067,
  "dvars_std": 1.0846402392033543,
  "dvars_vstd": 1.7891926081970653,
  "efc": 0.5964709261743006,
  "fber": 199.00698852539062,
  "fd_mean": 0.12441458601783305,
  "fd_num": 37,
  "fd_perc": 7.7405857740585775,
  "fwhm_avg": 2.612425,
  "fwhm_x": 2.508155,
  "fwhm_y": 2.638655,
  "fwhm_z": 2.690465,
  "gcor": 0.00988673,
  "gsr_x": 0.011828477494418621,
  "gsr_y": 0.05672192946076393,
  "provenance": {
    "md5sum": "3662a1f1ed92923c25972816586fe9c7",
    "settings": {
      "fd_thres": 0.2,
      "testing": false
    },
    "software": "mriqc",
    "version": "22.0.1",
    "webapi_port": null,
    "webapi_url": "https://mriqc.nimh.nih.gov/api/v1"
  },
  "size_t": 478,
  "size_x": 104,
  "size_y": 104,
  "size_z": 60,
  "snr": 2.5851836548290184,
  "spacing_tr": 1.4900000095367432,
  "spacing_x": 2.0,
  "spacing_y": 2.0,
  "spacing_z": 2.0,
  "summary_bg_k": 21.94514525020001,
  "summary_bg_mad": 142.6134565711365,
  "summary_bg_mean": 1132.51708984375,
  "summary_bg_median": 651.1016845703125,
  "summary_bg_n": 401008.0,
  "summary_bg_p05": 504.70488891601565,
  "summary_bg_p95": 3756.294604492186,
  "summary_bg_stdv": 1312.22412109375,
  "summary_fg_k": 1.975576135139164,
  "summary_fg_mad": 3313.8215535895397,
  "summary_fg_mean": 9985.234375,
  "summary_fg_median": 9445.0322265625,
  "summary_fg_n": 146725.0,
  "summary_fg_p05": 5137.73984375,
  "summary_fg_p95": 16639.89296875,
  "summary_fg_stdv": 3653.51220703125,
  "tsnr": 29.190561294555664
}