{
  "aor": 0.0013882254697286012,
  "aqi": 0.010143950417536534,
  "bids_meta": {
    "AcquisitionMatrixPE": 104,
    "AcquisitionNumber": 1,
    "AcquisitionTime": "10:23:50.787500",
    "BandwidthPerPixelPhaseEncode": 17.17,
    "BaseResolution": 104,
    "BodyPartExamined": "BRAIN",
    "CogAtlasID": "https://cognitiveatlas.org/task/id/trm_4c898da401420",
    "CoilString": "HC1-7;NC1_2",
    "ConsistencyInfo": "N4_VE11C_LATEST_20160120",
    "ConversionSoftware": "dcm2niix",
    "ConversionSoftwareVersion": "v1.0.20200427",
    "DerivedVendorReportedEchoSpacing": 0.000560011,
    "DeviceSerialNumber": "167006",
    "DwellTime": 2.1e-06,
    "EchoTime": 0.037,
    "EchoTrainLength": 104,
    "EffectiveEchoSpacing": 0.000560011,
    "FlipAngle": 52,
    "ImageComments": "Unaliased_MB4_PE3_LB",
    "ImageOrientationPatientDICOM": [
      0.998198,
      -0.00511913,
      -0.0597852,
      -0.00905958,
      0.972075,
      -0.234497
    ],
    "ImageType": [
      "ORIGINAL",
      "PRIMARY",
      "M",
      "MB",
      "ND",
      "MOSAIC"
    ],
    "ImagingFrequency": 123.259,
    "InPlanePhaseEncodingDirectionDICOM": "COL",
    "InstitutionAddress": "Chemin_Queen-Mary_4565_Montreal_District_CA_H3W_1W5",
    "InstitutionName": "IUGM",
    "InstitutionalDepartmentName": "Department",
    "MRAcquisitionType": "2D",
    "MagneticFieldStrength": 3,
    "Manufacturer": "Siemens",
    "ManufacturersModelName": "Prisma_fit",
    "Modality": "MR",
    "MultibandAccelerationFactor": 4,
    "PartialFourier": 1,
    "PatientPosition": "HFS",
    "PercentPhaseFOV": 100,
    "PercentSampling": 100,
    "PhaseEncodingDirection": "j",
    "PhaseEncodingSteps": 104,
    "PhaseResolution": 1,
    "PixelBandwidth": 2290,
    "ProcedureStepDescription": "video_friends",
    "ProtocolName": "func_task-friends-s02e10b",
    "PulseSequenceDetails": "%CustomerSeq%_cmrr_mbep2d_bold",
    "ReceiveCoilActiveElements": "HC1-7;NC1,2",
    "ReceiveCoilName": "HeadNeck_64",
    "ReconMatrixPE": 104,
    "RepetitionTime": 1.49,
    "SAR": 0.0289564,
    "ScanOptions": "FS",
    "ScanningSequence": "EP",
    "SequenceName": "epfid2d1_104",
    "SequenceVariant": "SK_SS",
    "SeriesDescription": "func_task-friends-s02e10b",
    "SeriesNumber": 20,
    "ShimSetting": [
      605,
      -7227,
      -8846,
      575,
      -24,
      -218,
      60,
      13
    ],
    "SliceThickness": 2,
    "SliceTiming": [
      0,
      0.785,
      0.1,
      0.8825,
      0.1975,
      0.98,
      0.295,
      1.08,
      0.3925,
      1.1775,
      0.49,
      1.275,
      0.59,
      1.3725,
      0.6875,
      0,
      0.785,
      0.1,
      0.8825,
      0.1975,
      0.98,
      0.295,
      1.08,
      0.3925,
      1.1775,
      0.49,
      1.275,
      0.59,
      1.3725,
      0.6875,
      0,
      0.785,
      0.1,
      0.8825,
      0.1975,
      0.98,
      0.295,
      1.08,
      0.3925,
      1.1775,
      0.49,
      1.275,
      0.59,
      1.3725,
      0.6875,
      0,
      0.785,
      0.1,
      0.8825,
      0.1975,
      0.98,
      0.295,
      1.08,
      0.3925,
      1.1775,
      0.49,
      1.275,
      0.59,
      1.3725,
      0.6875
    ],
    "SoftwareVersions": "syngo_MR_E11",
    "SpacingBetweenSlices": 2,
    "StationName": "MRC35049",
    "TaskName": "s02e10b",
    "TotalReadoutTime": 0.0576811,
    "TxRefAmp": 215.626,
    "WipMemBlock": "b454813f-b3a3-4d50-a095-96d8df5337aa||Sequence: R016 ve11c/master r/e634e98; Dec 19 2017 11:00:25 by eja",
    "dataset": "<unset>",
    "modality": "bold",
    "session_id": "015",
    "subject_id": "04",
    "task_id": "s02e10b"
  },
  "dummy_trs": 0,
  "dvars_nstd": 41.87646433280331,
  "dvars_std": 1.0497775885355647,
  "dvars_vstd": 1.000493956004184,
  "efc": 0.5834042273602177,
  "fber": 199.30343627929688,
  "fd_mean": 0.12365350686746877,
  "fd_num": 46,
  "fd_perc": 9.603340292275574,
  "fwhm_avg": 2.7857333333333334,
  "fwhm_x": 2.639535,
  "fwhm_y": 2.845065,
  "fwhm_z": 2.8726,
  "gcor": 0.0403554,
  "gsr_x": -0.027220508083701134,
  "gsr_y": 0.07589566707611084,
  "provenance": {
    "md5sum": "923c6fb91043e43e3f9de7c0950919bd",
    "settings": {
      "fd_thres": 0.2,
      "testing": false
    },
    "software": "mriqc",
    "version": "22.0.1",
    "webapi_port": null,
    "webapi_url": "https://mriqc.nimh.nih.gov/api/v1"
  },
  "size_t": 479,
  "size_x": 104,
  "size_y": 104,
  "size_z": 60,
  "snr": 2.353962139856848,
  "spacing_tr": 1.4900000095367432,
  "spacing_x": 2.0,
  "spacing_y": 2.0,
  "spacing_z": 2.0,
  "summary_bg_k": 25.06122490170299,
  "summary_bg_mad": 72.17089335735622,
  "summary_bg_mean": 972.7944946289062,
  "summary_bg_median": 600.8854370117188,
  "summary_bg_n": 406533.0,
  "summary_bg_p05": 538.0255737304688,
  "summary_bg_p95": 3030.893798828121,
  "summary_bg_stdv": 1017.3193969726562,
  "summary_fg_k": 4.192761561192615,
  "summary_fg_mad": 3118.4539628119305,
  "summary_fg_mean": 9157.900390625,
  "summary_fg_median": 8594.029296875,
  "summary_fg_n": 148003.0,
  "summary_fg_p05": 4598.776123046875,
  "summary_fg_p95": 15517.869042968749,
  "summary_fg_stdv": 3650.865966796875,
  "tsnr": 27.72870445251465
}