{
  "aor": 0.0009533849557522123,
  "aqi": 0.005647844336283186,
  "bids_meta": {
    "AcquisitionMatrixPE": 104,
    "AcquisitionNumber": 1,
    "AcquisitionTime": "09:47:49.282500",
    "BandwidthPerPixelPhaseEncode": 17.17,
    "BaseResolution": 104,
    "BodyPartExamined": "BRAIN",
    "CogAtlasID": "https://cognitiveatlas.org/task/id/trm_4c898da401420",
    "CoilString": "HC1-7;NC1_2",
    "ConsistencyInfo": "N4_VE11C_LATEST_20160120",
    "ConversionSoftware": "dcm2niix",
    "ConversionSoftwareVersion": "v1.0.20200427",
    "DerivedVendorReportedEchoSpacing": 0.000560011,
    "DeviceSerialNumber": "167006",
    "DwellTime": 2.1e-06,
    "EchoTime": 0.037,
    "EchoTrainLength": 104,
    "EffectiveEchoSpacing": 0.000560011,
    "FlipAngle": 52,
    "ImageComments": "Unaliased_MB4_PE3_LB",
    "ImageOrientationPatientDICOM": [
      0.998198,
      -0.00511913,
      -0.0597852,
      -0.00905958,
      0.972075,
      -0.234497
    ],
    "ImageType": [
      "ORIGINAL",
      "PRIMARY",
      "M",
      "MB",
      "ND",
      "MOSAIC"
    ],
    "ImagingFrequency": 123.259,
    "InPlanePhaseEncodingDirectionDICOM": "COL",
    "InstitutionAddress": "Chemin_Queen-Mary_4565_Montreal_District_CA_H3W_1W5",
    "InstitutionName": "IUGM",
    "InstitutionalDepartmentName": "Department",
    "MRAcquisitionType": "2D",
    "MagneticFieldStrength": 3,
    "Manufacturer": "Siemens",
    "ManufacturersModelName": "Prisma_fit",
    "Modality": "MR",
    "MultibandAccelerationFactor": 4,
    "PartialFourier": 1,
    "PatientPosition": "HFS",
    "PercentPhaseFOV": 100,
    "PercentSampling": 100,
    "PhaseEncodingDirection": "j",
    "PhaseEncodingSteps": 104,
    "PhaseResolution": 1,
    "PixelBandwidth": 2290,
    "ProcedureStepDescription": "video_friends",
    "ProtocolName": "func_task-friends-s02e09a",
    "PulseSequenceDetails": "%CustomerSeq%_cmrr_mbep2d_bold",
    "ReceiveCoilActiveElements": "HC1-7;NC1,2",
    "ReceiveCoilName": "HeadNeck_64",
    "ReconMatrixPE": 104,
    "RepetitionTime": 1.49,
    "SAR": 0.0289492,
    "ScanOptions": "FS",
    "ScanningSequence": "EP",
    "SequenceName": "epfid2d1_104",
    "SequenceVariant": "SK_SS",
    "SeriesDescription": "func_task-friends-s02e09a",
    "SeriesNumber": 14,
    "ShimSetting": [
      605,
      -7227,
      -8846,
      575,
      -24,
      -218,
      60,
      13
    ],
    "SliceThickness": 2,
    "SliceTiming": [
      0,
      0.785,
      0.0975,
      0.8825,
      0.195,
      0.98,
      0.295,
      1.0775,
      0.3925,
      1.175,
      0.49,
      1.275,
      0.5875,
      1.3725,
      0.685,
      0,
      0.785,
      0.0975,
      0.8825,
      0.195,
      0.98,
      0.295,
      1.0775,
      0.3925,
      1.175,
      0.49,
      1.275,
      0.5875,
      1.3725,
      0.685,
      0,
      0.785,
      0.0975,
      0.8825,
      0.195,
      0.98,
      0.295,
      1.0775,
      0.3925,
      1.175,
      0.49,
      1.275,
      0.5875,
      1.3725,
      0.685,
      0,
      0.785,
      0.0975,
      0.8825,
      0.195,
      0.98,
      0.295,
      1.0775,
      0.3925,
      1.175,
      0.49,
      1.275,
      0.5875,
      1.3725,
      0.685
    ],
    "SoftwareVersions": "syngo_MR_E11",
    "SpacingBetweenSlices": 2,
    "StationName": "MRC35049",
    "TaskName": "s02e09a",
    "TotalReadoutTime": 0.0576811,
    "TxRefAmp": 215.626,
    "WipMemBlock": "15263086-5c06-44d7-ba5a-4104c8b48482||Sequence: R016 ve11c/master r/e634e98; Dec 19 2017 11:00:25 by eja",
    "dataset": "<unset>",
    "modality": "bold",
    "session_id": "015",
    "subject_id": "04",
    "task_id": "s02e09a"
  },
  "dummy_trs": 0,
  "dvars_nstd": 40.97371951028827,
  "dvars_std": 1.0745115040798219,
  "dvars_vstd": 1.0116179658314859,
  "efc": 0.5796923847105239,
  "fber": 207.64134216308594,
  "fd_mean": 0.10034540784780346,
  "fd_num": 6,
  "fd_perc": 1.3274336283185841,
  "fwhm_avg": 2.747341666666667,
  "fwhm_x": 2.605725,
  "fwhm_y": 2.80888,
  "fwhm_z": 2.82742,
  "gcor": 0.00597025,
  "gsr_x": -0.027535200119018555,
  "gsr_y": 0.07550062239170074,
  "provenance": {
    "md5sum": "778c2cad10078643fedb7ca5c6d9dd49",
    "settings": {
      "fd_thres": 0.2,
      "testing": false
    },
    "software": "mriqc",
    "version": "22.0.1",
    "webapi_port": null,
    "webapi_url": "https://mriqc.nimh.nih.gov/api/v1"
  },
  "size_t": 452,
  "size_x": 104,
  "size_y": 104,
  "size_z": 60,
  "snr": 2.3442210099321557,
  "spacing_tr": 1.4900000095367432,
  "spacing_x": 2.0,
  "spacing_y": 2.0,
  "spacing_z": 2.0,
  "summary_bg_k": 26.539547226661767,
  "summary_bg_mad": 66.88088828584627,
  "summary_bg_mean": 955.909912109375,
  "summary_bg_median": 591.1796875,
  "summary_bg_n": 409411.0,
  "summary_bg_p05": 530.2133483886719,
  "summary_bg_p95": 2989.0296630859375,
  "summary_bg_stdv": 1026.4366455078125,
  "summary_fg_k": 4.1734756279708884,
  "summary_fg_mad": 3155.917178050048,
  "summary_fg_mean": 9244.767578125,
  "summary_fg_median": 8663.623046875,
  "summary_fg_n": 146903.0,
  "summary_fg_p05": 4647.8359375,
  "summary_fg_p95": 15722.586035156246,
  "summary_fg_stdv": 3695.723876953125,
  "tsnr": 34.88762664794922
}