{
  "aor": 0.002628729838709678,
  "aqi": 0.009461051431451612,
  "bids_meta": {
    "AcquisitionMatrixPE": 104,
    "AcquisitionNumber": 1,
    "AcquisitionTime": "10:22:59.452500",
    "BandwidthPerPixelPhaseEncode": 17.17,
    "BaseResolution": 104,
    "BodyPartExamined": "BRAIN",
    "CogAtlasID": "https://cognitiveatlas.org/task/id/trm_4c898da401420",
    "CoilString": "HC1-7;NC1_2",
    "ConsistencyInfo": "N4_VE11C_LATEST_20160120",
    "ConversionSoftware": "dcm2niix",
    "ConversionSoftwareVersion": "v1.0.20200427",
    "DerivedVendorReportedEchoSpacing": 0.000560011,
    "DeviceSerialNumber": "167006",
    "DwellTime": 2.1e-06,
    "EchoTime": 0.037,
    "EchoTrainLength": 104,
    "EffectiveEchoSpacing": 0.000560011,
    "FlipAngle": 52,
    "ImageComments": "Unaliased_MB4_PE3_LB",
    "ImageOrientationPatientDICOM": [
      0.998953,
      0.0373574,
      0.0264031,
      -0.0289503,
      0.963146,
      -0.267418
    ],
    "ImageType": [
      "ORIGINAL",
      "PRIMARY",
      "M",
      "MB",
      "ND",
      "MOSAIC"
    ],
    "ImagingFrequency": 123.259,
    "InPlanePhaseEncodingDirectionDICOM": "COL",
    "InstitutionAddress": "Chemin_Queen-Mary_4565_Montreal_District_CA_H3W_1W5",
    "InstitutionName": "IUGM",
    "InstitutionalDepartmentName": "Department",
    "MRAcquisitionType": "2D",
    "MagneticFieldStrength": 3,
    "Manufacturer": "Siemens",
    "ManufacturersModelName": "Prisma_fit",
    "Modality": "MR",
    "MultibandAccelerationFactor": 4,
    "PartialFourier": 1,
    "PatientPosition": "HFS",
    "PercentPhaseFOV": 100,
    "PercentSampling": 100,
    "PhaseEncodingDirection": "j",
    "PhaseEncodingSteps": 104,
    "PhaseResolution": 1,
    "PixelBandwidth": 2290,
    "ProcedureStepDescription": "video_friends",
    "ProtocolName": "func_task-friends-s02e07a",
    "PulseSequenceDetails": "%CustomerSeq%_cmrr_mbep2d_bold",
    "ReceiveCoilActiveElements": "HC1-7;NC1,2",
    "ReceiveCoilName": "HeadNeck_64",
    "ReconMatrixPE": 104,
    "RepetitionTime": 1.49,
    "SAR": 0.0377546,
    "ScanOptions": "FS",
    "ScanningSequence": "EP",
    "SequenceName": "epfid2d1_104",
    "SequenceVariant": "SK_SS",
    "SeriesDescription": "func_task-friends-s02e07a",
    "SeriesNumber": 12,
    "ShimSetting": [
      641,
      -7210,
      -8795,
      690,
      103,
      -17,
      85,
      -20
    ],
    "SliceThickness": 2,
    "SliceTiming": [
      0,
      0.785,
      0.1,
      0.8825,
      0.1975,
      0.98,
      0.295,
      1.08,
      0.3925,
      1.1775,
      0.49,
      1.275,
      0.59,
      1.3725,
      0.6875,
      0,
      0.785,
      0.1,
      0.8825,
      0.1975,
      0.98,
      0.295,
      1.08,
      0.3925,
      1.1775,
      0.49,
      1.275,
      0.59,
      1.3725,
      0.6875,
      0,
      0.785,
      0.1,
      0.8825,
      0.1975,
      0.98,
      0.295,
      1.08,
      0.3925,
      1.1775,
      0.49,
      1.275,
      0.59,
      1.3725,
      0.6875,
      0,
      0.785,
      0.1,
      0.8825,
      0.1975,
      0.98,
      0.295,
      1.08,
      0.3925,
      1.1775,
      0.49,
      1.275,
      0.59,
      1.3725,
      0.6875
    ],
    "SoftwareVersions": "syngo_MR_E11",
    "SpacingBetweenSlices": 2,
    "StationName": "MRC35049",
    "TaskName": "s02e07a",
    "TotalReadoutTime": 0.0576811,
    "TxRefAmp": 246.169,
    "WipMemBlock": "67c9ec10-87cc-47e8-89d8-7e73f1522e80||Sequence: R016 ve11c/master r/e634e98; Dec 19 2017 11:00:25 by eja",
    "dataset": "<unset>",
    "modality": "bold",
    "session_id": "012",
    "subject_id": "01",
    "task_id": "s02e07a"
  },
  "dummy_trs": 0,
  "dvars_nstd": 43.20730664038383,
  "dvars_std": 1.0936519157373732,
  "dvars_vstd": 1.0147840588282822,
  "efc": 0.599299203805108,
  "fber": 194.7730712890625,
  "fd_mean": 0.15306919523078263,
  "fd_num": 80,
  "fd_perc": 16.129032258064516,
  "fwhm_avg": 2.5633699999999995,
  "fwhm_x": 2.481035,
  "fwhm_y": 2.586545,
  "fwhm_z": 2.62253,
  "gcor": 0.0149776,
  "gsr_x": 0.006559376604855061,
  "gsr_y": 0.06402968615293503,
  "provenance": {
    "md5sum": "3929cce97750d78f57dda89c8ba75322",
    "settings": {
      "fd_thres": 0.2,
      "testing": false
    },
    "software": "mriqc",
    "version": "22.0.1",
    "webapi_port": null,
    "webapi_url": "https://mriqc.nimh.nih.gov/api/v1"
  },
  "size_t": 496,
  "size_x": 104,
  "size_y": 104,
  "size_z": 60,
  "snr": 2.592756917907914,
  "spacing_tr": 1.4900000095367432,
  "spacing_x": 2.0,
  "spacing_y": 2.0,
  "spacing_z": 2.0,
  "summary_bg_k": 19.259685138367008,
  "summary_bg_mad": 133.9567843708185,
  "summary_bg_mean": 1175.810302734375,
  "summary_bg_median": 656.2656860351562,
  "summary_bg_n": 403650.0,
  "summary_bg_p05": 542.7753601074219,
  "summary_bg_p95": 3980.813537597655,
  "summary_bg_stdv": 1383.8365478515625,
  "summary_fg_k": 1.9841075899330942,
  "summary_fg_mad": 3287.1962474399215,
  "summary_fg_mean": 9909.3115234375,
  "summary_fg_median": 9378.560546875,
  "summary_fg_n": 145988.0,
  "summary_fg_p05": 5110.230883789062,
  "summary_fg_p95": 16503.54072265624,
  "summary_fg_stdv": 3617.203125,
  "tsnr": 32.18939971923828
}