{
  "aor": 0.0008571017699115045,
  "aqi": 0.013242403561946902,
  "bids_meta": {
    "AcquisitionMatrixPE": 104,
    "AcquisitionNumber": 1,
    "AcquisitionTime": "15:02:32.047500",
    "BandwidthPerPixelPhaseEncode": 17.17,
    "BaseResolution": 104,
    "BodyPartExamined": "BRAIN",
    "CogAtlasID": "https://cognitiveatlas.org/task/id/trm_4c898da401420",
    "CoilString": "HC1-7;NC1_2",
    "ConsistencyInfo": "N4_VE11C_LATEST_20160120",
    "ConversionSoftware": "dcm2niix",
    "ConversionSoftwareVersion": "v1.0.20190720  (JP2:OpenJPEG) GCC7.3.0",
    "DerivedVendorReportedEchoSpacing": 0.000560011,
    "DeviceSerialNumber": "167006",
    "DwellTime": 2.1e-06,
    "EchoTime": 0.037,
    "EchoTrainLength": 104,
    "EffectiveEchoSpacing": 0.000560011,
    "FlipAngle": 52,
    "ImageComments": "Unaliased_MB4_PE3_LB",
    "ImageOrientationPatientDICOM": [
      0.997823,
      -0.0590498,
      0.0293762,
      0.0657506,
      0.925528,
      -0.372926
    ],
    "ImageType": [
      "ORIGINAL",
      "PRIMARY",
      "M",
      "MB",
      "ND",
      "MOSAIC"
    ],
    "ImagingFrequency": 123.259,
    "InPlanePhaseEncodingDirectionDICOM": "COL",
    "InstitutionAddress": "Chemin_Queen-Mary_4565_Montreal_District_CA_H3W_1W5",
    "InstitutionName": "IUGM",
    "InstitutionalDepartmentName": "Department",
    "MRAcquisitionType": "2D",
    "MagneticFieldStrength": 3,
    "Manufacturer": "Siemens",
    "ManufacturersModelName": "Prisma_fit",
    "Modality": "MR",
    "MultibandAccelerationFactor": 4,
    "PartialFourier": 1,
    "PatientPosition": "HFS",
    "PercentPhaseFOV": 100,
    "PhaseEncodingDirection": "j",
    "PhaseEncodingSteps": 104,
    "PhaseResolution": 1,
    "PixelBandwidth": 2290,
    "ProcedureStepDescription": "video_friends",
    "ProtocolName": "func_task-s02e22a",
    "PulseSequenceDetails": "%CustomerSeq%_cmrr_mbep2d_bold",
    "ReceiveCoilActiveElements": "HC1-7;NC1,2",
    "ReceiveCoilName": "HeadNeck_64",
    "ReconMatrixPE": 104,
    "RepetitionTime": 1.49,
    "SAR": 0.0278267,
    "ScanOptions": "FS",
    "ScanningSequence": "EP",
    "SequenceName": "epfid2d1_104",
    "SequenceVariant": "SK_SS",
    "SeriesDescription": "func_task-s02e22a",
    "SeriesNumber": 10,
    "ShimSetting": [
      642,
      -7254,
      -8850,
      580,
      22,
      -251,
      -107,
      6
    ],
    "SliceThickness": 2,
    "SliceTiming": [
      0,
      0.7825,
      0.0975,
      0.8825,
      0.195,
      0.98,
      0.2925,
      1.0775,
      0.3925,
      1.175,
      0.49,
      1.2725,
      0.5875,
      1.3725,
      0.685,
      0,
      0.7825,
      0.0975,
      0.8825,
      0.195,
      0.98,
      0.2925,
      1.0775,
      0.3925,
      1.175,
      0.49,
      1.2725,
      0.5875,
      1.3725,
      0.685,
      0,
      0.7825,
      0.0975,
      0.8825,
      0.195,
      0.98,
      0.2925,
      1.0775,
      0.3925,
      1.175,
      0.49,
      1.2725,
      0.5875,
      1.3725,
      0.685,
      0,
      0.7825,
      0.0975,
      0.8825,
      0.195,
      0.98,
      0.2925,
      1.0775,
      0.3925,
      1.175,
      0.49,
      1.2725,
      0.5875,
      1.3725,
      0.685
    ],
    "SoftwareVersions": "syngo_MR_E11",
    "SpacingBetweenSlices": 2,
    "StationName": "MRC35049",
    "TaskName": "friends",
    "TotalReadoutTime": 0.0576811,
    "TxRefAmp": 215.732,
    "WipMemBlock": "f95282a0-3e0c-493a-8710-7694739a7587||Sequence: R016 ve11c/master r/e634e98; Dec 19 2017 11:00:25 by eja",
    "dataset": "<unset>",
    "dcmmeta_affine": [
      [
        -1.9956454038619995,
        0.13150115311145782,
        0.010334538295865059,
        94.87631225585938
      ],
      [
        0.11809960007667542,
        1.8510569334030151,
        -0.7480915188789368,
        -76.68777465820312
      ],
      [
        0.058752357959747314,
        0.7458524703979492,
        1.8547916412353516,
        -75.71700286865234
      ],
      [
        0.0,
        0.0,
        0.0,
        1.0
      ]
    ],
    "dcmmeta_reorient_transform": [
      [
        0.0,
        -1.0,
        0.0,
        103.0
      ],
      [
        1.0,
        0.0,
        0.0,
        0.0
      ],
      [
        0.0,
        0.0,
        1.0,
        0.0
      ],
      [
        0.0,
        0.0,
        0.0,
        1.0
      ]
    ],
    "dcmmeta_shape": [
      104,
      104,
      60,
      453
    ],
    "dcmmeta_slice_dim": 2,
    "dcmmeta_version": 0.6,
    "global": {
      "const": {
        "AcquisitionMatrix": [
          104,
          0,
          0,
          104
        ],
        "AngioFlag": "N",
        "BitsAllocated": 16,
        "BitsStored": 16,
        "BodyPartExamined": "BRAIN",
        "Columns": 832,
        "EchoNumbers": 1,
        "EchoTime": 37.0,
        "EchoTrainLength": 104,
        "FlipAngle": 52.0,
        "HighBit": 15,
        "ImageOrientationPatient": [
          0.99782271027806,
          -0.0590498011221,
          0.02937617811745,
          0.0657505755306,
          0.92552844131752,
          -0.3729262207592
        ],
        "ImagePositionPatient": [
          -882.70228494431,
          -744.76753416936,
          251.2102300214
        ],
        "ImageType": [
          "ORIGINAL",
          "PRIMARY",
          "M",
          "MB",
          "ND",
          "MOSAIC"
        ],
        "ImagedNucleus": "1H",
        "ImagingFrequency": 123.2591,
        "InPlanePhaseEncodingDirection": "COL",
        "MRAcquisitionType": "2D",
        "MagneticFieldStrength": 3.0,
        "Manufacturer": "SIEMENS",
        "ManufacturerModelName": "Prisma_fit",
        "Modality": "MR",
        "NumberOfAverages": 1.0,
        "NumberOfPhaseEncodingSteps": 104,
        "PercentPhaseFieldOfView": 100.0,
        "PercentSampling": 100.0,
        "PerformedProcedureStepStartTime": "144815.164000",
        "PhotometricInterpretation": "MONOCHROME2",
        "PixelBandwidth": 2290.0,
        "PixelRepresentation": 0,
        "PixelSpacing": [
          2.0,
          2.0
        ],
        "ProtocolName": "func_task-s02e22a",
        "RepetitionTime": 1490.0,
        "Rows": 832,
        "SAR": 0.02782666374202,
        "SamplesPerPixel": 1,
        "ScanOptions": "FS",
        "ScanningSequence": "EP",
        "SequenceName": "epfid2d1_104",
        "SequenceVariant": [
          "SK",
          "SS"
        ],
        "SeriesDescription": "func_task-s02e22a",
        "SeriesNumber": 10,
        "SeriesTime": "150342.099000",
        "SliceLocation": -41.044646434733,
        "SliceThickness": 2.0,
        "SmallestImagePixelValue": 0,
        "SoftwareVersions": "syngo MR E11",
        "SpacingBetweenSlices": 1.9999999693451,
        "SpecificCharacterSet": "ISO_IR 100",
        "StudyID": "1",
        "StudyTime": "144815.104000",
        "TransmitCoilName": "Body",
        "VariableFlipAngleFlag": "N",
        "WindowCenterWidthExplanation": "Algo1",
        "dBdt": 0.0
      },
