{
  "aor": 0.0004997772828507794,
  "aqi": 0.005684709599109132,
  "bids_meta": {
    "AcquisitionMatrixPE": 104,
    "AcquisitionNumber": 1,
    "AcquisitionTime": "09:44:21.445000",
    "BandwidthPerPixelPhaseEncode": 17.17,
    "BaseResolution": 104,
    "BodyPartExamined": "BRAIN",
    "CogAtlasID": "https://cognitiveatlas.org/task/id/trm_4c898da401420",
    "CoilString": "HC1-7;NC1_2",
    "ConsistencyInfo": "N4_VE11C_LATEST_20160120",
    "ConversionSoftware": "dcm2niix",
    "ConversionSoftwareVersion": "v1.0.20200427",
    "DerivedVendorReportedEchoSpacing": 0.000560011,
    "DeviceSerialNumber": "167006",
    "DwellTime": 2.1e-06,
    "EchoTime": 0.037,
    "EchoTrainLength": 104,
    "EffectiveEchoSpacing": 0.000560011,
    "FlipAngle": 52,
    "ImageComments": "Unaliased_MB4_PE3_LB",
    "ImageOrientationPatientDICOM": [
      0.998491,
      -0.0103747,
      -0.0539298,
      -0.00156847,
      0.976207,
      -0.216837
    ],
    "ImageType": [
      "ORIGINAL",
      "PRIMARY",
      "M",
      "MB",
      "ND",
      "MOSAIC"
    ],
    "ImagingFrequency": 123.259,
    "InPlanePhaseEncodingDirectionDICOM": "COL",
    "InstitutionAddress": "Chemin_Queen-Mary_4565_Montreal_District_CA_H3W_1W5",
    "InstitutionName": "IUGM",
    "InstitutionalDepartmentName": "Department",
    "MRAcquisitionType": "2D",
    "MagneticFieldStrength": 3,
    "Manufacturer": "Siemens",
    "ManufacturersModelName": "Prisma_fit",
    "Modality": "MR",
    "MultibandAccelerationFactor": 4,
    "PartialFourier": 1,
    "PatientPosition": "HFS",
    "PercentPhaseFOV": 100,
    "PercentSampling": 100,
    "PhaseEncodingDirection": "j",
    "PhaseEncodingSteps": 104,
    "PhaseResolution": 1,
    "PixelBandwidth": 2290,
    "ProcedureStepDescription": "video_friends",
    "ProtocolName": "func_task-friends-s02e20a",
    "PulseSequenceDetails": "%CustomerSeq%_cmrr_mbep2d_bold",
    "ReceiveCoilActiveElements": "HC1-7;NC1,2",
    "ReceiveCoilName": "HeadNeck_64",
    "ReconMatrixPE": 104,
    "RepetitionTime": 1.49,
    "SAR": 0.0297342,
    "ScanOptions": "FS",
    "ScanningSequence": "EP",
    "SequenceName": "epfid2d1_104",
    "SequenceVariant": "SK_SS",
    "SeriesDescription": "func_task-friends-s02e20a",
    "SeriesNumber": 13,
    "ShimSetting": [
      603,
      -7259,
      -8839,
      583,
      -46,
      -347,
      22,
      45
    ],
    "SliceThickness": 2,
    "SliceTiming": [
      0,
      0.785,
      0.0975,
      0.8825,
      0.1975,
      0.98,
      0.295,
      1.0775,
      0.3925,
      1.175,
      0.49,
      1.275,
      0.5875,
      1.3725,
      0.6875,
      0,
      0.785,
      0.0975,
      0.8825,
      0.1975,
      0.98,
      0.295,
      1.0775,
      0.3925,
      1.175,
      0.49,
      1.275,
      0.5875,
      1.3725,
      0.6875,
      0,
      0.785,
      0.0975,
      0.8825,
      0.1975,
      0.98,
      0.295,
      1.0775,
      0.3925,
      1.175,
      0.49,
      1.275,
      0.5875,
      1.3725,
      0.6875,
      0,
      0.785,
      0.0975,
      0.8825,
      0.1975,
      0.98,
      0.295,
      1.0775,
      0.3925,
      1.175,
      0.49,
      1.275,
      0.5875,
      1.3725,
      0.6875
    ],
    "SoftwareVersions": "syngo_MR_E11",
    "SpacingBetweenSlices": 2,
    "StationName": "MRC35049",
    "TaskName": "s02e20a",
    "TotalReadoutTime": 0.0576811,
    "TxRefAmp": 217.242,
    "WipMemBlock": "c7675dad-a8b9-4b75-ae16-41bbe7fb227c||Sequence: R016 ve11c/master r/e634e98; Dec 19 2017 11:00:25 by eja",
    "dataset": "<unset>",
    "modality": "bold",
    "session_id": "019",
    "subject_id": "04",
    "task_id": "s02e20a"
  },
  "dummy_trs": 0,
  "dvars_nstd": 39.13654188609375,
  "dvars_std": 1.0416209002678571,
  "dvars_vstd": 0.995743620669643,
  "efc": 0.5780373024382297,
  "fber": 211.49746704101562,
  "fd_mean": 0.10228780911557814,
  "fd_num": 9,
  "fd_perc": 2.0044543429844097,
  "fwhm_avg": 2.7071966666666665,
  "fwhm_x": 2.586435,
  "fwhm_y": 2.768435,
  "fwhm_z": 2.76672,
  "gcor": 0.0193525,
  "gsr_x": -0.024026893079280853,
  "gsr_y": 0.06354743242263794,
  "provenance": {
    "md5sum": "3e0cffc16e94428d110b8d4fcb138204",
    "settings": {
      "fd_thres": 0.2,
      "testing": false
    },
    "software": "mriqc",
    "version": "22.0.1",
    "webapi_port": null,
    "webapi_url": "https://mriqc.nimh.nih.gov/api/v1"
  },
  "size_t": 449,
  "size_x": 104,
  "size_y": 104,
  "size_z": 60,
  "snr": 2.3964070758963634,
  "spacing_tr": 1.4900000095367432,
  "spacing_x": 2.0,
  "spacing_y": 2.0,
  "spacing_z": 2.0,
  "summary_bg_k": 29.75789814352092,
  "summary_bg_mad": 60.61964483474522,
  "summary_bg_mean": 923.7007446289062,
  "summary_bg_median": 594.3025512695312,
  "summary_bg_n": 408843.0,
  "summary_bg_p05": 542.2571411132812,
  "summary_bg_p95": 2732.016259765625,
  "summary_bg_stdv": 940.9024047851562,
  "summary_fg_k": 4.16542825543246,
  "summary_fg_mad": 3142.688862454954,
  "summary_fg_mean": 9348.8603515625,
  "summary_fg_median": 8798.078125,
  "summary_fg_n": 146914.0,
  "summary_fg_p05": 4686.209204101562,
  "summary_fg_p95": 15715.553515625003,
  "summary_fg_stdv": 3671.349609375,
  "tsnr": 34.06321716308594
}