{
  "aor": 0.001180374449339207,
  "aqi": 0.008180194889867841,
  "bids_meta": {
    "AcquisitionMatrixPE": 104,
    "AcquisitionNumber": 1,
    "AcquisitionTime": "17:53:32.542500",
    "BandwidthPerPixelPhaseEncode": 17.17,
    "BaseResolution": 104,
    "BodyPartExamined": "BRAIN",
    "CogAtlasID": "https://cognitiveatlas.org/task/id/trm_4c898da401420",
    "CoilString": "HC1-7;NC1_2",
    "ConsistencyInfo": "N4_VE11C_LATEST_20160120",
    "ConversionSoftware": "dcm2niix",
    "ConversionSoftwareVersion": "v1.0.20200427",
    "DerivedVendorReportedEchoSpacing": 0.000560011,
    "DeviceSerialNumber": "167006",
    "DwellTime": 2.1e-06,
    "EchoTime": 0.037,
    "EchoTrainLength": 104,
    "EffectiveEchoSpacing": 0.000560011,
    "FlipAngle": 52,
    "ImageComments": "Unaliased_MB4_PE3_LB",
    "ImageOrientationPatientDICOM": [
      0.997572,
      0.0684702,
      0.0127025,
      -0.061888,
      0.955302,
      -0.28908
    ],
    "ImageType": [
      "ORIGINAL",
      "PRIMARY",
      "M",
      "MB",
      "ND",
      "MOSAIC"
    ],
    "ImagingFrequency": 123.259,
    "InPlanePhaseEncodingDirectionDICOM": "COL",
    "InstitutionAddress": "Chemin_Queen-Mary_4565_Montreal_District_CA_H3W_1W5",
    "InstitutionName": "IUGM",
    "InstitutionalDepartmentName": "Department",
    "MRAcquisitionType": "2D",
    "MagneticFieldStrength": 3,
    "Manufacturer": "Siemens",
    "ManufacturersModelName": "Prisma_fit",
    "Modality": "MR",
    "MultibandAccelerationFactor": 4,
    "PartialFourier": 1,
    "PatientPosition": "HFS",
    "PercentPhaseFOV": 100,
    "PercentSampling": 100,
    "PhaseEncodingDirection": "j",
    "PhaseEncodingSteps": 104,
    "PhaseResolution": 1,
    "PixelBandwidth": 2290,
    "ProcedureStepDescription": "video_friends",
    "ProtocolName": "func_task-friends-s02e04a",
    "PulseSequenceDetails": "%CustomerSeq%_cmrr_mbep2d_bold",
    "ReceiveCoilActiveElements": "HC1-7;NC1,2",
    "ReceiveCoilName": "HeadNeck_64",
    "ReconMatrixPE": 104,
    "RepetitionTime": 1.49,
    "SAR": 0.0411418,
    "ScanOptions": "FS",
    "ScanningSequence": "EP",
    "SequenceName": "epfid2d1_104",
    "SequenceVariant": "SK_SS",
    "SeriesDescription": "func_task-friends-s02e04a",
    "SeriesNumber": 23,
    "ShimSetting": [
      633,
      -7209,
      -8818,
      693,
      98,
      -29,
      78,
      -9
    ],
    "SliceThickness": 2,
    "SliceTiming": [
      0,
      0.785,
      0.0975,
      0.8825,
      0.195,
      0.98,
      0.295,
      1.0775,
      0.3925,
      1.175,
      0.49,
      1.275,
      0.5875,
      1.3725,
      0.685,
      0,
      0.785,
      0.0975,
      0.8825,
      0.195,
      0.98,
      0.295,
      1.0775,
      0.3925,
      1.175,
      0.49,
      1.275,
      0.5875,
      1.3725,
      0.685,
      0,
      0.785,
      0.0975,
      0.8825,
      0.195,
      0.98,
      0.295,
      1.0775,
      0.3925,
      1.175,
      0.49,
      1.275,
      0.5875,
      1.3725,
      0.685,
      0,
      0.785,
      0.0975,
      0.8825,
      0.195,
      0.98,
      0.295,
      1.0775,
      0.3925,
      1.175,
      0.49,
      1.275,
      0.5875,
      1.3725,
      0.685
    ],
    "SoftwareVersions": "syngo_MR_E11",
    "SpacingBetweenSlices": 2,
    "StationName": "MRC35049",
    "TaskName": "s02e04a",
    "TotalReadoutTime": 0.0576811,
    "TxRefAmp": 253.638,
    "WipMemBlock": "4d2fe73a-e02c-49b5-a493-9dc33d738c6f||Sequence: R016 ve11c/master r/e634e98; Dec 19 2017 11:00:25 by eja",
    "dataset": "<unset>",
    "modality": "bold",
    "session_id": "011",
    "subject_id": "01",
    "task_id": "s02e04a"
  },
  "dummy_trs": 0,
  "dvars_nstd": 38.149885906092685,
  "dvars_std": 1.0514391728918324,
  "dvars_vstd": 1.001032355629139,
  "efc": 0.5962404900260566,
  "fber": 199.0872039794922,
  "fd_mean": 0.12070666328648344,
  "fd_num": 37,
  "fd_perc": 8.14977973568282,
  "fwhm_avg": 2.568583333333333,
  "fwhm_x": 2.46734,
  "fwhm_y": 2.611775,
  "fwhm_z": 2.626635,
  "gcor": 0.00505045,
  "gsr_x": 0.004025362432003021,
  "gsr_y": 0.06338021159172058,
  "provenance": {
    "md5sum": "86e9c3bcdc3849a4b543c370ce38ff71",
    "settings": {
      "fd_thres": 0.2,
      "testing": false
    },
    "software": "mriqc",
    "version": "22.0.1",
    "webapi_port": null,
    "webapi_url": "https://mriqc.nimh.nih.gov/api/v1"
  },
  "size_t": 454,
  "size_x": 104,
  "size_y": 104,
  "size_z": 60,
  "snr": 2.5890703689094474,
  "spacing_tr": 1.4900000095367432,
  "spacing_x": 2.0,
  "spacing_y": 2.0,
  "spacing_z": 2.0,
  "summary_bg_k": 18.06359892160652,
  "summary_bg_mad": 153.52932353385756,
  "summary_bg_mean": 1179.4710693359375,
  "summary_bg_median": 656.1669311523438,
  "summary_bg_n": 407335.0,
  "summary_bg_p05": 505.9485137939453,
  "summary_bg_p95": 4045.8028320312496,
  "summary_bg_stdv": 1387.48583984375,
  "summary_fg_k": 2.0843277134010885,
  "summary_fg_mad": 3316.4190031793823,
  "summary_fg_mean": 10012.4619140625,
  "summary_fg_median": 9453.6640625,
  "summary_fg_n": 144810.0,
  "summary_fg_p05": 5195.66181640625,
  "summary_fg_p95": 16679.3193359375,
  "summary_fg_stdv": 3651.361328125,
  "tsnr": 33.57073211669922
}