{
  "aor": 0.0006119006479481642,
  "aqi": 0.006470743563714903,
  "bids_meta": {
    "AcquisitionMatrixPE": 104,
    "AcquisitionNumber": 1,
    "AcquisitionTime": "17:29:49.935000",
    "BandwidthPerPixelPhaseEncode": 17.17,
    "BaseResolution": 104,
    "BodyPartExamined": "BRAIN",
    "CogAtlasID": "https://cognitiveatlas.org/task/id/trm_4c898da401420",
    "CoilString": "HC1-7;NC1_2",
    "ConsistencyInfo": "N4_VE11C_LATEST_20160120",
    "ConversionSoftware": "dcm2niix",
    "ConversionSoftwareVersion": "v1.0.20200427",
    "DerivedVendorReportedEchoSpacing": 0.000560011,
    "DeviceSerialNumber": "167006",
    "DwellTime": 2.1e-06,
    "EchoTime": 0.037,
    "EchoTrainLength": 104,
    "EffectiveEchoSpacing": 0.000560011,
    "FlipAngle": 52,
    "ImageComments": "Unaliased_MB4_PE3_LB",
    "ImageOrientationPatientDICOM": [
      0.998747,
      0.0470371,
      0.0170632,
      -0.0411615,
      0.966245,
      -0.254315
    ],
    "ImageType": [
      "ORIGINAL",
      "PRIMARY",
      "M",
      "MB",
      "ND",
      "MOSAIC"
    ],
    "ImagingFrequency": 123.259,
    "InPlanePhaseEncodingDirectionDICOM": "COL",
    "InstitutionAddress": "Chemin_Queen-Mary_4565_Montreal_District_CA_H3W_1W5",
    "InstitutionName": "IUGM",
    "InstitutionalDepartmentName": "Department",
    "MRAcquisitionType": "2D",
    "MagneticFieldStrength": 3,
    "Manufacturer": "Siemens",
    "ManufacturersModelName": "Prisma_fit",
    "Modality": "MR",
    "MultibandAccelerationFactor": 4,
    "PartialFourier": 1,
    "PatientPosition": "HFS",
    "PercentPhaseFOV": 100,
    "PercentSampling": 100,
    "PhaseEncodingDirection": "j",
    "PhaseEncodingSteps": 104,
    "PhaseResolution": 1,
    "PixelBandwidth": 2290,
    "ProcedureStepDescription": "video_friends",
    "ProtocolName": "func_task-friends-s02e03b",
    "PulseSequenceDetails": "%CustomerSeq%_cmrr_mbep2d_bold",
    "ReceiveCoilActiveElements": "HC1-7;NC1,2",
    "ReceiveCoilName": "HeadNeck_64",
    "ReconMatrixPE": 104,
    "RepetitionTime": 1.49,
    "SAR": 0.0421471,
    "ScanOptions": "FS",
    "ScanningSequence": "EP",
    "SequenceName": "epfid2d1_104",
    "SequenceVariant": "SK_SS",
    "SeriesDescription": "func_task-friends-s02e03b",
    "SeriesNumber": 15,
    "ShimSetting": [
      634,
      -7208,
      -8785,
      696,
      75,
      -21,
      74,
      -20
    ],
    "SliceThickness": 2,
    "SliceTiming": [
      0,
      0.785,
      0.0975,
      0.8825,
      0.195,
      0.98,
      0.295,
      1.0775,
      0.3925,
      1.175,
      0.49,
      1.275,
      0.5875,
      1.3725,
      0.685,
      0,
      0.785,
      0.0975,
      0.8825,
      0.195,
      0.98,
      0.295,
      1.0775,
      0.3925,
      1.175,
      0.49,
      1.275,
      0.5875,
      1.3725,
      0.685,
      0,
      0.785,
      0.0975,
      0.8825,
      0.195,
      0.98,
      0.295,
      1.0775,
      0.3925,
      1.175,
      0.49,
      1.275,
      0.5875,
      1.3725,
      0.685,
      0,
      0.785,
      0.0975,
      0.8825,
      0.195,
      0.98,
      0.295,
      1.0775,
      0.3925,
      1.175,
      0.49,
      1.275,
      0.5875,
      1.3725,
      0.685
    ],
    "SoftwareVersions": "syngo_MR_E11",
    "SpacingBetweenSlices": 2,
    "StationName": "MRC35049",
    "TaskName": "s02e03b",
    "TotalReadoutTime": 0.0576811,
    "TxRefAmp": 256.744,
    "WipMemBlock": "233ee4a0-0d27-4646-b36a-fa2c2824133c||Sequence: R016 ve11c/master r/e634e98; Dec 19 2017 11:00:25 by eja",
    "dataset": "<unset>",
    "modality": "bold",
    "session_id": "011",
    "subject_id": "01",
    "task_id": "s02e03b"
  },
  "dummy_trs": 1,
  "dvars_nstd": 38.041772479090874,
  "dvars_std": 1.056825422965368,
  "dvars_vstd": 0.9986435774675336,
  "efc": 0.5965405823842063,
  "fber": 204.72682189941406,
  "fd_mean": 0.11469969881589884,
  "fd_num": 33,
  "fd_perc": 7.1274298056155505,
  "fwhm_avg": 2.5375816666666666,
  "fwhm_x": 2.451195,
  "fwhm_y": 2.59713,
  "fwhm_z": 2.56442,
  "gcor": 0.010355,
  "gsr_x": 0.00399728212505579,
  "gsr_y": 0.0646042600274086,
  "provenance": {
    "md5sum": "79c3f358445b32cf5a25400241db93d3",
    "settings": {
      "fd_thres": 0.2,
      "testing": false
    },
    "software": "mriqc",
    "version": "22.0.1",
    "webapi_port": null,
    "webapi_url": "https://mriqc.nimh.nih.gov/api/v1"
  },
  "size_t": 463,
  "size_x": 104,
  "size_y": 104,
  "size_z": 60,
  "snr": 2.6260673760264575,
  "spacing_tr": 1.4900000095367432,
  "spacing_x": 2.0,
  "spacing_y": 2.0,
  "spacing_z": 2.0,
  "summary_bg_k": 18.4162344448177,
  "summary_bg_mad": 133.38877325475653,
  "summary_bg_mean": 1206.7794189453125,
  "summary_bg_median": 652.372802734375,
  "summary_bg_n": 410008.0,
  "summary_bg_p05": 541.8781280517578,
  "summary_bg_p95": 4222.383935546868,
  "summary_bg_stdv": 1450.7911376953125,
  "summary_fg_k": 1.9999907770534548,
  "summary_fg_mad": 3297.888647228656,
  "summary_fg_mean": 10002.078125,
  "summary_fg_median": 9475.3623046875,
  "summary_fg_n": 143875.0,
  "summary_fg_p05": 5193.838476562501,
  "summary_fg_p95": 16570.166601562498,
  "summary_fg_stdv": 3608.18212890625,
  "tsnr": 35.94983673095703
}