{
  "aor": 0.0005395842450765865,
  "aqi": 0.005252443150984683,
  "bids_meta": {
    "AcquisitionMatrixPE": 104,
    "AcquisitionNumber": 1,
    "AcquisitionTime": "13:42:52.607500",
    "BandwidthPerPixelPhaseEncode": 17.17,
    "BaseResolution": 104,
    "BodyPartExamined": "BRAIN",
    "CogAtlasID": "https://cognitiveatlas.org/task/id/trm_4c898da401420",
    "CoilString": "HC1-7;NC1_2",
    "ConsistencyInfo": "N4_VE11C_LATEST_20160120",
    "ConversionSoftware": "dcm2niix",
    "ConversionSoftwareVersion": "v1.0.20200427",
    "DerivedVendorReportedEchoSpacing": 0.000560011,
    "DeviceSerialNumber": "167006",
    "DwellTime": 2.1e-06,
    "EchoTime": 0.037,
    "EchoTrainLength": 104,
    "EffectiveEchoSpacing": 0.000560011,
    "FlipAngle": 52,
    "ImageComments": "Unaliased_MB4_PE3_LB",
    "ImageOrientationPatientDICOM": [
      0.999945,
      -0.00767241,
      0.00711567,
      0.00959909,
      0.943285,
      -0.331845
    ],
    "ImageType": [
      "ORIGINAL",
      "PRIMARY",
      "M",
      "MB",
      "ND",
      "MOSAIC"
    ],
    "ImagingFrequency": 123.259,
    "InPlanePhaseEncodingDirectionDICOM": "COL",
    "InstitutionAddress": "Chemin_Queen-Mary_4565_Montreal_District_CA_H3W_1W5",
    "InstitutionName": "IUGM",
    "InstitutionalDepartmentName": "Department",
    "MRAcquisitionType": "2D",
    "MagneticFieldStrength": 3,
    "Manufacturer": "Siemens",
    "ManufacturersModelName": "Prisma_fit",
    "Modality": "MR",
    "MultibandAccelerationFactor": 4,
    "PartialFourier": 1,
    "PatientPosition": "HFS",
    "PercentPhaseFOV": 100,
    "PercentSampling": 100,
    "PhaseEncodingDirection": "j",
    "PhaseEncodingSteps": 104,
    "PhaseResolution": 1,
    "PixelBandwidth": 2290,
    "ProcedureStepDescription": "video_friends",
    "ProtocolName": "func_task-friends-s02e08b",
    "PulseSequenceDetails": "%CustomerSeq%_cmrr_mbep2d_bold",
    "ReceiveCoilActiveElements": "HC1-7;NC1,2",
    "ReceiveCoilName": "HeadNeck_64",
    "ReconMatrixPE": 104,
    "RepetitionTime": 1.49,
    "SAR": 0.0294893,
    "ScanOptions": "FS",
    "ScanningSequence": "EP",
    "SequenceName": "epfid2d1_104",
    "SequenceVariant": "SK_SS",
    "SeriesDescription": "func_task-friends-s02e08b",
    "SeriesNumber": 16,
    "ShimSetting": [
      627,
      -7205,
      -8785,
      727,
      23,
      -2,
      34,
      7
    ],
    "SliceThickness": 2,
    "SliceTiming": [
      0,
      0.785,
      0.0975,
      0.8825,
      0.1975,
      0.98,
      0.295,
      1.0775,
      0.3925,
      1.1775,
      0.49,
      1.275,
      0.5875,
      1.3725,
      0.6875,
      0,
      0.785,
      0.0975,
      0.8825,
      0.1975,
      0.98,
      0.295,
      1.0775,
      0.3925,
      1.1775,
      0.49,
      1.275,
      0.5875,
      1.3725,
      0.6875,
      0,
      0.785,
      0.0975,
      0.8825,
      0.1975,
      0.98,
      0.295,
      1.0775,
      0.3925,
      1.1775,
      0.49,
      1.275,
      0.5875,
      1.3725,
      0.6875,
      0,
      0.785,
      0.0975,
      0.8825,
      0.1975,
      0.98,
      0.295,
      1.0775,
      0.3925,
      1.1775,
      0.49,
      1.275,
      0.5875,
      1.3725,
      0.6875
    ],
    "SoftwareVersions": "syngo_MR_E11",
    "SpacingBetweenSlices": 2,
    "StationName": "MRC35049",
    "TaskName": "s02e08b",
    "TotalReadoutTime": 0.0576811,
    "TxRefAmp": 204.354,
    "WipMemBlock": "695639c6-3cad-46f4-adc4-86196b2af835||Sequence: R016 ve11c/master r/e634e98; Dec 19 2017 11:00:25 by eja",
    "dataset": "<unset>",
    "modality": "bold",
    "session_id": "016",
    "subject_id": "03",
    "task_id": "s02e08b"
  },
  "dummy_trs": 1,
  "dvars_nstd": 36.821277400789505,
  "dvars_std": 1.0415911142543859,
  "dvars_vstd": 1.0030406612499996,
  "efc": 0.5710682846884142,
  "fber": 227.0931396484375,
  "fd_mean": 0.07610897639275337,
  "fd_num": 2,
  "fd_perc": 0.437636761487965,
  "fwhm_avg": 2.511716717816594,
  "fwhm_x": 2.42541,
  "fwhm_y": 2.53528,
  "fwhm_z": 2.5744601534497833,
  "gcor": 0.00698609,
  "gsr_x": -0.013756577856838703,
  "gsr_y": 0.04072336480021477,
  "provenance": {
    "md5sum": "86eac32dfc035194e1456bd088fc8582",
    "settings": {
      "fd_thres": 0.2,
      "testing": false
    },
    "software": "mriqc",
    "version": "22.0.1",
    "webapi_port": null,
    "webapi_url": "https://mriqc.nimh.nih.gov/api/v1"
  },
  "size_t": 457,
  "size_x": 104,
  "size_y": 104,
  "size_z": 60,
  "snr": 2.5137100749937527,
  "spacing_tr": 1.4900000095367432,
  "spacing_x": 2.0,
  "spacing_y": 2.0,
  "spacing_z": 1.9999998807907104,
  "summary_bg_k": 41.39438707647352,
  "summary_bg_mad": 65.96313000337045,
  "summary_bg_mean": 854.2556762695312,
  "summary_bg_median": 586.2506103515625,
  "summary_bg_n": 409930.0,
  "summary_bg_p05": 530.5030456542969,
  "summary_bg_p95": 2221.7965576171855,
  "summary_bg_stdv": 873.4637451171875,
  "summary_fg_k": 2.1871801709855543,
  "summary_fg_mad": 3142.798175411494,
  "summary_fg_mean": 9439.92578125,
  "summary_fg_median": 8879.9296875,
  "summary_fg_n": 149207.0,
  "summary_fg_p05": 4853.44765625,
  "summary_fg_p95": 15943.218554687499,
  "summary_fg_stdv": 3532.587158203125,
  "tsnr": 36.101627349853516
}