{
  "aor": 0.0009081557377049181,
  "aqi": 0.007993057663934426,
  "bids_meta": {
    "AcquisitionMatrixPE": 104,
    "AcquisitionNumber": 1,
    "AcquisitionTime": "11:09:32.467500",
    "BandwidthPerPixelPhaseEncode": 17.17,
    "BaseResolution": 104,
    "BodyPartExamined": "BRAIN",
    "CogAtlasID": "https://cognitiveatlas.org/task/id/trm_4c898da401420",
    "CoilString": "HC1-7;NC1_2",
    "ConsistencyInfo": "N4_VE11C_LATEST_20160120",
    "ConversionSoftware": "dcm2niix",
    "ConversionSoftwareVersion": "v1.0.20200427",
    "DerivedVendorReportedEchoSpacing": 0.000560011,
    "DeviceSerialNumber": "167006",
    "DwellTime": 2.1e-06,
    "EchoTime": 0.037,
    "EchoTrainLength": 104,
    "EffectiveEchoSpacing": 0.000560011,
    "FlipAngle": 52,
    "ImageComments": "Unaliased_MB4_PE3_LB",
    "ImageOrientationPatientDICOM": [
      0.999334,
      0.0187259,
      0.0313166,
      -0.0101166,
      0.966813,
      -0.255283
    ],
    "ImageType": [
      "ORIGINAL",
      "PRIMARY",
      "M",
      "MB",
      "ND",
      "MOSAIC"
    ],
    "ImagingFrequency": 123.259,
    "InPlanePhaseEncodingDirectionDICOM": "COL",
    "InstitutionAddress": "Chemin_Queen-Mary_4565_Montreal_District_CA_H3W_1W5",
    "InstitutionName": "IUGM",
    "InstitutionalDepartmentName": "Department",
    "MRAcquisitionType": "2D",
    "MagneticFieldStrength": 3,
    "Manufacturer": "Siemens",
    "ManufacturersModelName": "Prisma_fit",
    "Modality": "MR",
    "MultibandAccelerationFactor": 4,
    "PartialFourier": 1,
    "PatientPosition": "HFS",
    "PercentPhaseFOV": 100,
    "PercentSampling": 100,
    "PhaseEncodingDirection": "j",
    "PhaseEncodingSteps": 104,
    "PhaseResolution": 1,
    "PixelBandwidth": 2290,
    "ProcedureStepDescription": "video_friends",
    "ProtocolName": "func_task-friends-s02e11b",
    "PulseSequenceDetails": "%CustomerSeq%_cmrr_mbep2d_bold",
    "ReceiveCoilActiveElements": "HC1-7;NC1,2",
    "ReceiveCoilName": "HeadNeck_64",
    "ReconMatrixPE": 104,
    "RepetitionTime": 1.49,
    "SAR": 0.0397302,
    "ScanOptions": "FS",
    "ScanningSequence": "EP",
    "SequenceName": "epfid2d1_104",
    "SequenceVariant": "SK_SS",
    "SeriesDescription": "func_task-friends-s02e11b",
    "SeriesNumber": 11,
    "ShimSetting": [
      636,
      -7209,
      -8828,
      717,
      88,
      -28,
      89,
      -14
    ],
    "SliceThickness": 2,
    "SliceTiming": [
      0,
      0.785,
      0.0975,
      0.8825,
      0.195,
      0.98,
      0.295,
      1.0775,
      0.3925,
      1.175,
      0.49,
      1.275,
      0.5875,
      1.3725,
      0.685,
      0,
      0.785,
      0.0975,
      0.8825,
      0.195,
      0.98,
      0.295,
      1.0775,
      0.3925,
      1.175,
      0.49,
      1.275,
      0.5875,
      1.3725,
      0.685,
      0,
      0.785,
      0.0975,
      0.8825,
      0.195,
      0.98,
      0.295,
      1.0775,
      0.3925,
      1.175,
      0.49,
      1.275,
      0.5875,
      1.3725,
      0.685,
      0,
      0.785,
      0.0975,
      0.8825,
      0.195,
      0.98,
      0.295,
      1.0775,
      0.3925,
      1.175,
      0.49,
      1.275,
      0.5875,
      1.3725,
      0.685
    ],
    "SoftwareVersions": "syngo_MR_E11",
    "SpacingBetweenSlices": 2,
    "StationName": "MRC35049",
    "TaskName": "s02e11b",
    "TotalReadoutTime": 0.0576811,
    "TxRefAmp": 251.902,
    "WipMemBlock": "d0b24001-5d72-436e-a453-591edc13dfda||Sequence: R016 ve11c/master r/e634e98; Dec 19 2017 11:00:25 by eja",
    "dataset": "<unset>",
    "modality": "bold",
    "session_id": "014",
    "subject_id": "01",
    "task_id": "s02e11b"
  },
  "dummy_trs": 0,
  "dvars_nstd": 39.340030110102695,
  "dvars_std": 1.0576841775154013,
  "dvars_vstd": 1.0008685179876797,
  "efc": 0.5969705668164841,
  "fber": 196.8452606201172,
  "fd_mean": 0.12239696605618869,
  "fd_num": 59,
  "fd_perc": 12.09016393442623,
  "fwhm_avg": 2.5598666666666667,
  "fwhm_x": 2.455065,
  "fwhm_y": 2.598705,
  "fwhm_z": 2.62583,
  "gcor": 0.0127647,
  "gsr_x": 0.006737314164638519,
  "gsr_y": 0.06266778707504272,
  "provenance": {
    "md5sum": "4192c99fe2197d3fef302227dac6edd3",
    "settings": {
      "fd_thres": 0.2,
      "testing": false
    },
    "software": "mriqc",
    "version": "22.0.1",
    "webapi_port": null,
    "webapi_url": "https://mriqc.nimh.nih.gov/api/v1"
  },
  "size_t": 488,
  "size_x": 104,
  "size_y": 104,
  "size_z": 60,
  "snr": 2.5926103086628776,
  "spacing_tr": 1.4900000095367432,
  "spacing_x": 2.0,
  "spacing_y": 2.0,
  "spacing_z": 2.0,
  "summary_bg_k": 20.065696606551533,
  "summary_bg_mad": 144.12279883819977,
  "summary_bg_mean": 1154.9537353515625,
  "summary_bg_median": 651.1817016601562,
  "summary_bg_n": 405551.0,
  "summary_bg_p05": 511.62403869628906,
  "summary_bg_p95": 3926.14208984375,
  "summary_bg_stdv": 1351.6573486328125,
  "summary_fg_k": 2.036320425586034,
  "summary_fg_mad": 3282.7057290993994,
  "summary_fg_mean": 9893.611328125,
  "summary_fg_median": 9350.669921875,
  "summary_fg_n": 145173.0,
  "summary_fg_p05": 5128.9494140625,
  "summary_fg_p95": 16495.000390625,
  "summary_fg_stdv": 3606.64990234375,
  "tsnr": 33.48218536376953
}