{
  "aor": 0.00028685185185185183,
  "aqi": 0.005705268888888888,
  "bids_meta": {
    "AcquisitionMatrixPE": 104,
    "AcquisitionNumber": 1,
    "AcquisitionTime": "13:59:57.975000",
    "BandwidthPerPixelPhaseEncode": 17.17,
    "BaseResolution": 104,
    "BodyPartExamined": "BRAIN",
    "CogAtlasID": "https://cognitiveatlas.org/task/id/trm_4c898da401420",
    "CoilString": "HC1-7;NC1_2",
    "ConsistencyInfo": "N4_VE11C_LATEST_20160120",
    "ConversionSoftware": "dcm2niix",
    "ConversionSoftwareVersion": "v1.0.20200427",
    "DerivedVendorReportedEchoSpacing": 0.000560011,
    "DeviceSerialNumber": "167006",
    "DwellTime": 2.1e-06,
    "EchoTime": 0.037,
    "EchoTrainLength": 104,
    "EffectiveEchoSpacing": 0.000560011,
    "FlipAngle": 52,
    "ImageComments": "Unaliased_MB4_PE3_LB",
    "ImageOrientationPatientDICOM": [
      0.99767,
      -0.00262278,
      -0.0681703,
      -0.0132343,
      0.972837,
      -0.231113
    ],
    "ImageType": [
      "ORIGINAL",
      "PRIMARY",
      "M",
      "MB",
      "ND",
      "MOSAIC"
    ],
    "ImagingFrequency": 123.259,
    "InPlanePhaseEncodingDirectionDICOM": "COL",
    "InstitutionAddress": "Chemin_Queen-Mary_4565_Montreal_District_CA_H3W_1W5",
    "InstitutionName": "IUGM",
    "InstitutionalDepartmentName": "Department",
    "MRAcquisitionType": "2D",
    "MagneticFieldStrength": 3,
    "Manufacturer": "Siemens",
    "ManufacturersModelName": "Prisma_fit",
    "Modality": "MR",
    "MultibandAccelerationFactor": 4,
    "PartialFourier": 1,
    "PatientPosition": "HFS",
    "PercentPhaseFOV": 100,
    "PercentSampling": 100,
    "PhaseEncodingDirection": "j",
    "PhaseEncodingSteps": 104,
    "PhaseResolution": 1,
    "PixelBandwidth": 2290,
    "ProcedureStepDescription": "video_friends",
    "ProtocolName": "func_task-friends-s02e12b",
    "PulseSequenceDetails": "%CustomerSeq%_cmrr_mbep2d_bold",
    "ReceiveCoilActiveElements": "HC1-7;NC1,2",
    "ReceiveCoilName": "HeadNeck_64",
    "ReconMatrixPE": 104,
    "RepetitionTime": 1.49,
    "SAR": 0.0312037,
    "ScanOptions": "FS",
    "ScanningSequence": "EP",
    "SequenceName": "epfid2d1_104",
    "SequenceVariant": "SK_SS",
    "SeriesDescription": "func_task-friends-s02e12b",
    "SeriesNumber": 14,
    "ShimSetting": [
      599,
      -7251,
      -8842,
      587,
      -45,
      -308,
      -11,
      51
    ],
    "SliceThickness": 2,
    "SliceTiming": [
      0,
      0.7825,
      0.0975,
      0.88,
      0.195,
      0.98,
      0.2925,
      1.0775,
      0.39,
      1.175,
      0.49,
      1.2725,
      0.5875,
      1.37,
      0.685,
      0,
      0.7825,
      0.0975,
      0.88,
      0.195,
      0.98,
      0.2925,
      1.0775,
      0.39,
      1.175,
      0.49,
      1.2725,
      0.5875,
      1.37,
      0.685,
      0,
      0.7825,
      0.0975,
      0.88,
      0.195,
      0.98,
      0.2925,
      1.0775,
      0.39,
      1.175,
      0.49,
      1.2725,
      0.5875,
      1.37,
      0.685,
      0,
      0.7825,
      0.0975,
      0.88,
      0.195,
      0.98,
      0.2925,
      1.0775,
      0.39,
      1.175,
      0.49,
      1.2725,
      0.5875,
      1.37,
      0.685
    ],
    "SoftwareVersions": "syngo_MR_E11",
    "SpacingBetweenSlices": 2,
    "StationName": "MRC35049",
    "TaskName": "s02e12b",
    "TotalReadoutTime": 0.0576811,
    "TxRefAmp": 219.425,
    "WipMemBlock": "74fa962a-6fdd-452c-bd4a-f05186ff41c8||Sequence: R016 ve11c/master r/e634e98; Dec 19 2017 11:00:25 by eja",
    "dataset": "<unset>",
    "modality": "bold",
    "session_id": "016",
    "subject_id": "04",
    "task_id": "s02e12b"
  },
  "dummy_trs": 2,
  "dvars_nstd": 39.14930562288657,
  "dvars_std": 1.037815756350516,
  "dvars_vstd": 0.9914664403505158,
  "efc": 0.5774073621108069,
  "fber": 206.5140380859375,
  "fd_mean": 0.07340169818888508,
  "fd_num": 4,
  "fd_perc": 0.823045267489712,
  "fwhm_avg": 2.763453333333333,
  "fwhm_x": 2.634525,
  "fwhm_y": 2.817725,
  "fwhm_z": 2.83811,
  "gcor": 0.0082979,
  "gsr_x": -0.024077653884887695,
  "gsr_y": 0.0674508735537529,
  "provenance": {
    "md5sum": "540f2b7a35a04ddfcbc53c781d7b977b",
    "settings": {
      "fd_thres": 0.2,
      "testing": false
    },
    "software": "mriqc",
    "version": "22.0.1",
    "webapi_port": null,
    "webapi_url": "https://mriqc.nimh.nih.gov/api/v1"
  },
  "size_t": 486,
  "size_x": 104,
  "size_y": 104,
  "size_z": 60,
  "snr": 2.319957867914744,
  "spacing_tr": 1.4900000095367432,
  "spacing_x": 2.0,
  "spacing_y": 2.0,
  "spacing_z": 2.0,
  "summary_bg_k": 25.352714931634797,
  "summary_bg_mad": 71.81888391949082,
  "summary_bg_mean": 962.9219360351562,
  "summary_bg_median": 604.925537109375,
  "summary_bg_n": 410124.0,
  "summary_bg_p05": 537.0362976074218,
  "summary_bg_p95": 2998.405419921874,
  "summary_bg_stdv": 1008.3113403320312,
  "summary_fg_k": 4.217762227343037,
  "summary_fg_mad": 3242.7333833489083,
  "summary_fg_mean": 9459.05078125,
  "summary_fg_median": 8850.41015625,
  "summary_fg_n": 146049.0,
  "summary_fg_p05": 4739.23876953125,
  "summary_fg_p95": 16155.372851562503,
  "summary_fg_stdv": 3814.88818359375,
  "tsnr": 34.21582794189453
}