{
  "aor": 0.0006184631147540983,
  "aqi": 0.005822142807377049,
  "bids_meta": {
    "AcquisitionMatrixPE": 104,
    "AcquisitionNumber": 1,
    "AcquisitionTime": "13:33:51.912500",
    "BandwidthPerPixelPhaseEncode": 17.17,
    "BaseResolution": 104,
    "BodyPartExamined": "BRAIN",
    "CogAtlasID": "https://cognitiveatlas.org/task/id/trm_4c898da401420",
    "CoilString": "HC1-7;NC1_2",
    "ConsistencyInfo": "N4_VE11C_LATEST_20160120",
    "ConversionSoftware": "dcm2niix",
    "ConversionSoftwareVersion": "v1.0.20200427",
    "DerivedVendorReportedEchoSpacing": 0.000560011,
    "DeviceSerialNumber": "167006",
    "DwellTime": 2.1e-06,
    "EchoTime": 0.037,
    "EchoTrainLength": 104,
    "EffectiveEchoSpacing": 0.000560011,
    "FlipAngle": 52,
    "ImageComments": "Unaliased_MB4_PE3_LB",
    "ImageOrientationPatientDICOM": [
      0.99767,
      -0.00262278,
      -0.0681703,
      -0.0132343,
      0.972837,
      -0.231113
    ],
    "ImageType": [
      "ORIGINAL",
      "PRIMARY",
      "M",
      "MB",
      "ND",
      "MOSAIC"
    ],
    "ImagingFrequency": 123.259,
    "InPlanePhaseEncodingDirectionDICOM": "COL",
    "InstitutionAddress": "Chemin_Queen-Mary_4565_Montreal_District_CA_H3W_1W5",
    "InstitutionName": "IUGM",
    "InstitutionalDepartmentName": "Department",
    "MRAcquisitionType": "2D",
    "MagneticFieldStrength": 3,
    "Manufacturer": "Siemens",
    "ManufacturersModelName": "Prisma_fit",
    "Modality": "MR",
    "MultibandAccelerationFactor": 4,
    "PartialFourier": 1,
    "PatientPosition": "HFS",
    "PercentPhaseFOV": 100,
    "PercentSampling": 100,
    "PhaseEncodingDirection": "j",
    "PhaseEncodingSteps": 104,
    "PhaseResolution": 1,
    "PixelBandwidth": 2290,
    "ProcedureStepDescription": "video_friends",
    "ProtocolName": "func_task-friends-s02e11b",
    "PulseSequenceDetails": "%CustomerSeq%_cmrr_mbep2d_bold",
    "ReceiveCoilActiveElements": "HC1-7;NC1,2",
    "ReceiveCoilName": "HeadNeck_64",
    "ReconMatrixPE": 104,
    "RepetitionTime": 1.49,
    "SAR": 0.0312037,
    "ScanOptions": "FS",
    "ScanningSequence": "EP",
    "SequenceName": "epfid2d1_104",
    "SequenceVariant": "SK_SS",
    "SeriesDescription": "func_task-friends-s02e11b",
    "SeriesNumber": 10,
    "ShimSetting": [
      599,
      -7251,
      -8842,
      587,
      -45,
      -308,
      -11,
      51
    ],
    "SliceThickness": 2,
    "SliceTiming": [
      0,
      0.785,
      0.1,
      0.8825,
      0.1975,
      0.98,
      0.295,
      1.08,
      0.3925,
      1.1775,
      0.49,
      1.275,
      0.59,
      1.3725,
      0.6875,
      0,
      0.785,
      0.1,
      0.8825,
      0.1975,
      0.98,
      0.295,
      1.08,
      0.3925,
      1.1775,
      0.49,
      1.275,
      0.59,
      1.3725,
      0.6875,
      0,
      0.785,
      0.1,
      0.8825,
      0.1975,
      0.98,
      0.295,
      1.08,
      0.3925,
      1.1775,
      0.49,
      1.275,
      0.59,
      1.3725,
      0.6875,
      0,
      0.785,
      0.1,
      0.8825,
      0.1975,
      0.98,
      0.295,
      1.08,
      0.3925,
      1.1775,
      0.49,
      1.275,
      0.59,
      1.3725,
      0.6875
    ],
    "SoftwareVersions": "syngo_MR_E11",
    "SpacingBetweenSlices": 2,
    "StationName": "MRC35049",
    "TaskName": "s02e11b",
    "TotalReadoutTime": 0.0576811,
    "TxRefAmp": 219.425,
    "WipMemBlock": "ca66736d-39b0-4967-ad6b-68d71551106d||Sequence: R016 ve11c/master r/e634e98; Dec 19 2017 11:00:25 by eja",
    "dataset": "<unset>",
    "modality": "bold",
    "session_id": "016",
    "subject_id": "04",
    "task_id": "s02e11b"
  },
  "dummy_trs": 0,
  "dvars_nstd": 39.406979351273066,
  "dvars_std": 1.0442320069199178,
  "dvars_vstd": 0.9944300710472296,
  "efc": 0.5745373722762785,
  "fber": 214.64952087402344,
  "fd_mean": 0.09069026411820866,
  "fd_num": 5,
  "fd_perc": 1.0245901639344261,
  "fwhm_avg": 2.7611783333333335,
  "fwhm_x": 2.63422,
  "fwhm_y": 2.81872,
  "fwhm_z": 2.830595,
  "gcor": 0.00659521,
  "gsr_x": -0.023511212319135666,
  "gsr_y": 0.0676056444644928,
  "provenance": {
    "md5sum": "e3ebe126020f21dca1ff2a25760c7b1e",
    "settings": {
      "fd_thres": 0.2,
      "testing": false
    },
    "software": "mriqc",
    "version": "22.0.1",
    "webapi_port": null,
    "webapi_url": "https://mriqc.nimh.nih.gov/api/v1"
  },
  "size_t": 488,
  "size_x": 104,
  "size_y": 104,
  "size_z": 60,
  "snr": 2.316916035446988,
  "spacing_tr": 1.4900000095367432,
  "spacing_x": 2.0,
  "spacing_y": 2.0,
  "spacing_z": 2.0,
  "summary_bg_k": 26.96117929074629,
  "summary_bg_mad": 62.247575371300144,
  "summary_bg_mean": 950.7498168945312,
  "summary_bg_median": 598.668701171875,
  "summary_bg_n": 410874.0,
  "summary_bg_p05": 541.2478790283203,
  "summary_bg_p95": 2928.8901855468703,
  "summary_bg_stdv": 998.47802734375,
  "summary_fg_k": 4.13682999692075,
  "summary_fg_mad": 3265.600785144882,
  "summary_fg_mean": 9544.71484375,
  "summary_fg_median": 8928.755859375,
  "summary_fg_n": 145768.0,
  "summary_fg_p05": 4779.990258789063,
  "summary_fg_p95": 16318.281396484374,
  "summary_fg_stdv": 3853.711181640625,
  "tsnr": 34.128143310546875
}