{
  "aor": 0.003848608870967742,
  "aqi": 0.011974562681451613,
  "bids_meta": {
    "AcquisitionMatrixPE": 104,
    "AcquisitionNumber": 1,
    "AcquisitionTime": "14:37:25.955000",
    "BandwidthPerPixelPhaseEncode": 17.17,
    "BaseResolution": 104,
    "BodyPartExamined": "BRAIN",
    "CogAtlasID": "https://cognitiveatlas.org/task/id/trm_4c898da401420",
    "CoilString": "HC1-7;NC1_2",
    "ConsistencyInfo": "N4_VE11C_LATEST_20160120",
    "ConversionSoftware": "dcm2niix",
    "ConversionSoftwareVersion": "v1.0.20200427",
    "DerivedVendorReportedEchoSpacing": 0.000560011,
    "DeviceSerialNumber": "167006",
    "DwellTime": 2.1e-06,
    "EchoTime": 0.037,
    "EchoTrainLength": 104,
    "EffectiveEchoSpacing": 0.000560011,
    "FlipAngle": 52,
    "ImageComments": "Unaliased_MB4_PE3_LB",
    "ImageOrientationPatientDICOM": [
      0.999679,
      -0.0220257,
      0.0124959,
      0.0253046,
      0.849775,
      -0.526538
    ],
    "ImageType": [
      "ORIGINAL",
      "PRIMARY",
      "M",
      "MB",
      "ND",
      "MOSAIC"
    ],
    "ImagingFrequency": 123.259,
    "InPlanePhaseEncodingDirectionDICOM": "COL",
    "InstitutionAddress": "Chemin_Queen-Mary_4565_Montreal_District_CA_H3W_1W5",
    "InstitutionName": "IUGM",
    "InstitutionalDepartmentName": "Department",
    "MRAcquisitionType": "2D",
    "MagneticFieldStrength": 3,
    "Manufacturer": "Siemens",
    "ManufacturersModelName": "Prisma_fit",
    "Modality": "MR",
    "MultibandAccelerationFactor": 4,
    "PartialFourier": 1,
    "PatientPosition": "HFS",
    "PercentPhaseFOV": 100,
    "PercentSampling": 100,
    "PhaseEncodingDirection": "j",
    "PhaseEncodingSteps": 104,
    "PhaseResolution": 1,
    "PixelBandwidth": 2290,
    "ProcedureStepDescription": "video_friends",
    "ProtocolName": "func_task-friends-s02e07a",
    "PulseSequenceDetails": "%CustomerSeq%_cmrr_mbep2d_bold",
    "ReceiveCoilActiveElements": "HC1-7;NC1,2",
    "ReceiveCoilName": "HeadNeck_64",
    "ReconMatrixPE": 104,
    "RepetitionTime": 1.49,
    "SAR": 0.0340438,
    "ScanOptions": "FS",
    "ScanningSequence": "EP",
    "SequenceName": "epfid2d1_104",
    "SequenceVariant": "SK_SS",
    "SeriesDescription": "func_task-friends-s02e07a",
    "SeriesNumber": 8,
    "ShimSetting": [
      623,
      -7190,
      -8879,
      422,
      -24,
      -200,
      5,
      -20
    ],
    "SliceThickness": 2,
    "SliceTiming": [
      0,
      0.7825,
      0.0975,
      0.8825,
      0.195,
      0.98,
      0.295,
      1.0775,
      0.3925,
      1.175,
      0.49,
      1.2725,
      0.5875,
      1.3725,
      0.685,
      0,
      0.7825,
      0.0975,
      0.8825,
      0.195,
      0.98,
      0.295,
      1.0775,
      0.3925,
      1.175,
      0.49,
      1.2725,
      0.5875,
      1.3725,
      0.685,
      0,
      0.7825,
      0.0975,
      0.8825,
      0.195,
      0.98,
      0.295,
      1.0775,
      0.3925,
      1.175,
      0.49,
      1.2725,
      0.5875,
      1.3725,
      0.685,
      0,
      0.7825,
      0.0975,
      0.8825,
      0.195,
      0.98,
      0.295,
      1.0775,
      0.3925,
      1.175,
      0.49,
      1.2725,
      0.5875,
      1.3725,
      0.685
    ],
    "SoftwareVersions": "syngo_MR_E11",
    "SpacingBetweenSlices": 2,
    "StationName": "MRC35049",
    "TaskName": "s02e07a",
    "TotalReadoutTime": 0.0576811,
    "TxRefAmp": 246.409,
    "WipMemBlock": "1397d234-4665-4171-8ae1-69c7683dc526||Sequence: R016 ve11c/master r/e634e98; Dec 19 2017 11:00:25 by eja",
    "dataset": "<unset>",
    "modality": "bold",
    "session_id": "012",
    "subject_id": "02",
    "task_id": "s02e07a"
  },
  "dummy_trs": 0,
  "dvars_nstd": 43.90710969414136,
  "dvars_std": 1.055212758020202,
  "dvars_vstd": 1.0162104331717179,
  "efc": 0.6112473724397129,
  "fber": 172.35952758789062,
  "fd_mean": 0.14604750719410908,
  "fd_num": 103,
  "fd_perc": 20.766129032258064,
  "fwhm_avg": 2.6599800000000005,
  "fwhm_x": 2.517545,
  "fwhm_y": 2.72451,
  "fwhm_z": 2.737885,
  "gcor": 0.0113642,
  "gsr_x": -0.02707473188638687,
  "gsr_y": 0.08553937822580338,
  "provenance": {
    "md5sum": "b0976c139f2f394765df7bb239e5820e",
    "settings": {
      "fd_thres": 0.2,
      "testing": false
    },
    "software": "mriqc",
    "version": "22.0.1",
    "webapi_port": null,
    "webapi_url": "https://mriqc.nimh.nih.gov/api/v1"
  },
  "size_t": 496,
  "size_x": 104,
  "size_y": 104,
  "size_z": 60,
  "snr": 2.14358228732308,
  "spacing_tr": 1.4900000095367432,
  "spacing_x": 2.0,
  "spacing_y": 2.0,
  "spacing_z": 2.0,
  "summary_bg_k": 39.538607429435885,
  "summary_bg_mad": 129.807823774055,
  "summary_bg_mean": 1204.801025390625,
  "summary_bg_median": 665.0843505859375,
  "summary_bg_n": 378902.0,
  "summary_bg_p05": 558.5264892578125,
  "summary_bg_p95": 4000.276806640628,
  "summary_bg_stdv": 1394.6260986328125,
  "summary_fg_k": 2.6927861002229045,
  "summary_fg_mad": 3422.12246037317,
  "summary_fg_mean": 9689.0478515625,
  "summary_fg_median": 8864.681640625,
  "summary_fg_n": 171584.0,
  "summary_fg_p05": 4687.99599609375,
  "summary_fg_p95": 17540.2607421875,
  "summary_fg_stdv": 4135.43994140625,
  "tsnr": 29.421680450439453
}