{
  "aor": 0.0004065524193548387,
  "aqi": 0.009401155181451614,
  "bids_meta": {
    "AcquisitionMatrixPE": 104,
    "AcquisitionNumber": 1,
    "AcquisitionTime": "10:53:33.397500",
    "BandwidthPerPixelPhaseEncode": 17.17,
    "BaseResolution": 104,
    "BodyPartExamined": "BRAIN",
    "CogAtlasID": "https://cognitiveatlas.org/task/id/trm_4c898da401420",
    "CoilString": "HC1-7;NC1_2",
    "ConsistencyInfo": "N4_VE11C_LATEST_20160120",
    "ConversionSoftware": "dcm2niix",
    "ConversionSoftwareVersion": "v1.0.20200427",
    "DerivedVendorReportedEchoSpacing": 0.000560011,
    "DeviceSerialNumber": "167006",
    "DwellTime": 2.1e-06,
    "EchoTime": 0.037,
    "EchoTrainLength": 104,
    "EffectiveEchoSpacing": 0.000560011,
    "FlipAngle": 52,
    "ImageComments": "Unaliased_MB4_PE3_LB",
    "ImageOrientationPatientDICOM": [
      0.997486,
      -0.00581108,
      -0.0706308,
      -0.00905321,
      0.978019,
      -0.20832
    ],
    "ImageType": [
      "ORIGINAL",
      "PRIMARY",
      "M",
      "MB",
      "ND",
      "MOSAIC"
    ],
    "ImagingFrequency": 123.259,
    "InPlanePhaseEncodingDirectionDICOM": "COL",
    "InstitutionAddress": "Chemin_Queen-Mary_4565_Montreal_District_CA_H3W_1W5",
    "InstitutionName": "IUGM",
    "InstitutionalDepartmentName": "Department",
    "MRAcquisitionType": "2D",
    "MagneticFieldStrength": 3,
    "Manufacturer": "Siemens",
    "ManufacturersModelName": "Prisma_fit",
    "Modality": "MR",
    "MultibandAccelerationFactor": 4,
    "PartialFourier": 1,
    "PatientPosition": "HFS",
    "PercentPhaseFOV": 100,
    "PercentSampling": 100,
    "PhaseEncodingDirection": "j",
    "PhaseEncodingSteps": 104,
    "PhaseResolution": 1,
    "PixelBandwidth": 2290,
    "ProcedureStepDescription": "video_friends",
    "ProtocolName": "func_task-friends-s02e07b",
    "PulseSequenceDetails": "%CustomerSeq%_cmrr_mbep2d_bold",
    "ReceiveCoilActiveElements": "HC1-7;NC1,2",
    "ReceiveCoilName": "HeadNeck_64",
    "ReconMatrixPE": 104,
    "RepetitionTime": 1.49,
    "SAR": 0.0317454,
    "ScanOptions": "FS",
    "ScanningSequence": "EP",
    "SequenceName": "epfid2d1_104",
    "SequenceVariant": "SK_SS",
    "SeriesDescription": "func_task-friends-s02e07b",
    "SeriesNumber": 28,
    "ShimSetting": [
      588,
      -7272,
      -8842,
      588,
      -78,
      -352,
      52,
      49
    ],
    "SliceThickness": 2,
    "SliceTiming": [
      0,
      0.7825,
      0.0975,
      0.88,
      0.195,
      0.98,
      0.2925,
      1.0775,
      0.39,
      1.175,
      0.49,
      1.2725,
      0.5875,
      1.37,
      0.685,
      0,
      0.7825,
      0.0975,
      0.88,
      0.195,
      0.98,
      0.2925,
      1.0775,
      0.39,
      1.175,
      0.49,
      1.2725,
      0.5875,
      1.37,
      0.685,
      0,
      0.7825,
      0.0975,
      0.88,
      0.195,
      0.98,
      0.2925,
      1.0775,
      0.39,
      1.175,
      0.49,
      1.2725,
      0.5875,
      1.37,
      0.685,
      0,
      0.7825,
      0.0975,
      0.88,
      0.195,
      0.98,
      0.2925,
      1.0775,
      0.39,
      1.175,
      0.49,
      1.2725,
      0.5875,
      1.37,
      0.685
    ],
    "SoftwareVersions": "syngo_MR_E11",
    "SpacingBetweenSlices": 2,
    "StationName": "MRC35049",
    "TaskName": "s02e07b",
    "TotalReadoutTime": 0.0576811,
    "TxRefAmp": 220.588,
    "WipMemBlock": "97bb8324-fc7b-4665-b639-59398b522a12||Sequence: R016 ve11c/master r/e634e98; Dec 19 2017 11:00:25 by eja",
    "dataset": "<unset>",
    "modality": "bold",
    "session_id": "014",
    "subject_id": "04",
    "task_id": "s02e07b"
  },
  "dummy_trs": 0,
  "dvars_nstd": 38.46966839406056,
  "dvars_std": 0.9864463322626265,
  "dvars_vstd": 0.965108091454545,
  "efc": 0.580345015389808,
  "fber": 199.4627685546875,
  "fd_mean": 0.09295058072408122,
  "fd_num": 13,
  "fd_perc": 2.620967741935484,
  "fwhm_avg": 2.7046050000000004,
  "fwhm_x": 2.587115,
  "fwhm_y": 2.779155,
  "fwhm_z": 2.747545,
  "gcor": 0.00738329,
  "gsr_x": -0.02481990121304989,
  "gsr_y": 0.06536313891410828,
  "provenance": {
    "md5sum": "80e1793a7042e3cc7a1683058b673782",
    "settings": {
      "fd_thres": 0.2,
      "testing": false
    },
    "software": "mriqc",
    "version": "22.0.1",
    "webapi_port": null,
    "webapi_url": "https://mriqc.nimh.nih.gov/api/v1"
  },
  "size_t": 496,
  "size_x": 104,
  "size_y": 104,
  "size_z": 60,
  "snr": 2.385425753170662,
  "spacing_tr": 1.4900000095367432,
  "spacing_x": 2.0,
  "spacing_y": 2.0,
  "spacing_z": 2.0,
  "summary_bg_k": 25.178619107280575,
  "summary_bg_mad": 76.65367472951442,
  "summary_bg_mean": 944.9837036132812,
  "summary_bg_median": 604.9334716796875,
  "summary_bg_n": 409712.0,
  "summary_bg_p05": 530.1580383300782,
  "summary_bg_p95": 2834.996020507807,
  "summary_bg_stdv": 961.2730102539062,
  "summary_fg_k": 4.034354969208701,
  "summary_fg_mad": 3115.0877028919836,
  "summary_fg_mean": 9246.4267578125,
  "summary_fg_median": 8698.2314453125,
  "summary_fg_n": 146084.0,
  "summary_fg_p05": 4624.586669921875,
  "summary_fg_p95": 15599.274658203125,
  "summary_fg_stdv": 3646.393798828125,
  "tsnr": 29.111623764038086
}