{
  "aor": 0.0025616837782340865,
  "aqi": 0.00840454271047228,
  "bids_meta": {
    "AcquisitionMatrixPE": 104,
    "AcquisitionNumber": 1,
    "AcquisitionTime": "18:13:35.975000",
    "BandwidthPerPixelPhaseEncode": 17.17,
    "BaseResolution": 104,
    "BodyPartExamined": "BRAIN",
    "CogAtlasID": "https://cognitiveatlas.org/task/id/trm_4c898da401420",
    "CoilString": "HC1-7;NC1_2",
    "ConsistencyInfo": "N4_VE11C_LATEST_20160120",
    "ConversionSoftware": "dcm2niix",
    "ConversionSoftwareVersion": "v1.0.20200427",
    "DerivedVendorReportedEchoSpacing": 0.000560011,
    "DeviceSerialNumber": "167006",
    "DwellTime": 2.1e-06,
    "EchoTime": 0.037,
    "EchoTrainLength": 104,
    "EffectiveEchoSpacing": 0.000560011,
    "FlipAngle": 52,
    "ImageComments": "Unaliased_MB4_PE3_LB",
    "ImageOrientationPatientDICOM": [
      0.999622,
      -0.0245932,
      -0.0122597,
      0.0181466,
      0.925805,
      -0.377566
    ],
    "ImageType": [
      "ORIGINAL",
      "PRIMARY",
      "M",
      "MB",
      "ND",
      "MOSAIC"
    ],
    "ImagingFrequency": 123.259,
    "InPlanePhaseEncodingDirectionDICOM": "COL",
    "InstitutionAddress": "Chemin_Queen-Mary_4565_Montreal_District_CA_H3W_1W5",
    "InstitutionName": "Institut_Universitaire_de_Geriatrie_de_Montreal",
    "InstitutionalDepartmentName": "Department",
    "MRAcquisitionType": "2D",
    "MagneticFieldStrength": 3,
    "Manufacturer": "Siemens",
    "ManufacturersModelName": "Prisma_fit",
    "Modality": "MR",
    "MultibandAccelerationFactor": 4,
    "PartialFourier": 1,
    "PatientPosition": "HFS",
    "PercentPhaseFOV": 100,
    "PercentSampling": 100,
    "PhaseEncodingDirection": "j",
    "PhaseEncodingSteps": 104,
    "PhaseResolution": 1,
    "PixelBandwidth": 2290,
    "ProcedureStepDescription": "video_friends",
    "ProtocolName": "func_task-friends-s02e13b",
    "PulseSequenceDetails": "%CustomerSeq%_cmrr_mbep2d_bold",
    "ReceiveCoilActiveElements": "HC1-7;NC1,2",
    "ReceiveCoilName": "HeadNeck_64",
    "ReconMatrixPE": 104,
    "RepetitionTime": 1.49,
    "SAR": 0.033,
    "ScanOptions": "FS",
    "ScanningSequence": "EP",
    "SequenceName": "epfid2d1_104",
    "SequenceVariant": "SK_SS",
    "SeriesDescription": "func_task-friends-s02e13b",
    "SeriesNumber": 13,
    "ShimSetting": [
      619,
      -7255,
      -8858,
      413,
      21,
      -463,
      -10,
      47
    ],
    "SliceThickness": 2,
    "SliceTiming": [
      0,
      0.7825,
      0.0975,
      0.8825,
      0.195,
      0.98,
      0.2925,
      1.0775,
      0.3925,
      1.175,
      0.49,
      1.2725,
      0.5875,
      1.3725,
      0.685,
      0,
      0.7825,
      0.0975,
      0.8825,
      0.195,
      0.98,
      0.2925,
      1.0775,
      0.3925,
      1.175,
      0.49,
      1.2725,
      0.5875,
      1.3725,
      0.685,
      0,
      0.7825,
      0.0975,
      0.8825,
      0.195,
      0.98,
      0.2925,
      1.0775,
      0.3925,
      1.175,
      0.49,
      1.2725,
      0.5875,
      1.3725,
      0.685,
      0,
      0.7825,
      0.0975,
      0.8825,
      0.195,
      0.98,
      0.2925,
      1.0775,
      0.3925,
      1.175,
      0.49,
      1.2725,
      0.5875,
      1.3725,
      0.685
    ],
    "SoftwareVersions": "syngo_MR_E11",
    "SpacingBetweenSlices": 2,
    "StationName": "MRC35049",
    "TaskName": "s02e13b",
    "TotalReadoutTime": 0.0576811,
    "TxRefAmp": 231.367,
    "WipMemBlock": "9983dc0e-93e2-4128-a7be-ca723073e291||Sequence: R016 ve11c/master r/e634e98; Dec 19 2017 11:00:25 by eja",
    "dataset": "<unset>",
    "modality": "bold",
    "session_id": "009",
    "subject_id": "05",
    "task_id": "s02e13b"
  },
  "dummy_trs": 1,
  "dvars_nstd": 42.7562249029424,
  "dvars_std": 1.0791886138477382,
  "dvars_vstd": 1.0263150314609053,
  "efc": 0.579312672315304,
  "fber": 194.3745574951172,
  "fd_mean": 0.14147799985466725,
  "fd_num": 68,
  "fd_perc": 13.963039014373717,
  "fwhm_avg": 2.764051666666667,
  "fwhm_x": 2.64397,
  "fwhm_y": 2.79109,
  "fwhm_z": 2.857095,
  "gcor": 0.0173249,
  "gsr_x": -0.02895309403538704,
  "gsr_y": 0.0734478086233139,
  "provenance": {
    "md5sum": "ade3dc1af26324b4d14444ec576701e2",
    "settings": {
      "fd_thres": 0.2,
      "testing": false
    },
    "software": "mriqc",
    "version": "22.0.1",
    "webapi_port": null,
    "webapi_url": "https://mriqc.nimh.nih.gov/api/v1"
  },
  "size_t": 487,
  "size_x": 104,
  "size_y": 104,
  "size_z": 60,
  "snr": 2.0126385039999124,
  "spacing_tr": 1.4900000095367432,
  "spacing_x": 2.0,
  "spacing_y": 2.0,
  "spacing_z": 2.0,
  "summary_bg_k": 24.682286717997293,
  "summary_bg_mad": 114.59545087049867,
  "summary_bg_mean": 1124.9251708984375,
  "summary_bg_median": 630.9270629882812,
  "summary_bg_n": 407347.0,
  "summary_bg_p05": 505.5489562988281,
  "summary_bg_p95": 3912.9899169921796,
  "summary_bg_stdv": 1324.178466796875,
  "summary_fg_k": 5.302083753681471,
  "summary_fg_mad": 3453.2223584722915,
  "summary_fg_mean": 9770.5908203125,
  "summary_fg_median": 8874.62109375,
  "summary_fg_n": 151999.0,
  "summary_fg_p05": 4679.6779296875,
  "summary_fg_p95": 18048.965820312507,
  "summary_fg_stdv": 4409.431640625,
  "tsnr": 30.137001037597656
}