{
  "aor": 0.0010664767932489453,
  "aqi": 0.009903394831223626,
  "bids_meta": {
    "AcquisitionMatrixPE": 104,
    "AcquisitionNumber": 1,
    "AcquisitionTime": "18:26:12.777500",
    "BandwidthPerPixelPhaseEncode": 17.17,
    "BaseResolution": 104,
    "BodyPartExamined": "BRAIN",
    "CogAtlasID": "https://cognitiveatlas.org/task/id/trm_4c898da401420",
    "CoilString": "HC1-7;NC1_2",
    "ConsistencyInfo": "N4_VE11C_LATEST_20160120",
    "ConversionSoftware": "dcm2niix",
    "ConversionSoftwareVersion": "v1.0.20200427",
    "DerivedVendorReportedEchoSpacing": 0.000560011,
    "DeviceSerialNumber": "167006",
    "DwellTime": 2.1e-06,
    "EchoTime": 0.037,
    "EchoTrainLength": 104,
    "EffectiveEchoSpacing": 0.000560011,
    "FlipAngle": 52,
    "ImageComments": "Unaliased_MB4_PE3_LB",
    "ImageOrientationPatientDICOM": [
      0.999622,
      -0.0245932,
      -0.0122597,
      0.0181466,
      0.925805,
      -0.377566
    ],
    "ImageType": [
      "ORIGINAL",
      "PRIMARY",
      "M",
      "MB",
      "ND",
      "MOSAIC"
    ],
    "ImagingFrequency": 123.259,
    "InPlanePhaseEncodingDirectionDICOM": "COL",
    "InstitutionAddress": "Chemin_Queen-Mary_4565_Montreal_District_CA_H3W_1W5",
    "InstitutionName": "Institut_Universitaire_de_Geriatrie_de_Montreal",
    "InstitutionalDepartmentName": "Department",
    "MRAcquisitionType": "2D",
    "MagneticFieldStrength": 3,
    "Manufacturer": "Siemens",
    "ManufacturersModelName": "Prisma_fit",
    "Modality": "MR",
    "MultibandAccelerationFactor": 4,
    "PartialFourier": 1,
    "PatientPosition": "HFS",
    "PercentPhaseFOV": 100,
    "PercentSampling": 100,
    "PhaseEncodingDirection": "j",
    "PhaseEncodingSteps": 104,
    "PhaseResolution": 1,
    "PixelBandwidth": 2290,
    "ProcedureStepDescription": "video_friends",
    "ProtocolName": "func_task-friends-s02e14a",
    "PulseSequenceDetails": "%CustomerSeq%_cmrr_mbep2d_bold",
    "ReceiveCoilActiveElements": "HC1-7;NC1,2",
    "ReceiveCoilName": "HeadNeck_64",
    "ReconMatrixPE": 104,
    "RepetitionTime": 1.49,
    "SAR": 0.0329961,
    "ScanOptions": "FS",
    "ScanningSequence": "EP",
    "SequenceName": "epfid2d1_104",
    "SequenceVariant": "SK_SS",
    "SeriesDescription": "func_task-friends-s02e14a",
    "SeriesNumber": 15,
    "ShimSetting": [
      619,
      -7255,
      -8858,
      413,
      21,
      -463,
      -10,
      47
    ],
    "SliceThickness": 2,
    "SliceTiming": [
      0,
      0.785,
      0.1,
      0.8825,
      0.1975,
      0.98,
      0.295,
      1.08,
      0.3925,
      1.1775,
      0.49,
      1.275,
      0.59,
      1.3725,
      0.6875,
      0,
      0.785,
      0.1,
      0.8825,
      0.1975,
      0.98,
      0.295,
      1.08,
      0.3925,
      1.1775,
      0.49,
      1.275,
      0.59,
      1.3725,
      0.6875,
      0,
      0.785,
      0.1,
      0.8825,
      0.1975,
      0.98,
      0.295,
      1.08,
      0.3925,
      1.1775,
      0.49,
      1.275,
      0.59,
      1.3725,
      0.6875,
      0,
      0.785,
      0.1,
      0.8825,
      0.1975,
      0.98,
      0.295,
      1.08,
      0.3925,
      1.1775,
      0.49,
      1.275,
      0.59,
      1.3725,
      0.6875
    ],
    "SoftwareVersions": "syngo_MR_E11",
    "SpacingBetweenSlices": 2,
    "StationName": "MRC35049",
    "TaskName": "s02e14a",
    "TotalReadoutTime": 0.0576811,
    "TxRefAmp": 231.367,
    "WipMemBlock": "3463b564-4a98-45d3-8bf2-e0b268e4ade1||Sequence: R016 ve11c/master r/e634e98; Dec 19 2017 11:00:25 by eja",
    "dataset": "<unset>",
    "modality": "bold",
    "session_id": "009",
    "subject_id": "05",
    "task_id": "s02e14a"
  },
  "dummy_trs": 0,
  "dvars_nstd": 43.874625748308674,
  "dvars_std": 1.0620956467653286,
  "dvars_vstd": 1.0441341022621566,
  "efc": 0.5813072493531716,
  "fber": 186.65565490722656,
  "fd_mean": 0.1420420584869497,
  "fd_num": 88,
  "fd_perc": 18.565400843881857,
  "fwhm_avg": 2.7454083333333337,
  "fwhm_x": 2.612755,
  "fwhm_y": 2.7801,
  "fwhm_z": 2.84337,
  "gcor": 0.0123009,
  "gsr_x": -0.029169568791985512,
  "gsr_y": 0.07476519048213959,
  "provenance": {
    "md5sum": "6793faa1293a22d0209ad9c48232c647",
    "settings": {
      "fd_thres": 0.2,
      "testing": false
    },
    "software": "mriqc",
    "version": "22.0.1",
    "webapi_port": null,
    "webapi_url": "https://mriqc.nimh.nih.gov/api/v1"
  },
  "size_t": 474,
  "size_x": 104,
  "size_y": 104,
  "size_z": 60,
  "snr": 2.018907009637076,
  "spacing_tr": 1.4900000095367432,
  "spacing_x": 2.0,
  "spacing_y": 2.0,
  "spacing_z": 2.0,
  "summary_bg_k": 23.221284875918652,
  "summary_bg_mad": 112.7286244686572,
  "summary_bg_mean": 1104.3795166015625,
  "summary_bg_median": 631.4266357421875,
  "summary_bg_n": 405501.0,
  "summary_bg_p05": 510.0686950683594,
  "summary_bg_p95": 3764.452392578125,
  "summary_bg_stdv": 1272.451171875,
  "summary_fg_k": 5.294451524804819,
  "summary_fg_mad": 3391.3092373123927,
  "summary_fg_mean": 9608.2607421875,
  "summary_fg_median": 8744.14453125,
  "summary_fg_n": 152964.0,
  "summary_fg_p05": 4605.449658203125,
  "summary_fg_p95": 17688.880371093754,
  "summary_fg_stdv": 4331.11376953125,
  "tsnr": 28.693374633789062
}