{
  "aor": 0.0008485152838427949,
  "aqi": 0.007285370152838427,
  "bids_meta": {
    "AcquisitionMatrixPE": 104,
    "AcquisitionNumber": 1,
    "AcquisitionTime": "18:39:25.807500",
    "BandwidthPerPixelPhaseEncode": 17.17,
    "BaseResolution": 104,
    "BodyPartExamined": "BRAIN",
    "CogAtlasID": "https://cognitiveatlas.org/task/id/trm_4c898da401420",
    "CoilString": "HC1-7;NC1_2",
    "ConsistencyInfo": "N4_VE11C_LATEST_20160120",
    "ConversionSoftware": "dcm2niix",
    "ConversionSoftwareVersion": "v1.0.20200427",
    "DerivedVendorReportedEchoSpacing": 0.000560011,
    "DeviceSerialNumber": "167006",
    "DwellTime": 2.1e-06,
    "EchoTime": 0.037,
    "EchoTrainLength": 104,
    "EffectiveEchoSpacing": 0.000560011,
    "FlipAngle": 52,
    "ImageComments": "Unaliased_MB4_PE3_LB",
    "ImageOrientationPatientDICOM": [
      0.999602,
      0.0146011,
      -0.0241506,
      -0.0230332,
      0.916569,
      -0.399212
    ],
    "ImageType": [
      "ORIGINAL",
      "PRIMARY",
      "M",
      "MB",
      "ND",
      "MOSAIC"
    ],
    "ImagingFrequency": 123.259,
    "InPlanePhaseEncodingDirectionDICOM": "COL",
    "InstitutionAddress": "Chemin_Queen-Mary_4565_Montreal_District_CA_H3W_1W5",
    "InstitutionName": "IUGM",
    "InstitutionalDepartmentName": "Department",
    "MRAcquisitionType": "2D",
    "MagneticFieldStrength": 3,
    "Manufacturer": "Siemens",
    "ManufacturersModelName": "Prisma_fit",
    "Modality": "MR",
    "MultibandAccelerationFactor": 4,
    "PartialFourier": 1,
    "PatientPosition": "HFS",
    "PercentPhaseFOV": 100,
    "PercentSampling": 100,
    "PhaseEncodingDirection": "j",
    "PhaseEncodingSteps": 104,
    "PhaseResolution": 1,
    "PixelBandwidth": 2290,
    "ProcedureStepDescription": "video_friends",
    "ProtocolName": "func_task-friends-s02e08b",
    "PulseSequenceDetails": "%CustomerSeq%_cmrr_mbep2d_bold",
    "ReceiveCoilActiveElements": "HC1-7;NC1,2",
    "ReceiveCoilName": "HeadNeck_64",
    "ReconMatrixPE": 104,
    "RepetitionTime": 1.49,
    "SAR": 0.0344147,
    "ScanOptions": "FS",
    "ScanningSequence": "EP",
    "SequenceName": "epfid2d1_104",
    "SequenceVariant": "SK_SS",
    "SeriesDescription": "func_task-friends-s02e08b",
    "SeriesNumber": 15,
    "ShimSetting": [
      609,
      -7277,
      -8826,
      425,
      1,
      -439,
      45,
      100
    ],
    "SliceThickness": 2,
    "SliceTiming": [
      0,
      0.7825,
      0.0975,
      0.88,
      0.195,
      0.98,
      0.2925,
      1.0775,
      0.3925,
      1.175,
      0.49,
      1.2725,
      0.5875,
      1.37,
      0.685,
      0,
      0.7825,
      0.0975,
      0.88,
      0.195,
      0.98,
      0.2925,
      1.0775,
      0.3925,
      1.175,
      0.49,
      1.2725,
      0.5875,
      1.37,
      0.685,
      0,
      0.7825,
      0.0975,
      0.88,
      0.195,
      0.98,
      0.2925,
      1.0775,
      0.3925,
      1.175,
      0.49,
      1.2725,
      0.5875,
      1.37,
      0.685,
      0,
      0.7825,
      0.0975,
      0.88,
      0.195,
      0.98,
      0.2925,
      1.0775,
      0.3925,
      1.175,
      0.49,
      1.2725,
      0.5875,
      1.37,
      0.685
    ],
    "SoftwareVersions": "syngo_MR_E11",
    "SpacingBetweenSlices": 2,
    "StationName": "MRC35049",
    "TaskName": "s02e08b",
    "TotalReadoutTime": 0.0576811,
    "TxRefAmp": 233.88,
    "WipMemBlock": "1f7eed9a-c23e-434e-954c-05c5cf266fca||Sequence: R016 ve11c/master r/e634e98; Dec 19 2017 11:00:25 by eja",
    "dataset": "<unset>",
    "modality": "bold",
    "session_id": "008",
    "subject_id": "05",
    "task_id": "s02e08b"
  },
  "dummy_trs": 0,
  "dvars_nstd": 44.682961628796505,
  "dvars_std": 1.0756482246389485,
  "dvars_vstd": 1.0069213351203488,
  "efc": 0.584907270688004,
  "fber": 186.0345916748047,
  "fd_mean": 0.13369226211172835,
  "fd_num": 73,
  "fd_perc": 15.93886462882096,
  "fwhm_avg": 2.705966666666667,
  "fwhm_x": 2.574055,
  "fwhm_y": 2.690605,
  "fwhm_z": 2.85324,
  "gcor": 0.0143735,
  "gsr_x": -0.026985464617609978,
  "gsr_y": 0.06980160623788834,
  "provenance": {
    "md5sum": "b8928461109141407d83d6c1d57d670e",
    "settings": {
      "fd_thres": 0.2,
      "testing": false
    },
    "software": "mriqc",
    "version": "22.0.1",
    "webapi_port": null,
    "webapi_url": "https://mriqc.nimh.nih.gov/api/v1"
  },
  "size_t": 458,
  "size_x": 104,
  "size_y": 104,
  "size_z": 60,
  "snr": 2.0965718839584406,
  "spacing_tr": 1.4900000095367432,
  "spacing_x": 2.0,
  "spacing_y": 2.0,
  "spacing_z": 2.0,
  "summary_bg_k": 19.62400807588689,
  "summary_bg_mad": 85.89138872945551,
  "summary_bg_mean": 1068.099365234375,
  "summary_bg_median": 620.6932373046875,
  "summary_bg_n": 406285.0,
  "summary_bg_p05": 547.9472290039063,
  "summary_bg_p95": 3596.4951660156244,
  "summary_bg_stdv": 1195.377197265625,
  "summary_fg_k": 5.471686791599179,
  "summary_fg_mad": 3255.728594493632,
  "summary_fg_mean": 9332.0166015625,
  "summary_fg_median": 8557.6796875,
  "summary_fg_n": 152209.0,
  "summary_fg_p05": 4542.9439453125,
  "summary_fg_p95": 16785.759765625004,
  "summary_fg_stdv": 4081.7353515625,
  "tsnr": 32.161033630371094
}