{
  "aor": 0.001075878787878788,
  "aqi": 0.00905232894949495,
  "bids_meta": {
    "AcquisitionMatrixPE": 104,
    "AcquisitionNumber": 1,
    "AcquisitionTime": "18:01:9.272500",
    "BandwidthPerPixelPhaseEncode": 17.17,
    "BaseResolution": 104,
    "BodyPartExamined": "BRAIN",
    "CogAtlasID": "https://cognitiveatlas.org/task/id/trm_4c898da401420",
    "CoilString": "HC1-7;NC1_2",
    "ConsistencyInfo": "N4_VE11C_LATEST_20160120",
    "ConversionSoftware": "dcm2niix",
    "ConversionSoftwareVersion": "v1.0.20200427",
    "DerivedVendorReportedEchoSpacing": 0.000560011,
    "DeviceSerialNumber": "167006",
    "DwellTime": 2.1e-06,
    "EchoTime": 0.037,
    "EchoTrainLength": 104,
    "EffectiveEchoSpacing": 0.000560011,
    "FlipAngle": 52,
    "ImageComments": "Unaliased_MB4_PE3_LB",
    "ImageOrientationPatientDICOM": [
      0.999602,
      0.0146011,
      -0.0241506,
      -0.0230332,
      0.916569,
      -0.399212
    ],
    "ImageType": [
      "ORIGINAL",
      "PRIMARY",
      "M",
      "MB",
      "ND",
      "MOSAIC"
    ],
    "ImagingFrequency": 123.259,
    "InPlanePhaseEncodingDirectionDICOM": "COL",
    "InstitutionAddress": "Chemin_Queen-Mary_4565_Montreal_District_CA_H3W_1W5",
    "InstitutionName": "IUGM",
    "InstitutionalDepartmentName": "Department",
    "MRAcquisitionType": "2D",
    "MagneticFieldStrength": 3,
    "Manufacturer": "Siemens",
    "ManufacturersModelName": "Prisma_fit",
    "Modality": "MR",
    "MultibandAccelerationFactor": 4,
    "PartialFourier": 1,
    "PatientPosition": "HFS",
    "PercentPhaseFOV": 100,
    "PercentSampling": 100,
    "PhaseEncodingDirection": "j",
    "PhaseEncodingSteps": 104,
    "PhaseResolution": 1,
    "PixelBandwidth": 2290,
    "ProcedureStepDescription": "video_friends",
    "ProtocolName": "func_task-friends-s02e07a",
    "PulseSequenceDetails": "%CustomerSeq%_cmrr_mbep2d_bold",
    "ReceiveCoilActiveElements": "HC1-7;NC1,2",
    "ReceiveCoilName": "HeadNeck_64",
    "ReconMatrixPE": 104,
    "RepetitionTime": 1.49,
    "SAR": 0.0344261,
    "ScanOptions": "FS",
    "ScanningSequence": "EP",
    "SequenceName": "epfid2d1_104",
    "SequenceVariant": "SK_SS",
    "SeriesDescription": "func_task-friends-s02e07a",
    "SeriesNumber": 9,
    "ShimSetting": [
      609,
      -7277,
      -8826,
      425,
      1,
      -439,
      45,
      100
    ],
    "SliceThickness": 2,
    "SliceTiming": [
      0,
      0.785,
      0.1,
      0.8825,
      0.1975,
      0.98,
      0.295,
      1.0775,
      0.3925,
      1.1775,
      0.49,
      1.275,
      0.5875,
      1.3725,
      0.6875,
      0,
      0.785,
      0.1,
      0.8825,
      0.1975,
      0.98,
      0.295,
      1.0775,
      0.3925,
      1.1775,
      0.49,
      1.275,
      0.5875,
      1.3725,
      0.6875,
      0,
      0.785,
      0.1,
      0.8825,
      0.1975,
      0.98,
      0.295,
      1.0775,
      0.3925,
      1.1775,
      0.49,
      1.275,
      0.5875,
      1.3725,
      0.6875,
      0,
      0.785,
      0.1,
      0.8825,
      0.1975,
      0.98,
      0.295,
      1.0775,
      0.3925,
      1.1775,
      0.49,
      1.275,
      0.5875,
      1.3725,
      0.6875
    ],
    "SoftwareVersions": "syngo_MR_E11",
    "SpacingBetweenSlices": 2,
    "StationName": "MRC35049",
    "TaskName": "s02e07a",
    "TotalReadoutTime": 0.0576811,
    "TxRefAmp": 233.88,
    "WipMemBlock": "4c49b2e5-8598-4a5f-9256-d0e5397a4db2||Sequence: R016 ve11c/master r/e634e98; Dec 19 2017 11:00:25 by eja",
    "dataset": "<unset>",
    "modality": "bold",
    "session_id": "008",
    "subject_id": "05",
    "task_id": "s02e07a"
  },
  "dummy_trs": 1,
  "dvars_nstd": 44.317298317692284,
  "dvars_std": 1.058900872732794,
  "dvars_vstd": 0.9953645163967609,
  "efc": 0.5801983659699937,
  "fber": 192.4356231689453,
  "fd_mean": 0.15091205789744735,
  "fd_num": 112,
  "fd_perc": 22.626262626262626,
  "fwhm_avg": 2.7240116666666663,
  "fwhm_x": 2.58545,
  "fwhm_y": 2.73149,
  "fwhm_z": 2.855095,
  "gcor": 0.0202785,
  "gsr_x": -0.025584828108549118,
  "gsr_y": 0.06961993128061295,
  "provenance": {
    "md5sum": "2641d55f6166e45b91530656ea752cdb",
    "settings": {
      "fd_thres": 0.2,
      "testing": false
    },
    "software": "mriqc",
    "version": "22.0.1",
    "webapi_port": null,
    "webapi_url": "https://mriqc.nimh.nih.gov/api/v1"
  },
  "size_t": 495,
  "size_x": 104,
  "size_y": 104,
  "size_z": 60,
  "snr": 2.0983505002708975,
  "spacing_tr": 1.4900000095367432,
  "spacing_x": 2.0,
  "spacing_y": 2.0,
  "spacing_z": 2.0,
  "summary_bg_k": 21.09851584679529,
  "summary_bg_mad": 91.12180557093092,
  "summary_bg_mean": 1045.138427734375,
  "summary_bg_median": 617.2761840820312,
  "summary_bg_n": 407262.0,
  "summary_bg_p05": 531.346078491211,
  "summary_bg_p95": 3446.279321289061,
  "summary_bg_stdv": 1158.639404296875,
  "summary_fg_k": 5.569678109637108,
  "summary_fg_mad": 3288.5883588003644,
  "summary_fg_mean": 9443.1982421875,
  "summary_fg_median": 8647.8125,
  "summary_fg_n": 151539.0,
  "summary_fg_p05": 4627.222412109375,
  "summary_fg_p95": 16965.502343750002,
  "summary_fg_stdv": 4121.2294921875,
  "tsnr": 28.936494827270508
}