{
  "aor": 0.0005153629032258064,
  "aqi": 0.007381822318548387,
  "bids_meta": {
    "AcquisitionMatrixPE": 104,
    "AcquisitionNumber": 1,
    "AcquisitionTime": "18:13:56.597500",
    "BandwidthPerPixelPhaseEncode": 17.17,
    "BaseResolution": 104,
    "BodyPartExamined": "BRAIN",
    "CogAtlasID": "https://cognitiveatlas.org/task/id/trm_4c898da401420",
    "CoilString": "HC1-7;NC1_2",
    "ConsistencyInfo": "N4_VE11C_LATEST_20160120",
    "ConversionSoftware": "dcm2niix",
    "ConversionSoftwareVersion": "v1.0.20200427",
    "DerivedVendorReportedEchoSpacing": 0.000560011,
    "DeviceSerialNumber": "167006",
    "DwellTime": 2.1e-06,
    "EchoTime": 0.037,
    "EchoTrainLength": 104,
    "EffectiveEchoSpacing": 0.000560011,
    "FlipAngle": 52,
    "ImageComments": "Unaliased_MB4_PE3_LB",
    "ImageOrientationPatientDICOM": [
      0.999602,
      0.0146011,
      -0.0241506,
      -0.0230332,
      0.916569,
      -0.399212
    ],
    "ImageType": [
      "ORIGINAL",
      "PRIMARY",
      "M",
      "MB",
      "ND",
      "MOSAIC"
    ],
    "ImagingFrequency": 123.259,
    "InPlanePhaseEncodingDirectionDICOM": "COL",
    "InstitutionAddress": "Chemin_Queen-Mary_4565_Montreal_District_CA_H3W_1W5",
    "InstitutionName": "IUGM",
    "InstitutionalDepartmentName": "Department",
    "MRAcquisitionType": "2D",
    "MagneticFieldStrength": 3,
    "Manufacturer": "Siemens",
    "ManufacturersModelName": "Prisma_fit",
    "Modality": "MR",
    "MultibandAccelerationFactor": 4,
    "PartialFourier": 1,
    "PatientPosition": "HFS",
    "PercentPhaseFOV": 100,
    "PercentSampling": 100,
    "PhaseEncodingDirection": "j",
    "PhaseEncodingSteps": 104,
    "PhaseResolution": 1,
    "PixelBandwidth": 2290,
    "ProcedureStepDescription": "video_friends",
    "ProtocolName": "func_task-friends-s02e07b",
    "PulseSequenceDetails": "%CustomerSeq%_cmrr_mbep2d_bold",
    "ReceiveCoilActiveElements": "HC1-7;NC1,2",
    "ReceiveCoilName": "HeadNeck_64",
    "ReconMatrixPE": 104,
    "RepetitionTime": 1.49,
    "SAR": 0.0344261,
    "ScanOptions": "FS",
    "ScanningSequence": "EP",
    "SequenceName": "epfid2d1_104",
    "SequenceVariant": "SK_SS",
    "SeriesDescription": "func_task-friends-s02e07b",
    "SeriesNumber": 11,
    "ShimSetting": [
      609,
      -7277,
      -8826,
      425,
      1,
      -439,
      45,
      100
    ],
    "SliceThickness": 2,
    "SliceTiming": [
      0,
      0.785,
      0.0975,
      0.8825,
      0.1975,
      0.98,
      0.295,
      1.0775,
      0.3925,
      1.1775,
      0.49,
      1.275,
      0.5875,
      1.3725,
      0.6875,
      0,
      0.785,
      0.0975,
      0.8825,
      0.1975,
      0.98,
      0.295,
      1.0775,
      0.3925,
      1.1775,
      0.49,
      1.275,
      0.5875,
      1.3725,
      0.6875,
      0,
      0.785,
      0.0975,
      0.8825,
      0.1975,
      0.98,
      0.295,
      1.0775,
      0.3925,
      1.1775,
      0.49,
      1.275,
      0.5875,
      1.3725,
      0.6875,
      0,
      0.785,
      0.0975,
      0.8825,
      0.1975,
      0.98,
      0.295,
      1.0775,
      0.3925,
      1.1775,
      0.49,
      1.275,
      0.5875,
      1.3725,
      0.6875
    ],
    "SoftwareVersions": "syngo_MR_E11",
    "SpacingBetweenSlices": 2,
    "StationName": "MRC35049",
    "TaskName": "s02e07b",
    "TotalReadoutTime": 0.0576811,
    "TxRefAmp": 233.88,
    "WipMemBlock": "0a86f2c7-0b46-4218-ae2b-0e5013be2baa||Sequence: R016 ve11c/master r/e634e98; Dec 19 2017 11:00:25 by eja",
    "dataset": "<unset>",
    "modality": "bold",
    "session_id": "008",
    "subject_id": "05",
    "task_id": "s02e07b"
  },
  "dummy_trs": 0,
  "dvars_nstd": 44.33606165874747,
  "dvars_std": 1.0555088280000005,
  "dvars_vstd": 0.9863847606060602,
  "efc": 0.5823594747918813,
  "fber": 191.5563201904297,
  "fd_mean": 0.13158675353833696,
  "fd_num": 63,
  "fd_perc": 12.701612903225806,
  "fwhm_avg": 2.687673333333333,
  "fwhm_x": 2.56715,
  "fwhm_y": 2.677315,
  "fwhm_z": 2.818555,
  "gcor": 0.0137191,
  "gsr_x": -0.023716719821095467,
  "gsr_y": 0.06633569300174713,
  "provenance": {
    "md5sum": "bdb345b5135c783d5ac46d4e338205a0",
    "settings": {
      "fd_thres": 0.2,
      "testing": false
    },
    "software": "mriqc",
    "version": "22.0.1",
    "webapi_port": null,
    "webapi_url": "https://mriqc.nimh.nih.gov/api/v1"
  },
  "size_t": 496,
  "size_x": 104,
  "size_y": 104,
  "size_z": 60,
  "snr": 2.1199828199651343,
  "spacing_tr": 1.4900000095367432,
  "spacing_x": 2.0,
  "spacing_y": 2.0,
  "spacing_z": 2.0,
  "summary_bg_k": 18.1423717159865,
  "summary_bg_mad": 85.98884738358946,
  "summary_bg_mean": 1066.718994140625,
  "summary_bg_median": 617.0668334960938,
  "summary_bg_n": 409745.0,
  "summary_bg_p05": 540.7501831054688,
  "summary_bg_p95": 3611.147412109372,
  "summary_bg_stdv": 1200.7529296875,
  "summary_fg_k": 5.614095727559334,
  "summary_fg_mad": 3246.090956146481,
  "summary_fg_mean": 9385.7373046875,
  "summary_fg_median": 8603.9814453125,
  "summary_fg_n": 150511.0,
  "summary_fg_p05": 4655.429443359375,
  "summary_fg_p95": 16803.671875,
  "summary_fg_stdv": 4058.501220703125,
  "tsnr": 32.1494255065918
}