{
  "aor": 0.001151801242236025,
  "aqi": 0.007425820103519669,
  "bids_meta": {
    "AcquisitionMatrixPE": 104,
    "AcquisitionNumber": 1,
    "AcquisitionTime": "18:34:27.982500",
    "BandwidthPerPixelPhaseEncode": 17.17,
    "BaseResolution": 104,
    "BodyPartExamined": "BRAIN",
    "CogAtlasID": "https://cognitiveatlas.org/task/id/trm_4c898da401420",
    "CoilString": "HC1-7;NC1_2",
    "ConsistencyInfo": "N4_VE11C_LATEST_20160120",
    "ConversionSoftware": "dcm2niix",
    "ConversionSoftwareVersion": "v1.0.20190720  (JP2:OpenJPEG) GCC7.3.0",
    "DerivedVendorReportedEchoSpacing": 0.000560011,
    "DeviceSerialNumber": "167006",
    "DwellTime": 2.1e-06,
    "EchoTime": 0.037,
    "EchoTrainLength": 104,
    "EffectiveEchoSpacing": 0.000560011,
    "FlipAngle": 52,
    "ImageComments": "Unaliased_MB4_PE3_LB",
    "ImageOrientationPatientDICOM": [
      0.998437,
      0.0446922,
      0.0335591,
      -0.0325982,
      0.953423,
      -0.299869
    ],
    "ImageType": [
      "ORIGINAL",
      "PRIMARY",
      "M",
      "MB",
      "ND",
      "MOSAIC"
    ],
    "ImagingFrequency": 123.259,
    "InPlanePhaseEncodingDirectionDICOM": "COL",
    "InstitutionAddress": "Chemin_Queen-Mary_4565_Montreal_District_CA_H3W_1W5",
    "InstitutionName": "IUGM",
    "InstitutionalDepartmentName": "Department",
    "MRAcquisitionType": "2D",
    "MagneticFieldStrength": 3,
    "Manufacturer": "Siemens",
    "ManufacturersModelName": "Prisma_fit",
    "Modality": "MR",
    "MultibandAccelerationFactor": 4,
    "PartialFourier": 1,
    "PatientPosition": "HFS",
    "PercentPhaseFOV": 100,
    "PhaseEncodingDirection": "j",
    "PhaseEncodingSteps": 104,
    "PhaseResolution": 1,
    "PixelBandwidth": 2290,
    "ProcedureStepDescription": "video_friends",
    "ProtocolName": "func_task-s01e17a",
    "PulseSequenceDetails": "%CustomerSeq%_cmrr_mbep2d_bold",
    "ReceiveCoilActiveElements": "HC1-7;NC1,2",
    "ReceiveCoilName": "HeadNeck_64",
    "ReconMatrixPE": 104,
    "RepetitionTime": 1.49,
    "SAR": 0.035718,
    "ScanOptions": "FS",
    "ScanningSequence": "EP",
    "SequenceName": "epfid2d1_104",
    "SequenceVariant": "SK_SS",
    "SeriesDescription": "func_task-s01e17a",
    "SeriesNumber": 17,
    "ShimSetting": [
      640,
      -7201,
      -8813,
      732,
      103,
      -21,
      26,
      -16
    ],
    "SliceThickness": 2,
    "SliceTiming": [
      0,
      0.785,
      0.0975,
      0.8825,
      0.1975,
      0.98,
      0.295,
      1.0775,
      0.3925,
      1.1775,
      0.49,
      1.275,
      0.5875,
      1.3725,
      0.6875,
      0,
      0.785,
      0.0975,
      0.8825,
      0.1975,
      0.98,
      0.295,
      1.0775,
      0.3925,
      1.1775,
      0.49,
      1.275,
      0.5875,
      1.3725,
      0.6875,
      0,
      0.785,
      0.0975,
      0.8825,
      0.1975,
      0.98,
      0.295,
      1.0775,
      0.3925,
      1.1775,
      0.49,
      1.275,
      0.5875,
      1.3725,
      0.6875,
      0,
      0.785,
      0.0975,
      0.8825,
      0.1975,
      0.98,
      0.295,
      1.0775,
      0.3925,
      1.1775,
      0.49,
      1.275,
      0.5875,
      1.3725,
      0.6875
    ],
    "SoftwareVersions": "syngo_MR_E11",
    "SpacingBetweenSlices": 2,
    "StationName": "MRC35049",
    "TaskName": "friends",
    "TotalReadoutTime": 0.0576811,
    "TxRefAmp": 242.361,
    "WipMemBlock": "cfced744-3343-4a0e-b696-0f2da941e105||Sequence: R016 ve11c/master r/e634e98; Dec 19 2017 11:00:25 by eja",
    "dataset": "<unset>",
    "dcmmeta_affine": [
      [
        -1.9968739748001099,
        -0.06519633531570435,
        0.09079571813344955,
        104.0084228515625
      ],
      [
        -0.08938437700271606,
        1.906846284866333,
        -0.5966134071350098,
        -67.76251983642578
      ],
      [
        0.06711823493242264,
        0.5997387170791626,
        1.9067796468734741,
        -56.008522033691406
      ],
      [
        0.0,
        0.0,
        0.0,
        1.0
      ]
    ],
    "dcmmeta_reorient_transform": [
      [
        0.0,
        -1.0,
        0.0,
        103.0
      ],
      [
        1.0,
        0.0,
        0.0,
        0.0
      ],
      [
        0.0,
        0.0,
        1.0,
        0.0
      ],
      [
        0.0,
        0.0,
        0.0,
        1.0
      ]
    ],
    "dcmmeta_shape": [
      104,
      104,
      60,
      483
    ],
    "dcmmeta_slice_dim": 2,
    "dcmmeta_version": 0.6,
    "global": {
      "const": {
        "AcquisitionMatrix": [
          104,
          0,
          0,
          104
        ],
        "AngioFlag": "N",
        "BitsAllocated": 16,
        "BitsStored": 16,
        "BodyPartExamined": "BRAIN",
        "Columns": 832,
        "EchoNumbers": 1,
        "EchoTime": 37.0,
        "EchoTrainLength": 104,
        "FlipAngle": 52.0,
        "HighBit": 15,
        "ImageOrientationPatient": [
          0.99843697530817,
          0.04469219004665,
          0.03355911927203,
          -0.0325981692385,
          0.95342316192034,
          -0.299869361016
        ],
        "ImagePositionPatient": [
          -800.42384917439,
          -855.27063021568,
          199.63842137814
        ],
        "ImageType": [
          "ORIGINAL",
          "PRIMARY",
          "M",
          "MB",
          "ND",
          "MOSAIC"
        ],
        "ImagedNucleus": "1H",
        "ImagingFrequency": 123.25913,
        "InPlanePhaseEncodingDirection": "COL",
        "MRAcquisitionType": "2D",
        "MagneticFieldStrength": 3.0,
        "Manufacturer": "SIEMENS",
        "ManufacturerModelName": "Prisma_fit",
        "Modality": "MR",
        "NumberOfAverages": 1.0,
        "NumberOfPhaseEncodingSteps": 104,
        "PercentPhaseFieldOfView": 100.0,
        "PercentSampling": 100.0,
        "PerformedProcedureStepStartTime": "170859.098000",
        "PhotometricInterpretation": "MONOCHROME2",
        "PixelBandwidth": 2290.0,
        "PixelRepresentation": 0,
        "PixelSpacing": [
          2.0,
          2.0
        ],
        "ProtocolName": "func_task-s01e17a",
        "RepetitionTime": 1490.0,
        "Rows": 832,
        "SAR": 0.03571796547211,
        "SamplesPerPixel": 1,
        "ScanOptions": "FS",
        "ScanningSequence": "EP",
        "SequenceName": "epfid2d1_104",
        "SequenceVariant": [
          "SK",
          "SS"
        ],
        "SeriesDescription": "func_task-s01e17a",
        "SeriesNumber": 17,
        "SeriesTime": "183559.146000",
        "SliceLocation": -28.462183580921,
        "SliceThickness": 2.0,
        "SmallestImagePixelValue": 0,
        "SoftwareVersions": "syngo MR E11",
        "SpacingBetweenSlices": 1.9999999964653,
        "SpecificCharacterSet": "ISO_IR 100",
        "StudyID": "1",
        "StudyTime": "170858.981000",
        "TransmitCoilName": "Body",
        "VariableFlipAngleFlag": "N",
        "WindowCenter": 850.0,
        "WindowCenterWidthExplanation": "WINDOW1",
        "WindowWidth": 1100.0,
        "dBdt": 0.0
      },
