{
  "aor": 0.00038574688796680503,
  "aqi": 0.0059416045850622405,
  "bids_meta": {
    "AcquisitionMatrixPE": 104,
    "AcquisitionNumber": 1,
    "AcquisitionTime": "10:14:47.740000",
    "BandwidthPerPixelPhaseEncode": 17.17,
    "BaseResolution": 104,
    "BodyPartExamined": "BRAIN",
    "CogAtlasID": "https://cognitiveatlas.org/task/id/trm_4c898da401420",
    "CoilString": "HC1-7;NC1_2",
    "ConsistencyInfo": "N4_VE11C_LATEST_20160120",
    "ConversionSoftware": "dcm2niix",
    "ConversionSoftwareVersion": "v1.0.20190720  (JP2:OpenJPEG) GCC7.3.0",
    "DerivedVendorReportedEchoSpacing": 0.000560011,
    "DeviceSerialNumber": "167006",
    "DwellTime": 2.1e-06,
    "EchoTime": 0.037,
    "EchoTrainLength": 104,
    "EffectiveEchoSpacing": 0.000560011,
    "FlipAngle": 52,
    "ImageComments": "Unaliased_MB4_PE3_LB",
    "ImageOrientationPatientDICOM": [
      0.998374,
      -0.0181375,
      -0.0540417,
      0.00836418,
      0.98438,
      -0.175857
    ],
    "ImageType": [
      "ORIGINAL",
      "PRIMARY",
      "M",
      "MB",
      "ND",
      "MOSAIC"
    ],
    "ImagingFrequency": 123.259,
    "InPlanePhaseEncodingDirectionDICOM": "COL",
    "InstitutionAddress": "Chemin_Queen-Mary_4565_Montreal_District_CA_H3W_1W5",
    "InstitutionName": "IUGM",
    "InstitutionalDepartmentName": "Department",
    "MRAcquisitionType": "2D",
    "MagneticFieldStrength": 3,
    "Manufacturer": "Siemens",
    "ManufacturersModelName": "Prisma_fit",
    "Modality": "MR",
    "MultibandAccelerationFactor": 4,
    "PartialFourier": 1,
    "PatientPosition": "HFS",
    "PercentPhaseFOV": 100,
    "PhaseEncodingDirection": "j",
    "PhaseEncodingSteps": 104,
    "PhaseResolution": 1,
    "PixelBandwidth": 2290,
    "ProcedureStepDescription": "video_friends",
    "ProtocolName": "func_task-s01e17a",
    "PulseSequenceDetails": "%CustomerSeq%_cmrr_mbep2d_bold",
    "ReceiveCoilActiveElements": "HC1-7;NC1,2",
    "ReceiveCoilName": "HeadNeck_64",
    "ReconMatrixPE": 104,
    "RepetitionTime": 1.49,
    "SAR": 0.0341946,
    "ScanOptions": "FS",
    "ScanningSequence": "EP",
    "SequenceName": "epfid2d1_104",
    "SequenceVariant": "SK_SS",
    "SeriesDescription": "func_task-s01e17a",
    "SeriesNumber": 13,
    "ShimSetting": [
      606,
      -7263,
      -8848,
      555,
      -27,
      -373,
      20,
      37
    ],
    "SliceThickness": 2,
    "SliceTiming": [
      0,
      0.785,
      0.1,
      0.8825,
      0.1975,
      0.98,
      0.295,
      1.08,
      0.3925,
      1.1775,
      0.49,
      1.275,
      0.59,
      1.3725,
      0.6875,
      0,
      0.785,
      0.1,
      0.8825,
      0.1975,
      0.98,
      0.295,
      1.08,
      0.3925,
      1.1775,
      0.49,
      1.275,
      0.59,
      1.3725,
      0.6875,
      0,
      0.785,
      0.1,
      0.8825,
      0.1975,
      0.98,
      0.295,
      1.08,
      0.3925,
      1.1775,
      0.49,
      1.275,
      0.59,
      1.3725,
      0.6875,
      0,
      0.785,
      0.1,
      0.8825,
      0.1975,
      0.98,
      0.295,
      1.08,
      0.3925,
      1.1775,
      0.49,
      1.275,
      0.59,
      1.3725,
      0.6875
    ],
    "SoftwareVersions": "syngo_MR_E11",
    "SpacingBetweenSlices": 2,
    "StationName": "MRC35049",
    "TaskName": "friends",
    "TotalReadoutTime": 0.0576811,
    "TxRefAmp": 218.996,
    "WipMemBlock": "38808a23-d238-4f86-96b5-e748c71dbeee||Sequence: R016 ve11c/master r/e634e98; Dec 19 2017 11:00:25 by eja",
    "dataset": "<unset>",
    "dcmmeta_affine": [
      [
        -1.9967478513717651,
        0.016728367656469345,
        -0.1127743199467659,
        99.57508850097656
      ],
      [
        0.03627495467662811,
        1.9687604904174805,
        -0.3502374291419983,
        -86.92195892333984
      ],
      [
        -0.10808335989713669,
        0.3517133593559265,
        1.9658626317977905,
        -51.02448272705078
      ],
      [
        0.0,
        0.0,
        0.0,
        1.0
      ]
    ],
    "dcmmeta_reorient_transform": [
      [
        0.0,
        -1.0,
        0.0,
        103.0
      ],
      [
        1.0,
        0.0,
        0.0,
        0.0
      ],
      [
        0.0,
        0.0,
        1.0,
        0.0
      ],
      [
        0.0,
        0.0,
        0.0,
        1.0
      ]
    ],
    "dcmmeta_shape": [
      104,
      104,
      60,
      483
    ],
    "dcmmeta_slice_dim": 2,
    "dcmmeta_version": 0.6,
    "global": {
      "const": {
        "AcquisitionMatrix": [
          104,
          0,
          0,
          104
        ],
        "AngioFlag": "N",
        "BitsAllocated": 16,
        "BitsStored": 16,
        "BodyPartExamined": "BRAIN",
        "Columns": 832,
        "EchoNumbers": 1,
        "EchoTime": 37.0,
        "EchoTrainLength": 104,
        "FlipAngle": 52.0,
        "HighBit": 15,
        "ImageOrientationPatient": [
          0.99837394232696,
          -0.0181374767269,
          -0.0540416804006,
          0.00836418409494,
          0.98438024635701,
          -0.1758566774579
        ],
        "ImagePositionPatient": [
          -834.20346748886,
          -819.28510955353,
          152.56799813032
        ],
        "ImageType": [
          "ORIGINAL",
          "PRIMARY",
          "M",
          "MB",
          "ND",
          "MOSAIC"
        ],
        "ImagedNucleus": "1H",
        "ImagingFrequency": 123.259119,
        "InPlanePhaseEncodingDirection": "COL",
        "MRAcquisitionType": "2D",
        "MagneticFieldStrength": 3.0,
        "Manufacturer": "SIEMENS",
        "ManufacturerModelName": "Prisma_fit",
        "Modality": "MR",
        "NumberOfAverages": 1.0,
        "NumberOfPhaseEncodingSteps": 104,
        "PercentPhaseFieldOfView": 100.0,
        "PercentSampling": 100.0,
        "PerformedProcedureStepStartTime": "092213.464000",
        "PhotometricInterpretation": "MONOCHROME2",
        "PixelBandwidth": 2290.0,
        "PixelRepresentation": 0,
        "PixelSpacing": [
          2.0,
          2.0
        ],
        "ProtocolName": "func_task-s01e17a",
        "RepetitionTime": 1490.0,
        "Rows": 832,
        "SAR": 0.03419455279754,
        "SamplesPerPixel": 1,
        "ScanOptions": "FS",
        "ScanningSequence": "EP",
        "SequenceName": "epfid2d1_104",
        "SequenceVariant": [
          "SK",
          "SS"
        ],
        "SeriesDescription": "func_task-s01e17a",
        "SeriesNumber": 13,
        "SeriesTime": "101615.444000",
        "SliceLocation": -40.546655353143,
        "SliceThickness": 2.0,
        "SmallestImagePixelValue": 0,
        "SoftwareVersions": "syngo MR E11",
        "SpacingBetweenSlices": 2.0000000132355,
        "SpecificCharacterSet": "ISO_IR 100",
        "StudyID": "1",
        "StudyTime": "092213.384000",
        "TransmitCoilName": "Body",
        "VariableFlipAngleFlag": "N",
        "WindowCenterWidthExplanation": "Algo1",
        "dBdt": 0.0
      },
