{
  "aor": 0.003361775898520085,
  "aqi": 0.006581068900634249,
  "bids_meta": {
    "AcquisitionMatrixPE": 104,
    "AcquisitionNumber": 1,
    "AcquisitionTime": "16:32:45.740000",
    "BandwidthPerPixelPhaseEncode": 17.17,
    "BaseResolution": 104,
    "BodyPartExamined": "BRAIN",
    "CogAtlasID": "https://cognitiveatlas.org/task/id/trm_4c898da401420",
    "CoilString": "HC1-7;NC1_2",
    "ConsistencyInfo": "N4_VE11C_LATEST_20160120",
    "ConversionSoftware": "dcm2niix",
    "ConversionSoftwareVersion": "v1.0.20200427",
    "DerivedVendorReportedEchoSpacing": 0.000560011,
    "DeviceSerialNumber": "167006",
    "DwellTime": 2.1e-06,
    "EchoTime": 0.037,
    "EchoTrainLength": 104,
    "EffectiveEchoSpacing": 0.000560011,
    "FlipAngle": 52,
    "ImageComments": "Unaliased_MB4_PE3_LB",
    "ImageOrientationPatientDICOM": [
      0.999516,
      0.0311173,
      -0.000258098,
      -0.0270461,
      0.864584,
      -0.501759
    ],
    "ImageType": [
      "ORIGINAL",
      "PRIMARY",
      "M",
      "MB",
      "ND",
      "MOSAIC"
    ],
    "ImagingFrequency": 123.259,
    "InPlanePhaseEncodingDirectionDICOM": "COL",
    "InstitutionAddress": "Chemin_Queen-Mary_4565_Montreal_District_CA_H3W_1W5",
    "InstitutionName": "IUGM",
    "InstitutionalDepartmentName": "Department",
    "MRAcquisitionType": "2D",
    "MagneticFieldStrength": 3,
    "Manufacturer": "Siemens",
    "ManufacturersModelName": "Prisma_fit",
    "Modality": "MR",
    "MultibandAccelerationFactor": 4,
    "PartialFourier": 1,
    "PatientPosition": "HFS",
    "PercentPhaseFOV": 100,
    "PercentSampling": 100,
    "PhaseEncodingDirection": "j",
    "PhaseEncodingSteps": 104,
    "PhaseResolution": 1,
    "PixelBandwidth": 2290,
    "ProcedureStepDescription": "video_friends",
    "ProtocolName": "func_task-friends-s02e14b",
    "PulseSequenceDetails": "%CustomerSeq%_cmrr_mbep2d_bold",
    "ReceiveCoilActiveElements": "HC1-7;NC1,2",
    "ReceiveCoilName": "HeadNeck_64",
    "ReconMatrixPE": 104,
    "RepetitionTime": 1.49,
    "SAR": 0.035236,
    "ScanOptions": "FS",
    "ScanningSequence": "EP",
    "SequenceName": "epfid2d1_104",
    "SequenceVariant": "SK_SS",
    "SeriesDescription": "func_task-friends-s02e14b",
    "SeriesNumber": 10,
    "ShimSetting": [
      617,
      -7200,
      -8868,
      423,
      -45,
      -165,
      12,
      -12
    ],
    "SliceThickness": 2,
    "SliceTiming": [
      0,
      0.7825,
      0.0975,
      0.88,
      0.195,
      0.98,
      0.2925,
      1.0775,
      0.39,
      1.175,
      0.49,
      1.2725,
      0.5875,
      1.37,
      0.685,
      0,
      0.7825,
      0.0975,
      0.88,
      0.195,
      0.98,
      0.2925,
      1.0775,
      0.39,
      1.175,
      0.49,
      1.2725,
      0.5875,
      1.37,
      0.685,
      0,
      0.7825,
      0.0975,
      0.88,
      0.195,
      0.98,
      0.2925,
      1.0775,
      0.39,
      1.175,
      0.49,
      1.2725,
      0.5875,
      1.37,
      0.685,
      0,
      0.7825,
      0.0975,
      0.88,
      0.195,
      0.98,
      0.2925,
      1.0775,
      0.39,
      1.175,
      0.49,
      1.2725,
      0.5875,
      1.37,
      0.685
    ],
    "SoftwareVersions": "syngo_MR_E11",
    "SpacingBetweenSlices": 2,
    "StationName": "MRC35049",
    "TaskName": "s02e14b",
    "TotalReadoutTime": 0.0576811,
    "TxRefAmp": 245.132,
    "WipMemBlock": "945dd215-a332-4f4e-8d86-6be21557d1d9||Sequence: R016 ve11c/master r/e634e98; Dec 19 2017 11:00:25 by eja",
    "dataset": "<unset>",
    "modality": "bold",
    "session_id": "014",
    "subject_id": "02",
    "task_id": "s02e14b"
  },
  "dummy_trs": 1,
  "dvars_nstd": 42.93799897372876,
  "dvars_std": 1.0937062171610177,
  "dvars_vstd": 1.049885604237288,
  "efc": 0.6081512037285471,
  "fber": 175.0078887939453,
  "fd_mean": 0.14691217547755014,
  "fd_num": 105,
  "fd_perc": 22.198731501057082,
  "fwhm_avg": 2.6373,
  "fwhm_x": 2.537545,
  "fwhm_y": 2.686485,
  "fwhm_z": 2.68787,
  "gcor": 0.00406555,
  "gsr_x": -0.027195999398827553,
  "gsr_y": 0.07609207928180695,
  "provenance": {
    "md5sum": "77284f932ab32152dde6043d846e46cf",
    "settings": {
      "fd_thres": 0.2,
      "testing": false
    },
    "software": "mriqc",
    "version": "22.0.1",
    "webapi_port": null,
    "webapi_url": "https://mriqc.nimh.nih.gov/api/v1"
  },
  "size_t": 473,
  "size_x": 104,
  "size_y": 104,
  "size_z": 60,
  "snr": 2.1031990510669796,
  "spacing_tr": 1.4900000095367432,
  "spacing_x": 2.0,
  "spacing_y": 2.0,
  "spacing_z": 2.0,
  "summary_bg_k": 43.3325395770832,
  "summary_bg_mad": 140.27974258711856,
  "summary_bg_mean": 1275.004150390625,
  "summary_bg_median": 678.5068359375,
  "summary_bg_n": 382752.0,
  "summary_bg_p05": 564.4589447021484,
  "summary_bg_p95": 4377.500244140625,
  "summary_bg_stdv": 1573.833251953125,
  "summary_fg_k": 2.979781765736912,
  "summary_fg_mad": 3549.2208521205293,
  "summary_fg_mean": 9983.6708984375,
  "summary_fg_median": 9092.9111328125,
  "summary_fg_n": 169487.0,
  "summary_fg_p05": 4813.628662109375,
  "summary_fg_p95": 18176.805078125,
  "summary_fg_stdv": 4323.35888671875,
  "tsnr": 34.399757385253906
}