{
  "aor": 0.00030702306079664573,
  "aqi": 0.005407198993710692,
  "bids_meta": {
    "AcquisitionMatrixPE": 104,
    "AcquisitionNumber": 1,
    "AcquisitionTime": "11:12:52.917500",
    "BandwidthPerPixelPhaseEncode": 17.17,
    "BaseResolution": 104,
    "BodyPartExamined": "BRAIN",
    "CogAtlasID": "https://cognitiveatlas.org/task/id/trm_4c898da401420",
    "CoilString": "HC1-7;NC1_2",
    "ConsistencyInfo": "N4_VE11C_LATEST_20160120",
    "ConversionSoftware": "dcm2niix",
    "ConversionSoftwareVersion": "v1.0.20200427",
    "DerivedVendorReportedEchoSpacing": 0.000560011,
    "DeviceSerialNumber": "167006",
    "DwellTime": 2.1e-06,
    "EchoTime": 0.037,
    "EchoTrainLength": 104,
    "EffectiveEchoSpacing": 0.000560011,
    "FlipAngle": 52,
    "ImageComments": "Unaliased_MB4_PE3_LB",
    "ImageOrientationPatientDICOM": [
      0.999891,
      -0.0132801,
      0.00651993,
      0.0146602,
      0.948618,
      -0.316085
    ],
    "ImageType": [
      "ORIGINAL",
      "PRIMARY",
      "M",
      "MB",
      "ND",
      "MOSAIC"
    ],
    "ImagingFrequency": 123.259,
    "InPlanePhaseEncodingDirectionDICOM": "COL",
    "InstitutionAddress": "Chemin_Queen-Mary_4565_Montreal_District_CA_H3W_1W5",
    "InstitutionName": "IUGM",
    "InstitutionalDepartmentName": "Department",
    "MRAcquisitionType": "2D",
    "MagneticFieldStrength": 3,
    "Manufacturer": "Siemens",
    "ManufacturersModelName": "Prisma_fit",
    "Modality": "MR",
    "MultibandAccelerationFactor": 4,
    "PartialFourier": 1,
    "PatientPosition": "HFS",
    "PercentPhaseFOV": 100,
    "PercentSampling": 100,
    "PhaseEncodingDirection": "j",
    "PhaseEncodingSteps": 104,
    "PhaseResolution": 1,
    "PixelBandwidth": 2290,
    "ProcedureStepDescription": "video_friends",
    "ProtocolName": "func_task-friends-s02e16b",
    "PulseSequenceDetails": "%CustomerSeq%_cmrr_mbep2d_bold",
    "ReceiveCoilActiveElements": "HC1-7;NC1,2",
    "ReceiveCoilName": "HeadNeck_64",
    "ReconMatrixPE": 104,
    "RepetitionTime": 1.49,
    "SAR": 0.0303098,
    "ScanOptions": "FS",
    "ScanningSequence": "EP",
    "SequenceName": "epfid2d1_104",
    "SequenceVariant": "SK_SS",
    "SeriesDescription": "func_task-friends-s02e16b",
    "SeriesNumber": 10,
    "ShimSetting": [
      622,
      -7215,
      -8819,
      711,
      1,
      -28,
      4,
      23
    ],
    "SliceThickness": 2,
    "SliceTiming": [
      0,
      0.785,
      0.0975,
      0.8825,
      0.1975,
      0.98,
      0.295,
      1.0775,
      0.3925,
      1.1775,
      0.49,
      1.275,
      0.5875,
      1.3725,
      0.6875,
      0,
      0.785,
      0.0975,
      0.8825,
      0.1975,
      0.98,
      0.295,
      1.0775,
      0.3925,
      1.1775,
      0.49,
      1.275,
      0.5875,
      1.3725,
      0.6875,
      0,
      0.785,
      0.0975,
      0.8825,
      0.1975,
      0.98,
      0.295,
      1.0775,
      0.3925,
      1.1775,
      0.49,
      1.275,
      0.5875,
      1.3725,
      0.6875,
      0,
      0.785,
      0.0975,
      0.8825,
      0.1975,
      0.98,
      0.295,
      1.0775,
      0.3925,
      1.1775,
      0.49,
      1.275,
      0.5875,
      1.3725,
      0.6875
    ],
    "SoftwareVersions": "syngo_MR_E11",
    "SpacingBetweenSlices": 2,
    "StationName": "MRC35049",
    "TaskName": "s02e16b",
    "TotalReadoutTime": 0.0576811,
    "TxRefAmp": 207.334,
    "WipMemBlock": "cd47c10f-bd16-43bb-8b4a-71a0b85081dd||Sequence: R016 ve11c/master r/e634e98; Dec 19 2017 11:00:25 by eja",
    "dataset": "<unset>",
    "modality": "bold",
    "session_id": "021",
    "subject_id": "03",
    "task_id": "s02e16b"
  },
  "dummy_trs": 1,
  "dvars_nstd": 38.08961679159666,
  "dvars_std": 1.0407853265336127,
  "dvars_vstd": 0.995159792100841,
  "efc": 0.5741534478995755,
  "fber": 220.56240844726562,
  "fd_mean": 0.07401193910452698,
  "fd_num": 0,
  "fd_perc": 0.0,
  "fwhm_avg": 2.527525,
  "fwhm_x": 2.407115,
  "fwhm_y": 2.559535,
  "fwhm_z": 2.615925,
  "gcor": 0.00524011,
  "gsr_x": -0.01680198684334755,
  "gsr_y": 0.04210995137691498,
  "provenance": {
    "md5sum": "47b6acc05bb48e741daf360b15d346a7",
    "settings": {
      "fd_thres": 0.2,
      "testing": false
    },
    "software": "mriqc",
    "version": "22.0.1",
    "webapi_port": null,
    "webapi_url": "https://mriqc.nimh.nih.gov/api/v1"
  },
  "size_t": 477,
  "size_x": 104,
  "size_y": 104,
  "size_z": 60,
  "snr": 2.5336299340687543,
  "spacing_tr": 1.4900000095367432,
  "spacing_x": 2.0,
  "spacing_y": 2.0,
  "spacing_z": 2.0,
  "summary_bg_k": 52.3449585482004,
  "summary_bg_mad": 59.45742549921198,
  "summary_bg_mean": 819.9322509765625,
  "summary_bg_median": 579.3477172851562,
  "summary_bg_n": 406696.0,
  "summary_bg_p05": 530.0181121826172,
  "summary_bg_p95": 2058.9259643554688,
  "summary_bg_stdv": 770.9931030273438,
  "summary_fg_k": 2.206596110833357,
  "summary_fg_mad": 3041.848022010044,
  "summary_fg_mean": 9209.8994140625,
  "summary_fg_median": 8679.080078125,
  "summary_fg_n": 151329.0,
  "summary_fg_p05": 4747.781835937501,
  "summary_fg_p95": 15460.637695312505,
  "summary_fg_stdv": 3425.540283203125,
  "tsnr": 36.050567626953125
}