{
  "aor": 0.0004640983606557377,
  "aqi": 0.0075424775409836066,
  "bids_meta": {
    "AcquisitionMatrixPE": 104,
    "AcquisitionNumber": 1,
    "AcquisitionTime": "11:35:24.227500",
    "BandwidthPerPixelPhaseEncode": 17.17,
    "BaseResolution": 104,
    "BodyPartExamined": "BRAIN",
    "CogAtlasID": "https://cognitiveatlas.org/task/id/trm_4c898da401420",
    "CoilString": "HC1-7;NC1_2",
    "ConsistencyInfo": "N4_VE11C_LATEST_20160120",
    "ConversionSoftware": "dcm2niix",
    "ConversionSoftwareVersion": "v1.0.20200427",
    "DerivedVendorReportedEchoSpacing": 0.000560011,
    "DeviceSerialNumber": "167006",
    "DwellTime": 2.1e-06,
    "EchoTime": 0.037,
    "EchoTrainLength": 104,
    "EffectiveEchoSpacing": 0.000560011,
    "FlipAngle": 52,
    "ImageComments": "Unaliased_MB4_PE3_LB",
    "ImageOrientationPatientDICOM": [
      0.998898,
      -0.0118181,
      -0.0454217,
      0.000523013,
      0.970521,
      -0.241015
    ],
    "ImageType": [
      "ORIGINAL",
      "PRIMARY",
      "M",
      "MB",
      "ND",
      "MOSAIC"
    ],
    "ImagingFrequency": 123.259,
    "InPlanePhaseEncodingDirectionDICOM": "COL",
    "InstitutionAddress": "Chemin_Queen-Mary_4565_Montreal_District_CA_H3W_1W5",
    "InstitutionName": "IUGM",
    "InstitutionalDepartmentName": "Department",
    "MRAcquisitionType": "2D",
    "MagneticFieldStrength": 3,
    "Manufacturer": "Siemens",
    "ManufacturersModelName": "Prisma_fit",
    "Modality": "MR",
    "MultibandAccelerationFactor": 4,
    "PartialFourier": 1,
    "PatientPosition": "HFS",
    "PercentPhaseFOV": 100,
    "PercentSampling": 100,
    "PhaseEncodingDirection": "j",
    "PhaseEncodingSteps": 104,
    "PhaseResolution": 1,
    "PixelBandwidth": 2290,
    "ProcedureStepDescription": "video_friends",
    "ProtocolName": "func_task-friends-s02e17b",
    "PulseSequenceDetails": "%CustomerSeq%_cmrr_mbep2d_bold",
    "ReceiveCoilActiveElements": "HC1-7;NC1,2",
    "ReceiveCoilName": "HeadNeck_64",
    "ReconMatrixPE": 104,
    "RepetitionTime": 1.49,
    "SAR": 0.0295491,
    "ScanOptions": "FS",
    "ScanningSequence": "EP",
    "SequenceName": "epfid2d1_104",
    "SequenceVariant": "SK_SS",
    "SeriesDescription": "func_task-friends-s02e17b",
    "SeriesNumber": 14,
    "ShimSetting": [
      602,
      -7261,
      -8846,
      584,
      -47,
      -337,
      5,
      56
    ],
    "SliceThickness": 2,
    "SliceTiming": [
      0,
      0.7825,
      0.0975,
      0.8825,
      0.195,
      0.98,
      0.2925,
      1.0775,
      0.3925,
      1.175,
      0.49,
      1.2725,
      0.5875,
      1.37,
      0.685,
      0,
      0.7825,
      0.0975,
      0.8825,
      0.195,
      0.98,
      0.2925,
      1.0775,
      0.3925,
      1.175,
      0.49,
      1.2725,
      0.5875,
      1.37,
      0.685,
      0,
      0.7825,
      0.0975,
      0.8825,
      0.195,
      0.98,
      0.2925,
      1.0775,
      0.3925,
      1.175,
      0.49,
      1.2725,
      0.5875,
      1.37,
      0.685,
      0,
      0.7825,
      0.0975,
      0.8825,
      0.195,
      0.98,
      0.2925,
      1.0775,
      0.3925,
      1.175,
      0.49,
      1.2725,
      0.5875,
      1.37,
      0.685
    ],
    "SoftwareVersions": "syngo_MR_E11",
    "SpacingBetweenSlices": 2,
    "StationName": "MRC35049",
    "TaskName": "s02e17b",
    "TotalReadoutTime": 0.0576811,
    "TxRefAmp": 215.184,
    "WipMemBlock": "9be9224f-f09a-4089-906e-36a4b394f05d||Sequence: R016 ve11c/master r/e634e98; Dec 19 2017 11:00:25 by eja",
    "dataset": "<unset>",
    "modality": "bold",
    "session_id": "018",
    "subject_id": "04",
    "task_id": "s02e17b"
  },
  "dummy_trs": 1,
  "dvars_nstd": 38.439137249425045,
  "dvars_std": 1.0106785217659142,
  "dvars_vstd": 0.9832869563244357,
  "efc": 0.5762958066103441,
  "fber": 208.95399475097656,
  "fd_mean": 0.09910094216843397,
  "fd_num": 15,
  "fd_perc": 3.0737704918032787,
  "fwhm_avg": 2.699778333333333,
  "fwhm_x": 2.585895,
  "fwhm_y": 2.78098,
  "fwhm_z": 2.73246,
  "gcor": 0.010646,
  "gsr_x": -0.022652173414826393,
  "gsr_y": 0.06256408989429474,
  "provenance": {
    "md5sum": "04e8b4cb7894bede89d12bd606f7c925",
    "settings": {
      "fd_thres": 0.2,
      "testing": false
    },
    "software": "mriqc",
    "version": "22.0.1",
    "webapi_port": null,
    "webapi_url": "https://mriqc.nimh.nih.gov/api/v1"
  },
  "size_t": 488,
  "size_x": 104,
  "size_y": 104,
  "size_z": 60,
  "snr": 2.3882299491247334,
  "spacing_tr": 1.4900000095367432,
  "spacing_x": 2.0,
  "spacing_y": 2.0,
  "spacing_z": 2.0,
  "summary_bg_k": 26.9186586089068,
  "summary_bg_mad": 60.435405447728776,
  "summary_bg_mean": 935.1725463867188,
  "summary_bg_median": 597.541259765625,
  "summary_bg_n": 412541.0,
  "summary_bg_p05": 544.7709350585938,
  "summary_bg_p95": 2821.2890625,
  "summary_bg_stdv": 954.8262939453125,
  "summary_fg_k": 4.391476204538515,
  "summary_fg_mad": 3108.9238276041583,
  "summary_fg_mean": 9346.787109375,
  "summary_fg_median": 8782.01953125,
  "summary_fg_n": 144484.0,
  "summary_fg_p05": 4733.62705078125,
  "summary_fg_p95": 15730.374707031255,
  "summary_fg_stdv": 3677.19580078125,
  "tsnr": 31.68794822692871
}