{
  "aor": 0.0010988888888888888,
  "aqi": 0.007392955905349794,
  "bids_meta": {
    "AcquisitionMatrixPE": 104,
    "AcquisitionNumber": 1,
    "AcquisitionTime": "13:55:48.680000",
    "BandwidthPerPixelPhaseEncode": 17.17,
    "BaseResolution": 104,
    "BodyPartExamined": "BRAIN",
    "CogAtlasID": "https://cognitiveatlas.org/task/id/trm_4c898da401420",
    "CoilString": "HC1-7;NC1_2",
    "ConsistencyInfo": "N4_VE11C_LATEST_20160120",
    "ConversionSoftware": "dcm2niix",
    "ConversionSoftwareVersion": "v1.0.20200427",
    "DerivedVendorReportedEchoSpacing": 0.000560011,
    "DeviceSerialNumber": "167006",
    "DwellTime": 2.1e-06,
    "EchoTime": 0.037,
    "EchoTrainLength": 104,
    "EffectiveEchoSpacing": 0.000560011,
    "FlipAngle": 52,
    "ImageComments": "Unaliased_MB4_PE3_LB",
    "ImageOrientationPatientDICOM": [
      0.999413,
      -0.0316907,
      0.0129758,
      0.0338525,
      0.857147,
      -0.513958
    ],
    "ImageType": [
      "ORIGINAL",
      "PRIMARY",
      "M",
      "MB",
      "ND",
      "MOSAIC"
    ],
    "ImagingFrequency": 123.259,
    "InPlanePhaseEncodingDirectionDICOM": "COL",
    "InstitutionAddress": "Chemin_Queen-Mary_4565_Montreal_District_CA_H3W_1W5",
    "InstitutionName": "IUGM",
    "InstitutionalDepartmentName": "Department",
    "MRAcquisitionType": "2D",
    "MagneticFieldStrength": 3,
    "Manufacturer": "Siemens",
    "ManufacturersModelName": "Prisma_fit",
    "Modality": "MR",
    "MultibandAccelerationFactor": 4,
    "PartialFourier": 1,
    "PatientPosition": "HFS",
    "PercentPhaseFOV": 100,
    "PercentSampling": 100,
    "PhaseEncodingDirection": "j",
    "PhaseEncodingSteps": 104,
    "PhaseResolution": 1,
    "PixelBandwidth": 2290,
    "ProcedureStepDescription": "video_friends",
    "ProtocolName": "func_task-friends-s02e11b",
    "PulseSequenceDetails": "%CustomerSeq%_cmrr_mbep2d_bold",
    "ReceiveCoilActiveElements": "HC1-7;NC1,2",
    "ReceiveCoilName": "HeadNeck_64",
    "ReconMatrixPE": 104,
    "RepetitionTime": 1.49,
    "SAR": 0.034192,
    "ScanOptions": "FS",
    "ScanningSequence": "EP",
    "SequenceName": "epfid2d1_104",
    "SequenceVariant": "SK_SS",
    "SeriesDescription": "func_task-friends-s02e11b",
    "SeriesNumber": 18,
    "ShimSetting": [
      626,
      -7194,
      -8887,
      445,
      -22,
      -167,
      8,
      -39
    ],
    "SliceThickness": 2,
    "SliceTiming": [
      0,
      0.7825,
      0.0975,
      0.88,
      0.195,
      0.98,
      0.2925,
      1.0775,
      0.39,
      1.175,
      0.49,
      1.2725,
      0.5875,
      1.37,
      0.685,
      0,
      0.7825,
      0.0975,
      0.88,
      0.195,
      0.98,
      0.2925,
      1.0775,
      0.39,
      1.175,
      0.49,
      1.2725,
      0.5875,
      1.37,
      0.685,
      0,
      0.7825,
      0.0975,
      0.88,
      0.195,
      0.98,
      0.2925,
      1.0775,
      0.39,
      1.175,
      0.49,
      1.2725,
      0.5875,
      1.37,
      0.685,
      0,
      0.7825,
      0.0975,
      0.88,
      0.195,
      0.98,
      0.2925,
      1.0775,
      0.39,
      1.175,
      0.49,
      1.2725,
      0.5875,
      1.37,
      0.685
    ],
    "SoftwareVersions": "syngo_MR_E11",
    "SpacingBetweenSlices": 2,
    "StationName": "MRC35049",
    "TaskName": "s02e11b",
    "TotalReadoutTime": 0.0576811,
    "TxRefAmp": 243.129,
    "WipMemBlock": "085c41d3-56ff-44af-8575-103245ab705d||Sequence: R016 ve11c/master r/e634e98; Dec 19 2017 11:00:25 by eja",
    "dataset": "<unset>",
    "modality": "bold",
    "session_id": "013",
    "subject_id": "02",
    "task_id": "s02e11b"
  },
  "dummy_trs": 2,
  "dvars_nstd": 44.42646927991752,
  "dvars_std": 1.0859606877319588,
  "dvars_vstd": 1.0479941970721645,
  "efc": 0.6078973525864662,
  "fber": 171.28372192382812,
  "fd_mean": 0.1513124826484235,
  "fd_num": 108,
  "fd_perc": 22.22222222222222,
  "fwhm_avg": 2.625526666666667,
  "fwhm_x": 2.52239,
  "fwhm_y": 2.697225,
  "fwhm_z": 2.656965,
  "gcor": 0.0114005,
  "gsr_x": -0.031964462250471115,
  "gsr_y": 0.09118781238794327,
  "provenance": {
    "md5sum": "e333986bb25041c1b24ba0993764a293",
    "settings": {
      "fd_thres": 0.2,
      "testing": false
    },
    "software": "mriqc",
    "version": "22.0.1",
    "webapi_port": null,
    "webapi_url": "https://mriqc.nimh.nih.gov/api/v1"
  },
  "size_t": 486,
  "size_x": 104,
  "size_y": 104,
  "size_z": 60,
  "snr": 2.0763622346348303,
  "spacing_tr": 1.4900000095367432,
  "spacing_x": 2.0,
  "spacing_y": 2.0,
  "spacing_z": 2.0,
  "summary_bg_k": 31.258083592324866,
  "summary_bg_mad": 148.25904546940538,
  "summary_bg_mean": 1350.2615966796875,
  "summary_bg_median": 692.4214477539062,
  "summary_bg_n": 388533.0,
  "summary_bg_p05": 577.6503784179688,
  "summary_bg_p95": 4792.525097656245,
  "summary_bg_stdv": 1683.2916259765625,
  "summary_fg_k": 3.2688881402946652,
  "summary_fg_mad": 3588.3201420724276,
  "summary_fg_mean": 10043.8896484375,
  "summary_fg_median": 9126.6328125,
  "summary_fg_n": 167649.0,
  "summary_fg_p05": 4819.25791015625,
  "summary_fg_p95": 18375.771484375004,
  "summary_fg_stdv": 4395.478515625,
  "tsnr": 32.91835021972656
}