{
  "aor": 0.0006773770491803278,
  "aqi": 0.009807848975409835,
  "bids_meta": {
    "AcquisitionMatrixPE": 104,
    "AcquisitionNumber": 1,
    "AcquisitionTime": "14:35:51.155000",
    "BandwidthPerPixelPhaseEncode": 17.17,
    "BaseResolution": 104,
    "BodyPartExamined": "BRAIN",
    "CogAtlasID": "https://cognitiveatlas.org/task/id/trm_4c898da401420",
    "CoilString": "HC1-7;NC1_2",
    "ConsistencyInfo": "N4_VE11C_LATEST_20160120",
    "ConversionSoftware": "dcm2niix",
    "ConversionSoftwareVersion": "v1.0.20200427",
    "DerivedVendorReportedEchoSpacing": 0.000560011,
    "DeviceSerialNumber": "167006",
    "DwellTime": 2.1e-06,
    "EchoTime": 0.037,
    "EchoTrainLength": 104,
    "EffectiveEchoSpacing": 0.000560011,
    "FlipAngle": 52,
    "ImageComments": "Unaliased_MB4_PE3_LB",
    "ImageOrientationPatientDICOM": [
      0.999413,
      -0.0316907,
      0.0129758,
      0.0338525,
      0.857147,
      -0.513958
    ],
    "ImageType": [
      "ORIGINAL",
      "PRIMARY",
      "M",
      "MB",
      "ND",
      "MOSAIC"
    ],
    "ImagingFrequency": 123.259,
    "InPlanePhaseEncodingDirectionDICOM": "COL",
    "InstitutionAddress": "Chemin_Queen-Mary_4565_Montreal_District_CA_H3W_1W5",
    "InstitutionName": "IUGM",
    "InstitutionalDepartmentName": "Department",
    "MRAcquisitionType": "2D",
    "MagneticFieldStrength": 3,
    "Manufacturer": "Siemens",
    "ManufacturersModelName": "Prisma_fit",
    "Modality": "MR",
    "MultibandAccelerationFactor": 4,
    "PartialFourier": 1,
    "PatientPosition": "HFS",
    "PercentPhaseFOV": 100,
    "PercentSampling": 100,
    "PhaseEncodingDirection": "j",
    "PhaseEncodingSteps": 104,
    "PhaseResolution": 1,
    "PixelBandwidth": 2290,
    "ProcedureStepDescription": "video_friends",
    "ProtocolName": "func_task-friends-s02e13a",
    "PulseSequenceDetails": "%CustomerSeq%_cmrr_mbep2d_bold",
    "ReceiveCoilActiveElements": "HC1-7;NC1,2",
    "ReceiveCoilName": "HeadNeck_64",
    "ReconMatrixPE": 104,
    "RepetitionTime": 1.49,
    "SAR": 0.034192,
    "ScanOptions": "FS",
    "ScanningSequence": "EP",
    "SequenceName": "epfid2d1_104",
    "SequenceVariant": "SK_SS",
    "SeriesDescription": "func_task-friends-s02e13a",
    "SeriesNumber": 24,
    "ShimSetting": [
      626,
      -7194,
      -8887,
      445,
      -22,
      -167,
      8,
      -39
    ],
    "SliceThickness": 2,
    "SliceTiming": [
      0,
      0.785,
      0.0975,
      0.8825,
      0.1975,
      0.98,
      0.295,
      1.0775,
      0.3925,
      1.1775,
      0.49,
      1.275,
      0.5875,
      1.3725,
      0.6875,
      0,
      0.785,
      0.0975,
      0.8825,
      0.1975,
      0.98,
      0.295,
      1.0775,
      0.3925,
      1.1775,
      0.49,
      1.275,
      0.5875,
      1.3725,
      0.6875,
      0,
      0.785,
      0.0975,
      0.8825,
      0.1975,
      0.98,
      0.295,
      1.0775,
      0.3925,
      1.1775,
      0.49,
      1.275,
      0.5875,
      1.3725,
      0.6875,
      0,
      0.785,
      0.0975,
      0.8825,
      0.1975,
      0.98,
      0.295,
      1.0775,
      0.3925,
      1.1775,
      0.49,
      1.275,
      0.5875,
      1.3725,
      0.6875
    ],
    "SoftwareVersions": "syngo_MR_E11",
    "SpacingBetweenSlices": 2,
    "StationName": "MRC35049",
    "TaskName": "s02e13a",
    "TotalReadoutTime": 0.0576811,
    "TxRefAmp": 243.129,
    "WipMemBlock": "bd09fed9-677c-48ac-9d11-bf0c4ebbc0cb||Sequence: R016 ve11c/master r/e634e98; Dec 19 2017 11:00:25 by eja",
    "dataset": "<unset>",
    "modality": "bold",
    "session_id": "013",
    "subject_id": "02",
    "task_id": "s02e13a"
  },
  "dummy_trs": 0,
  "dvars_nstd": 43.11023472435318,
  "dvars_std": 1.0286699411704308,
  "dvars_vstd": 0.984493252443533,
  "efc": 0.6094827333587313,
  "fber": 169.2081756591797,
  "fd_mean": 0.13855980684005695,
  "fd_num": 79,
  "fd_perc": 16.188524590163933,
  "fwhm_avg": 2.677308333333333,
  "fwhm_x": 2.55251,
  "fwhm_y": 2.75071,
  "fwhm_z": 2.728705,
  "gcor": 0.0103346,
  "gsr_x": -0.03215407207608223,
  "gsr_y": 0.09686983376741409,
  "provenance": {
    "md5sum": "0da93f0395a96dc322dfe7e344505f85",
    "settings": {
      "fd_thres": 0.2,
      "testing": false
    },
    "software": "mriqc",
    "version": "22.0.1",
    "webapi_port": null,
    "webapi_url": "https://mriqc.nimh.nih.gov/api/v1"
  },
  "size_t": 488,
  "size_x": 104,
  "size_y": 104,
  "size_z": 60,
  "snr": 2.082436978678775,
  "spacing_tr": 1.4900000095367432,
  "spacing_x": 2.0,
  "spacing_y": 2.0,
  "spacing_z": 2.0,
  "summary_bg_k": 26.612799758267347,
  "summary_bg_mad": 165.0258250873404,
  "summary_bg_mean": 1389.04638671875,
  "summary_bg_median": 696.1827392578125,
  "summary_bg_n": 390966.0,
  "summary_bg_p05": 560.4848327636719,
  "summary_bg_p95": 5009.6326904296875,
  "summary_bg_stdv": 1735.1820068359375,
  "summary_fg_k": 3.152819571507745,
  "summary_fg_mad": 3584.1532190403386,
  "summary_fg_mean": 10001.478515625,
  "summary_fg_median": 9086.27734375,
  "summary_fg_n": 166691.0,
  "summary_fg_p05": 4791.485595703125,
  "summary_fg_p95": 18294.41015625,
  "summary_fg_stdv": 4363.27734375,
  "tsnr": 31.15083885192871
}