{
  "aor": 0.0007920781893004115,
  "aqi": 0.007999446008230453,
  "bids_meta": {
    "AcquisitionMatrixPE": 104,
    "AcquisitionNumber": 1,
    "AcquisitionTime": "14:08:27.935000",
    "BandwidthPerPixelPhaseEncode": 17.17,
    "BaseResolution": 104,
    "BodyPartExamined": "BRAIN",
    "CogAtlasID": "https://cognitiveatlas.org/task/id/trm_4c898da401420",
    "CoilString": "HC1-7;NC1_2",
    "ConsistencyInfo": "N4_VE11C_LATEST_20160120",
    "ConversionSoftware": "dcm2niix",
    "ConversionSoftwareVersion": "v1.0.20200427",
    "DerivedVendorReportedEchoSpacing": 0.000560011,
    "DeviceSerialNumber": "167006",
    "DwellTime": 2.1e-06,
    "EchoTime": 0.037,
    "EchoTrainLength": 104,
    "EffectiveEchoSpacing": 0.000560011,
    "FlipAngle": 52,
    "ImageComments": "Unaliased_MB4_PE3_LB",
    "ImageOrientationPatientDICOM": [
      0.999413,
      -0.0316907,
      0.0129758,
      0.0338525,
      0.857147,
      -0.513958
    ],
    "ImageType": [
      "ORIGINAL",
      "PRIMARY",
      "M",
      "MB",
      "ND",
      "MOSAIC"
    ],
    "ImagingFrequency": 123.259,
    "InPlanePhaseEncodingDirectionDICOM": "COL",
    "InstitutionAddress": "Chemin_Queen-Mary_4565_Montreal_District_CA_H3W_1W5",
    "InstitutionName": "IUGM",
    "InstitutionalDepartmentName": "Department",
    "MRAcquisitionType": "2D",
    "MagneticFieldStrength": 3,
    "Manufacturer": "Siemens",
    "ManufacturersModelName": "Prisma_fit",
    "Modality": "MR",
    "MultibandAccelerationFactor": 4,
    "PartialFourier": 1,
    "PatientPosition": "HFS",
    "PercentPhaseFOV": 100,
    "PercentSampling": 100,
    "PhaseEncodingDirection": "j",
    "PhaseEncodingSteps": 104,
    "PhaseResolution": 1,
    "PixelBandwidth": 2290,
    "ProcedureStepDescription": "video_friends",
    "ProtocolName": "func_task-friends-s02e12a",
    "PulseSequenceDetails": "%CustomerSeq%_cmrr_mbep2d_bold",
    "ReceiveCoilActiveElements": "HC1-7;NC1,2",
    "ReceiveCoilName": "HeadNeck_64",
    "ReconMatrixPE": 104,
    "RepetitionTime": 1.49,
    "SAR": 0.034192,
    "ScanOptions": "FS",
    "ScanningSequence": "EP",
    "SequenceName": "epfid2d1_104",
    "SequenceVariant": "SK_SS",
    "SeriesDescription": "func_task-friends-s02e12a",
    "SeriesNumber": 20,
    "ShimSetting": [
      626,
      -7194,
      -8887,
      445,
      -22,
      -167,
      8,
      -39
    ],
    "SliceThickness": 2,
    "SliceTiming": [
      0,
      0.7825,
      0.0975,
      0.88,
      0.195,
      0.98,
      0.2925,
      1.0775,
      0.3925,
      1.175,
      0.49,
      1.2725,
      0.5875,
      1.37,
      0.685,
      0,
      0.7825,
      0.0975,
      0.88,
      0.195,
      0.98,
      0.2925,
      1.0775,
      0.3925,
      1.175,
      0.49,
      1.2725,
      0.5875,
      1.37,
      0.685,
      0,
      0.7825,
      0.0975,
      0.88,
      0.195,
      0.98,
      0.2925,
      1.0775,
      0.3925,
      1.175,
      0.49,
      1.2725,
      0.5875,
      1.37,
      0.685,
      0,
      0.7825,
      0.0975,
      0.88,
      0.195,
      0.98,
      0.2925,
      1.0775,
      0.3925,
      1.175,
      0.49,
      1.2725,
      0.5875,
      1.37,
      0.685
    ],
    "SoftwareVersions": "syngo_MR_E11",
    "SpacingBetweenSlices": 2,
    "StationName": "MRC35049",
    "TaskName": "s02e12a",
    "TotalReadoutTime": 0.0576811,
    "TxRefAmp": 243.129,
    "WipMemBlock": "a8a32da0-e5dc-4ec0-8aef-f2759e7efd0c||Sequence: R016 ve11c/master r/e634e98; Dec 19 2017 11:00:25 by eja",
    "dataset": "<unset>",
    "modality": "bold",
    "session_id": "013",
    "subject_id": "02",
    "task_id": "s02e12a"
  },
  "dummy_trs": 2,
  "dvars_nstd": 43.061402255958804,
  "dvars_std": 1.0443918322061851,
  "dvars_vstd": 0.9982399949072167,
  "efc": 0.6092826868833393,
  "fber": 168.5297393798828,
  "fd_mean": 0.1303023765521482,
  "fd_num": 58,
  "fd_perc": 11.934156378600823,
  "fwhm_avg": 2.6276883333333334,
  "fwhm_x": 2.52457,
  "fwhm_y": 2.70555,
  "fwhm_z": 2.652945,
  "gcor": 0.00712585,
  "gsr_x": -0.03165890648961067,
  "gsr_y": 0.09332700073719025,
  "provenance": {
    "md5sum": "b3a21c39f1e23318d230b2c645d9261d",
    "settings": {
      "fd_thres": 0.2,
      "testing": false
    },
    "software": "mriqc",
    "version": "22.0.1",
    "webapi_port": null,
    "webapi_url": "https://mriqc.nimh.nih.gov/api/v1"
  },
  "size_t": 486,
  "size_x": 104,
  "size_y": 104,
  "size_z": 60,
  "snr": 2.079372276098708,
  "spacing_tr": 1.4900000095367432,
  "spacing_x": 2.0,
  "spacing_y": 2.0,
  "spacing_z": 2.0,
  "summary_bg_k": 31.129348368081104,
  "summary_bg_mad": 149.59541446128102,
  "summary_bg_mean": 1359.1051025390625,
  "summary_bg_median": 695.672607421875,
  "summary_bg_n": 388066.0,
  "summary_bg_p05": 581.4565124511719,
  "summary_bg_p95": 4830.834716796875,
  "summary_bg_stdv": 1694.947998046875,
  "summary_fg_k": 3.3073484775121704,
  "summary_fg_mad": 3568.197870946655,
  "summary_fg_mean": 10008.4169921875,
  "summary_fg_median": 9092.7890625,
  "summary_fg_n": 167618.0,
  "summary_fg_p05": 4812.676171875,
  "summary_fg_p95": 18280.294531249998,
  "summary_fg_stdv": 4372.83984375,
  "tsnr": 32.4771728515625
}