{
  "aor": 0.00021163716814159291,
  "aqi": 0.004040337522123893,
  "bids_meta": {
    "AcquisitionMatrixPE": 104,
    "AcquisitionNumber": 1,
    "AcquisitionTime": "17:37:30.000000",
    "BandwidthPerPixelPhaseEncode": 17.17,
    "BaseResolution": 104,
    "BodyPartExamined": "BRAIN",
    "CogAtlasID": "https://cognitiveatlas.org/task/id/trm_4c898da401420",
    "CoilString": "HC1-7;NC1_2",
    "ConsistencyInfo": "N4_VE11C_LATEST_20160120",
    "ConversionSoftware": "dcm2niix",
    "ConversionSoftwareVersion": "v1.0.20200427",
    "DerivedVendorReportedEchoSpacing": 0.000560011,
    "DeviceSerialNumber": "167006",
    "DwellTime": 2.1e-06,
    "EchoTime": 0.037,
    "EchoTrainLength": 104,
    "EffectiveEchoSpacing": 0.000560011,
    "FlipAngle": 52,
    "ImageComments": "Unaliased_MB4_PE3_LB",
    "ImageOrientationPatientDICOM": [
      0.999927,
      -0.0120253,
      0.000712824,
      0.0116934,
      0.954704,
      -0.297327
    ],
    "ImageType": [
      "ORIGINAL",
      "PRIMARY",
      "M",
      "MB",
      "ND",
      "MOSAIC"
    ],
    "ImagingFrequency": 123.259,
    "InPlanePhaseEncodingDirectionDICOM": "COL",
    "InstitutionAddress": "Chemin_Queen-Mary_4565_Montreal_District_CA_H3W_1W5",
    "InstitutionName": "IUGM",
    "InstitutionalDepartmentName": "Department",
    "MRAcquisitionType": "2D",
    "MagneticFieldStrength": 3,
    "Manufacturer": "Siemens",
    "ManufacturersModelName": "Prisma_fit",
    "Modality": "MR",
    "MultibandAccelerationFactor": 4,
    "PartialFourier": 1,
    "PatientPosition": "HFS",
    "PercentPhaseFOV": 100,
    "PercentSampling": 100,
    "PhaseEncodingDirection": "j",
    "PhaseEncodingSteps": 104,
    "PhaseResolution": 1,
    "PixelBandwidth": 2290,
    "ProcedureStepDescription": "video_friends",
    "ProtocolName": "func_task-friends-s02e22a",
    "PulseSequenceDetails": "%CustomerSeq%_cmrr_mbep2d_bold",
    "ReceiveCoilActiveElements": "HC1-7;NC1,2",
    "ReceiveCoilName": "HeadNeck_64",
    "ReconMatrixPE": 104,
    "RepetitionTime": 1.49,
    "SAR": 0.0301541,
    "ScanOptions": "FS",
    "ScanningSequence": "EP",
    "SequenceName": "epfid2d1_104",
    "SequenceVariant": "SK_SS",
    "SeriesDescription": "func_task-friends-s02e22a",
    "SeriesNumber": 13,
    "ShimSetting": [
      621,
      -7215,
      -8803,
      721,
      -13,
      -39,
      15,
      21
    ],
    "SliceThickness": 2,
    "SliceTiming": [
      0,
      0.785,
      0.0975,
      0.8825,
      0.1975,
      0.98,
      0.295,
      1.0775,
      0.3925,
      1.1775,
      0.49,
      1.275,
      0.5875,
      1.3725,
      0.6875,
      0,
      0.785,
      0.0975,
      0.8825,
      0.1975,
      0.98,
      0.295,
      1.0775,
      0.3925,
      1.1775,
      0.49,
      1.275,
      0.5875,
      1.3725,
      0.6875,
      0,
      0.785,
      0.0975,
      0.8825,
      0.1975,
      0.98,
      0.295,
      1.0775,
      0.3925,
      1.1775,
      0.49,
      1.275,
      0.5875,
      1.3725,
      0.6875,
      0,
      0.785,
      0.0975,
      0.8825,
      0.1975,
      0.98,
      0.295,
      1.0775,
      0.3925,
      1.1775,
      0.49,
      1.275,
      0.5875,
      1.3725,
      0.6875
    ],
    "SoftwareVersions": "syngo_MR_E11",
    "SpacingBetweenSlices": 2,
    "StationName": "MRC35049",
    "TaskName": "s02e22a",
    "TotalReadoutTime": 0.0576811,
    "TxRefAmp": 205.82,
    "WipMemBlock": "75415a46-f652-40f8-8705-115fef244b93||Sequence: R016 ve11c/master r/e634e98; Dec 19 2017 11:00:25 by eja",
    "dataset": "<unset>",
    "modality": "bold",
    "session_id": "024",
    "subject_id": "03",
    "task_id": "s02e22a"
  },
  "dummy_trs": 1,
  "dvars_nstd": 39.64169805478937,
  "dvars_std": 1.0800320868292677,
  "dvars_vstd": 0.994379083991131,
  "efc": 0.5739288541772597,
  "fber": 233.22653198242188,
  "fd_mean": 0.06815831138957809,
  "fd_num": 0,
  "fd_perc": 0.0,
  "fwhm_avg": 2.5601716666666667,
  "fwhm_x": 2.46743,
  "fwhm_y": 2.571145,
  "fwhm_z": 2.64194,
  "gcor": 0.00379001,
  "gsr_x": -0.016258882358670235,
  "gsr_y": 0.040585074573755264,
  "provenance": {
    "md5sum": "a22a306bdf6ef0693ab6a56e92de529b",
    "settings": {
      "fd_thres": 0.2,
      "testing": false
    },
    "software": "mriqc",
    "version": "22.0.1",
    "webapi_port": null,
    "webapi_url": "https://mriqc.nimh.nih.gov/api/v1"
  },
  "size_t": 452,
  "size_x": 104,
  "size_y": 104,
  "size_z": 60,
  "snr": 2.5580547339687767,
  "spacing_tr": 1.4900000095367432,
  "spacing_x": 2.0,
  "spacing_y": 2.0,
  "spacing_z": 2.0,
  "summary_bg_k": 42.064191334587846,
  "summary_bg_mad": 60.23076037221911,
  "summary_bg_mean": 851.7702026367188,
  "summary_bg_median": 583.5259399414062,
  "summary_bg_n": 407006.0,
  "summary_bg_p05": 535.2402496337891,
  "summary_bg_p95": 2244.5254516601562,
  "summary_bg_stdv": 854.7401123046875,
  "summary_fg_k": 2.1928688418348825,
  "summary_fg_mad": 3151.3792424999,
  "summary_fg_mean": 9493.0732421875,
  "summary_fg_median": 8965.0166015625,
  "summary_fg_n": 151296.0,
  "summary_fg_p05": 4899.9666748046875,
  "summary_fg_p95": 15889.0302734375,
  "summary_fg_stdv": 3504.611083984375,
  "tsnr": 39.85884475708008
}