{
  "aor": 0.0003504660194174757,
  "aqi": 0.006526076834951456,
  "bids_meta": {
    "AcquisitionMatrixPE": 104,
    "AcquisitionNumber": 1,
    "AcquisitionTime": "19:55:2.877500",
    "BandwidthPerPixelPhaseEncode": 17.17,
    "BaseResolution": 104,
    "BodyPartExamined": "BRAIN",
    "CogAtlasID": "https://cognitiveatlas.org/task/id/trm_4c898da401420",
    "CoilString": "HC1-7;NC1_2",
    "ConsistencyInfo": "N4_VE11C_LATEST_20160120",
    "ConversionSoftware": "dcm2niix",
    "ConversionSoftwareVersion": "v1.0.20190720  (JP2:OpenJPEG) GCC7.3.0",
    "DerivedVendorReportedEchoSpacing": 0.000560011,
    "DeviceSerialNumber": "167006",
    "DwellTime": 2.1e-06,
    "EchoTime": 0.037,
    "EchoTrainLength": 104,
    "EffectiveEchoSpacing": 0.000560011,
    "FlipAngle": 52,
    "ImageComments": "Unaliased_MB4_PE3_LB",
    "ImageOrientationPatientDICOM": [
      0.999723,
      -0.0235203,
      0.000141701,
      0.0225123,
      0.955097,
      -0.295436
    ],
    "ImageType": [
      "ORIGINAL",
      "PRIMARY",
      "M",
      "MB",
      "ND",
      "MOSAIC"
    ],
    "ImagingFrequency": 123.259,
    "InPlanePhaseEncodingDirectionDICOM": "COL",
    "InstitutionAddress": "Chemin_Queen-Mary_4565_Montreal_District_CA_H3W_1W5",
    "InstitutionName": "IUGM",
    "InstitutionalDepartmentName": "Department",
    "MRAcquisitionType": "2D",
    "MagneticFieldStrength": 3,
    "Manufacturer": "Siemens",
    "ManufacturersModelName": "Prisma_fit",
    "Modality": "MR",
    "MultibandAccelerationFactor": 4,
    "PartialFourier": 1,
    "PatientPosition": "HFS",
    "PercentPhaseFOV": 100,
    "PhaseEncodingDirection": "j",
    "PhaseEncodingSteps": 104,
    "PhaseResolution": 1,
    "PixelBandwidth": 2290,
    "ProcedureStepDescription": "video_friends",
    "ProtocolName": "func_task-s01e24b",
    "PulseSequenceDetails": "%CustomerSeq%_cmrr_mbep2d_bold",
    "ReceiveCoilActiveElements": "HC1-7;NC1,2",
    "ReceiveCoilName": "HeadNeck_64",
    "ReconMatrixPE": 104,
    "RepetitionTime": 1.49,
    "SAR": 0.0307503,
    "ScanOptions": "FS",
    "ScanningSequence": "EP",
    "SequenceName": "epfid2d1_104",
    "SequenceVariant": "SK_SS",
    "SeriesDescription": "func_task-s01e24b",
    "SeriesNumber": 22,
    "ShimSetting": [
      633,
      -7232,
      -8805,
      691,
      44,
      -90,
      40,
      0
    ],
    "SliceThickness": 2,
    "SliceTiming": [
      0,
      0.7825,
      0.0975,
      0.88,
      0.195,
      0.9775,
      0.2925,
      1.0775,
      0.39,
      1.175,
      0.4875,
      1.2725,
      0.5875,
      1.37,
      0.685,
      0,
      0.7825,
      0.0975,
      0.88,
      0.195,
      0.9775,
      0.2925,
      1.0775,
      0.39,
      1.175,
      0.4875,
      1.2725,
      0.5875,
      1.37,
      0.685,
      0,
      0.7825,
      0.0975,
      0.88,
      0.195,
      0.9775,
      0.2925,
      1.0775,
      0.39,
      1.175,
      0.4875,
      1.2725,
      0.5875,
      1.37,
      0.685,
      0,
      0.7825,
      0.0975,
      0.88,
      0.195,
      0.9775,
      0.2925,
      1.0775,
      0.39,
      1.175,
      0.4875,
      1.2725,
      0.5875,
      1.37,
      0.685
    ],
    "SoftwareVersions": "syngo_MR_E11",
    "SpacingBetweenSlices": 2,
    "StationName": "MRC35049",
    "TaskName": "friends",
    "TotalReadoutTime": 0.0576811,
    "TxRefAmp": 207.62,
    "WipMemBlock": "8510c9a1-c241-4ac9-9a06-98e94b103a11||Sequence: R016 ve11c/master r/e634e98; Dec 19 2017 11:00:25 by eja",
    "dataset": "<unset>",
    "dcmmeta_affine": [
      [
        -1.9994467496871948,
        0.045024555176496506,
        -0.013626822270452976,
        102.45738220214844
      ],
      [
        0.04704062640666962,
        1.9101945161819458,
        -0.5907150506973267,
        -82.45620727539062
      ],
      [
        0.0002834013430401683,
        0.5908721685409546,
        1.9107249975204468,
        -60.942989349365234
      ],
      [
        0.0,
        0.0,
        0.0,
        1.0
      ]
    ],
    "dcmmeta_reorient_transform": [
      [
        0.0,
        -1.0,
        0.0,
        103.0
      ],
      [
        1.0,
        0.0,
        0.0,
        0.0
      ],
      [
        0.0,
        0.0,
        1.0,
        0.0
      ],
      [
        0.0,
        0.0,
        0.0,
        1.0
      ]
    ],
    "dcmmeta_shape": [
      104,
      104,
      60,
      515
    ],
    "dcmmeta_slice_dim": 2,
    "dcmmeta_version": 0.6,
    "global": {
      "const": {
        "AcquisitionMatrix": [
          104,
          0,
          0,
          104
        ],
        "AngioFlag": "N",
        "BitsAllocated": 16,
        "BitsStored": 16,
        "BodyPartExamined": "BRAIN",
        "Columns": 832,
        "EchoNumbers": 1,
        "EchoTime": 37.0,
        "EchoTrainLength": 104,
        "FlipAngle": 52.0,
        "HighBit": 15,
        "ImageOrientationPatient": [
          0.99972334910725,
          -0.0235203140011,
          0.00014170066428,
          0.02251227836082,
          0.95509723341038,
          -0.2954360710117
        ],
        "ImagePositionPatient": [
          -851.28244599936,
          -792.48181941251,
          214.89114438529
        ],
        "ImageType": [
          "ORIGINAL",
          "PRIMARY",
          "M",
          "MB",
          "ND",
          "MOSAIC"
        ],
        "ImagedNucleus": "1H",
        "ImagingFrequency": 123.259148,
        "InPlanePhaseEncodingDirection": "COL",
        "MRAcquisitionType": "2D",
        "MagneticFieldStrength": 3.0,
        "Manufacturer": "SIEMENS",
        "ManufacturerModelName": "Prisma_fit",
        "Modality": "MR",
        "NumberOfAverages": 1.0,
        "NumberOfPhaseEncodingSteps": 104,
        "PercentPhaseFieldOfView": 100.0,
        "PercentSampling": 100.0,
        "PerformedProcedureStepStartTime": "190543.327000",
        "PhotometricInterpretation": "MONOCHROME2",
        "PixelBandwidth": 2290.0,
        "PixelRepresentation": 0,
        "PixelSpacing": [
          2.0,
          2.0
        ],
        "ProtocolName": "func_task-s01e24b",
        "RepetitionTime": 1490.0,
        "Rows": 832,
        "SAR": 0.03075033897939,
        "SamplesPerPixel": 1,
        "ScanOptions": "FS",
        "ScanningSequence": "EP",
        "SequenceName": "epfid2d1_104",
        "SequenceVariant": [
          "SK",
          "SS"
        ],
        "SeriesDescription": "func_task-s01e24b",
        "SeriesNumber": 22,
        "SeriesTime": "195628.057000",
        "SliceLocation": -34.566667753147,
        "SliceThickness": 2.0,
        "SmallestImagePixelValue": 0,
        "SoftwareVersions": "syngo MR E11",
        "SpacingBetweenSlices": 1.999999993108,
        "SpecificCharacterSet": "ISO_IR 100",
        "StudyID": "1",
        "StudyTime": "190543.255000",
        "TransmitCoilName": "Body",
        "VariableFlipAngleFlag": "N",
        "WindowCenterWidthExplanation": "Algo1",
        "dBdt": 0.0
      },
