{
  "aor": 0.0025044805194805197,
  "aqi": 0.008492961796536797,
  "bids_meta": {
    "AcquisitionMatrixPE": 104,
    "AcquisitionNumber": 1,
    "AcquisitionTime": "17:31:49.047500",
    "BandwidthPerPixelPhaseEncode": 17.17,
    "BaseResolution": 104,
    "BodyPartExamined": "BRAIN",
    "CogAtlasID": "https://cognitiveatlas.org/task/id/trm_4c898da401420",
    "CoilString": "HC1-7;NC1_2",
    "ConsistencyInfo": "N4_VE11C_LATEST_20160120",
    "ConversionSoftware": "dcm2niix",
    "ConversionSoftwareVersion": "v1.0.20200427",
    "DerivedVendorReportedEchoSpacing": 0.000560011,
    "DeviceSerialNumber": "167006",
    "DwellTime": 2.1e-06,
    "EchoTime": 0.037,
    "EchoTrainLength": 104,
    "EffectiveEchoSpacing": 0.000560011,
    "FlipAngle": 52,
    "ImageComments": "Unaliased_MB4_PE3_LB",
    "ImageOrientationPatientDICOM": [
      0.998311,
      0.054983,
      0.0187484,
      -0.0470791,
      0.954838,
      -0.293373
    ],
    "ImageType": [
      "ORIGINAL",
      "PRIMARY",
      "M",
      "MB",
      "ND",
      "MOSAIC"
    ],
    "ImagingFrequency": 123.259,
    "InPlanePhaseEncodingDirectionDICOM": "COL",
    "InstitutionAddress": "Chemin_Queen-Mary_4565_Montreal_District_CA_H3W_1W5",
    "InstitutionName": "IUGM",
    "InstitutionalDepartmentName": "Department",
    "MRAcquisitionType": "2D",
    "MagneticFieldStrength": 3,
    "Manufacturer": "Siemens",
    "ManufacturersModelName": "Prisma_fit",
    "Modality": "MR",
    "MultibandAccelerationFactor": 4,
    "PartialFourier": 1,
    "PatientPosition": "HFS",
    "PercentPhaseFOV": 100,
    "PercentSampling": 100,
    "PhaseEncodingDirection": "j",
    "PhaseEncodingSteps": 104,
    "PhaseResolution": 1,
    "PixelBandwidth": 2290,
    "ProcedureStepDescription": "video_friends",
    "ProtocolName": "func_task-friends-s01e23a",
    "PulseSequenceDetails": "%CustomerSeq%_cmrr_mbep2d_bold",
    "ReceiveCoilActiveElements": "HC1-7;NC1,2",
    "ReceiveCoilName": "HeadNeck_64",
    "ReconMatrixPE": 104,
    "RepetitionTime": 1.49,
    "SAR": 0.0386612,
    "ScanOptions": "FS",
    "ScanningSequence": "EP",
    "SequenceName": "epfid2d1_104",
    "SequenceVariant": "SK_SS",
    "SeriesDescription": "func_task-friends-s01e23a",
    "SeriesNumber": 9,
    "ShimSetting": [
      639,
      -7207,
      -8816,
      675,
      93,
      -34,
      50,
      -16
    ],
    "SliceThickness": 2,
    "SliceTiming": [
      0,
      0.7825,
      0.0975,
      0.88,
      0.195,
      0.98,
      0.2925,
      1.0775,
      0.3925,
      1.175,
      0.49,
      1.2725,
      0.5875,
      1.37,
      0.685,
      0,
      0.7825,
      0.0975,
      0.88,
      0.195,
      0.98,
      0.2925,
      1.0775,
      0.3925,
      1.175,
      0.49,
      1.2725,
      0.5875,
      1.37,
      0.685,
      0,
      0.7825,
      0.0975,
      0.88,
      0.195,
      0.98,
      0.2925,
      1.0775,
      0.3925,
      1.175,
      0.49,
      1.2725,
      0.5875,
      1.37,
      0.685,
      0,
      0.7825,
      0.0975,
      0.88,
      0.195,
      0.98,
      0.2925,
      1.0775,
      0.3925,
      1.175,
      0.49,
      1.2725,
      0.5875,
      1.37,
      0.685
    ],
    "SoftwareVersions": "syngo_MR_E11",
    "SpacingBetweenSlices": 2,
    "StationName": "MRC35049",
    "TaskName": "s01e23a",
    "TotalReadoutTime": 0.0576811,
    "TxRefAmp": 249.347,
    "WipMemBlock": "0bf3a822-c7e1-4690-844c-09f9aeb5a5c9||Sequence: R016 ve11c/master r/e634e98; Dec 19 2017 11:00:25 by eja",
    "dataset": "<unset>",
    "modality": "bold",
    "session_id": "010",
    "subject_id": "01",
    "task_id": "s01e23a"
  },
  "dummy_trs": 0,
  "dvars_nstd": 37.48954705082427,
  "dvars_std": 1.0710689788503256,
  "dvars_vstd": 1.0302546361605205,
  "efc": 0.5924241630615045,
  "fber": 207.2664337158203,
  "fd_mean": 0.12952732197109215,
  "fd_num": 62,
  "fd_perc": 13.41991341991342,
  "fwhm_avg": 2.5794983333333334,
  "fwhm_x": 2.47523,
  "fwhm_y": 2.60564,
  "fwhm_z": 2.657625,
  "gcor": 0.00969549,
  "gsr_x": 0.003529918845742941,
  "gsr_y": 0.06194038316607475,
  "provenance": {
    "md5sum": "8acdaf9159036f786d8d1749aa7a69f1",
    "settings": {
      "fd_thres": 0.2,
      "testing": false
    },
    "software": "mriqc",
    "version": "22.0.1",
    "webapi_port": null,
    "webapi_url": "https://mriqc.nimh.nih.gov/api/v1"
  },
  "size_t": 462,
  "size_x": 104,
  "size_y": 104,
  "size_z": 60,
  "snr": 2.5834264318458073,
  "spacing_tr": 1.4900000095367432,
  "spacing_x": 2.0,
  "spacing_y": 2.0,
  "spacing_z": 2.0,
  "summary_bg_k": 17.97651648991121,
  "summary_bg_mad": 144.6527133030172,
  "summary_bg_mean": 1164.6627197265625,
  "summary_bg_median": 650.2241821289062,
  "summary_bg_n": 409831.0,
  "summary_bg_p05": 514.1903991699219,
  "summary_bg_p95": 3990.4993896484375,
  "summary_bg_stdv": 1365.215576171875,
  "summary_fg_k": 2.0291071371410396,
  "summary_fg_mad": 3349.2472766675087,
  "summary_fg_mean": 10099.4736328125,
  "summary_fg_median": 9522.822265625,
  "summary_fg_n": 144158.0,
  "summary_fg_p05": 5256.50673828125,
  "summary_fg_p95": 16875.314160156246,
  "summary_fg_stdv": 3686.108154296875,
  "tsnr": 32.94293975830078
}